RESTRICTION: || (== net472) (== net6.0)
NUGET
  remote: https://api.nuget.org/v3/index.json
    AspNetCore.HealthChecks.SqlServer (6.0.2)
      Microsoft.Data.SqlClient (>= 3.0.1)
      Microsoft.Extensions.Diagnostics.HealthChecks (>= 6.0)
    Autofac (6.4) - restriction: || (&& (== net472) (>= net6.0)) (== net6.0)
      System.Diagnostics.DiagnosticSource (>= 4.7.1)
    Autofac.Extensions.DependencyInjection (8.0) - restriction: || (&& (== net472) (>= net6.0)) (== net6.0)
      Autofac (>= 6.4)
      Microsoft.Extensions.DependencyInjection.Abstractions (>= 6.0)
    AutoFixture (4.17)
      Fare (>= 2.1.1 < 3.0)
      System.ComponentModel.Annotations (>= 4.3) - restriction: || (&& (== net472) (< net452)) (== net6.0)
    AutoFixture.Xunit2 (4.17)
      AutoFixture (>= 4.17)
      xunit.extensibility.core (>= 2.0 < 3.0) - restriction: || (== net472) (&& (== net6.0) (>= net452))
      xunit.extensibility.core (>= 2.2 < 3.0) - restriction: || (&& (== net472) (< net452)) (== net6.0)
    AWSSDK.Core (3.7.10.11) - restriction: || (&& (== net472) (>= net6.0)) (== net6.0)
    AWSSDK.DynamoDBv2 (3.7.3.26) - restriction: || (&& (== net472) (>= net6.0)) (== net6.0)
      AWSSDK.Core (>= 3.7.10.11 < 4.0)
    AWSSDK.S3 (3.7.8.11) - restriction: || (&& (== net472) (>= net5.0)) (== net6.0)
      AWSSDK.Core (>= 3.7.9.1 < 4.0)
    Azure.Core (1.25) - restriction: || (&& (== net472) (>= net6.0)) (== net6.0)
      Microsoft.Bcl.AsyncInterfaces (>= 1.1.1)
      System.Diagnostics.DiagnosticSource (>= 4.6)
      System.Memory.Data (>= 1.0.2)
      System.Numerics.Vectors (>= 4.5)
      System.Text.Encodings.Web (>= 4.7.2)
      System.Text.Json (>= 4.7.2)
      System.Threading.Tasks.Extensions (>= 4.5.4)
    Azure.Identity (1.6.1) - restriction: || (&& (== net472) (>= net6.0)) (== net6.0)
      Azure.Core (>= 1.25)
      Microsoft.Identity.Client (>= 4.39)
      Microsoft.Identity.Client.Extensions.Msal (>= 2.19.3)
      System.Memory (>= 4.5.4)
      System.Security.Cryptography.ProtectedData (>= 4.7)
      System.Text.Json (>= 4.7.2)
      System.Threading.Tasks.Extensions (>= 4.5.4)
    Be.Vlaanderen.Basisregisters.AggregateSource (6.2.2)
      Be.Vlaanderen.Basisregisters.Utilities.HashCodeCalculator (>= 3.0) - restriction: || (&& (== net472) (>= net6.0)) (== net6.0)
      Be.Vlaanderen.Basisregisters.Utilities.HexByteConvertor (>= 3.0) - restriction: || (&& (== net472) (>= net6.0)) (== net6.0)
      Be.Vlaanderen.Basisregisters.Utilities.ToStringBuilder (>= 3.0) - restriction: || (&& (== net472) (>= net6.0)) (== net6.0)
      Newtonsoft.Json (>= 13.0.1) - restriction: || (&& (== net472) (>= net6.0)) (== net6.0)
      NodaTime (>= 3.0.10) - restriction: || (&& (== net472) (>= net6.0)) (== net6.0)
    Be.Vlaanderen.Basisregisters.AggregateSource.ExplicitRouting (6.2.2)
      Be.Vlaanderen.Basisregisters.AggregateSource (6.2.2) - restriction: || (&& (== net472) (>= net6.0)) (== net6.0)
    Be.Vlaanderen.Basisregisters.AggregateSource.SqlStreamStore (6.2.2)
      Be.Vlaanderen.Basisregisters.AggregateSource (6.2.2) - restriction: || (&& (== net472) (>= net6.0)) (== net6.0)
      Be.Vlaanderen.Basisregisters.EventHandling (>= 4.0) - restriction: || (&& (== net472) (>= net6.0)) (== net6.0)
      SqlStreamStore (>= 1.2) - restriction: || (&& (== net472) (>= net6.0)) (== net6.0)
    Be.Vlaanderen.Basisregisters.AggregateSource.SqlStreamStore.Autofac (6.2.2)
      Autofac.Extensions.DependencyInjection (>= 7.2) - restriction: || (&& (== net472) (>= net6.0)) (== net6.0)
      Be.Vlaanderen.Basisregisters.AggregateSource (6.2.2) - restriction: || (&& (== net472) (>= net6.0)) (== net6.0)
      Be.Vlaanderen.Basisregisters.AggregateSource.SqlStreamStore (6.2.2) - restriction: || (&& (== net472) (>= net6.0)) (== net6.0)
      SqlStreamStore (>= 1.2) - restriction: || (&& (== net472) (>= net6.0)) (== net6.0)
      SqlStreamStore.MsSql (>= 1.2) - restriction: || (&& (== net472) (>= net6.0)) (== net6.0)
    Be.Vlaanderen.Basisregisters.AggregateSource.Testing (6.2.2)
      Be.Vlaanderen.Basisregisters.AggregateSource (6.2.2) - restriction: || (&& (== net472) (>= net6.0)) (== net6.0)
      CompareNETObjects (>= 4.76) - restriction: || (&& (== net472) (>= net6.0)) (== net6.0)
      Microsoft.CSharp (>= 4.7) - restriction: || (&& (== net472) (>= net6.0)) (== net6.0)
      Newtonsoft.Json (>= 13.0.1) - restriction: || (&& (== net472) (>= net6.0)) (== net6.0)
    Be.Vlaanderen.Basisregisters.AggregateSource.Testing.CommandHandling (6.2.2) - restriction: || (&& (== net472) (>= net6.0)) (== net6.0)
      Be.Vlaanderen.Basisregisters.AggregateSource.Testing (6.2.2) - restriction: || (&& (== net472) (>= net6.0)) (== net6.0)
      Be.Vlaanderen.Basisregisters.CommandHandling (6.2.2) - restriction: || (&& (== net472) (>= net6.0)) (== net6.0)
    Be.Vlaanderen.Basisregisters.AggregateSource.Testing.SqlStreamStore (6.2.2) - restriction: || (&& (== net472) (>= net6.0)) (== net6.0)
      Be.Vlaanderen.Basisregisters.AggregateSource.Testing (6.2.2) - restriction: || (&& (== net472) (>= net6.0)) (== net6.0)
      Be.Vlaanderen.Basisregisters.EventHandling (>= 4.0) - restriction: || (&& (== net472) (>= net6.0)) (== net6.0)
      SqlStreamStore (>= 1.2) - restriction: || (&& (== net472) (>= net6.0)) (== net6.0)
    Be.Vlaanderen.Basisregisters.AggregateSource.Testing.SqlStreamStore.Autofac (6.2.2)
      Autofac.Extensions.DependencyInjection (>= 7.2) - restriction: || (&& (== net472) (>= net6.0)) (== net6.0)
      Be.Vlaanderen.Basisregisters.AggregateSource.SqlStreamStore.Autofac (6.2.2) - restriction: || (&& (== net472) (>= net6.0)) (== net6.0)
      Be.Vlaanderen.Basisregisters.AggregateSource.Testing.CommandHandling (6.2.2) - restriction: || (&& (== net472) (>= net6.0)) (== net6.0)
      Be.Vlaanderen.Basisregisters.AggregateSource.Testing.SqlStreamStore (6.2.2) - restriction: || (&& (== net472) (>= net6.0)) (== net6.0)
      Be.Vlaanderen.Basisregisters.AggregateSource.Testing.Xunit (6.2.2) - restriction: || (&& (== net472) (>= net6.0)) (== net6.0)
    Be.Vlaanderen.Basisregisters.AggregateSource.Testing.Xunit (6.2.2)
      Be.Vlaanderen.Basisregisters.AggregateSource.Testing (6.2.2) - restriction: || (&& (== net472) (>= net6.0)) (== net6.0)
      Microsoft.Extensions.Logging (>= 6.0) - restriction: || (&& (== net472) (>= net6.0)) (== net6.0)
      xunit (>= 2.4.1) - restriction: || (&& (== net472) (>= net6.0)) (== net6.0)
    Be.Vlaanderen.Basisregisters.Api (18.0)
      Autofac (>= 6.3) - restriction: || (&& (== net472) (>= net6.0)) (== net6.0)
      Autofac.Extensions.DependencyInjection (>= 7.2) - restriction: || (&& (== net472) (>= net6.0)) (== net6.0)
      Be.Vlaanderen.Basisregisters.AggregateSource (>= 6.0) - restriction: || (&& (== net472) (>= net6.0)) (== net6.0)
      Be.Vlaanderen.Basisregisters.AspNetCore.Mvc.Formatters.Json (>= 4.0) - restriction: || (&& (== net472) (>= net6.0)) (== net6.0)
      Be.Vlaanderen.Basisregisters.AspNetCore.Mvc.Logging (>= 3.0) - restriction: || (&& (== net472) (>= net6.0)) (== net6.0)
      Be.Vlaanderen.Basisregisters.AspNetCore.Mvc.Middleware.AddCorrelationId (>= 3.0) - restriction: || (&& (== net472) (>= net6.0)) (== net6.0)
      Be.Vlaanderen.Basisregisters.AspNetCore.Mvc.Middleware.AddCorrelationIdToLogContext (>= 3.0) - restriction: || (&& (== net472) (>= net6.0)) (== net6.0)
      Be.Vlaanderen.Basisregisters.AspNetCore.Mvc.Middleware.AddCorrelationIdToResponse (>= 3.0) - restriction: || (&& (== net472) (>= net6.0)) (== net6.0)
      Be.Vlaanderen.Basisregisters.AspNetCore.Mvc.Middleware.AddHttpSecurityHeaders (>= 3.0) - restriction: || (&& (== net472) (>= net6.0)) (== net6.0)
      Be.Vlaanderen.Basisregisters.AspNetCore.Mvc.Middleware.AddRemoteIpAddress (>= 3.0) - restriction: || (&& (== net472) (>= net6.0)) (== net6.0)
      Be.Vlaanderen.Basisregisters.AspNetCore.Mvc.Middleware.AddVersionHeader (>= 3.0) - restriction: || (&& (== net472) (>= net6.0)) (== net6.0)
      Be.Vlaanderen.Basisregisters.AspNetCore.Mvc.Middleware.DefaultResponseCompressionQuality (>= 3.0) - restriction: || (&& (== net472) (>= net6.0)) (== net6.0)
      Be.Vlaanderen.Basisregisters.AspNetCore.Mvc.Middleware.EnableRequestRewind (>= 3.0) - restriction: || (&& (== net472) (>= net6.0)) (== net6.0)
      Be.Vlaanderen.Basisregisters.AspNetCore.Mvc.ModelBinding.GuidHeader (>= 3.0) - restriction: || (&& (== net472) (>= net6.0)) (== net6.0)
      Be.Vlaanderen.Basisregisters.AspNetCore.Swagger (>= 4.0) - restriction: || (&& (== net472) (>= net6.0)) (== net6.0)
      Be.Vlaanderen.Basisregisters.AspNetCore.Swagger.ReDoc (>= 4.0) - restriction: || (&& (== net472) (>= net6.0)) (== net6.0)
      Be.Vlaanderen.Basisregisters.Aws.DistributedMutex (>= 3.0) - restriction: || (&& (== net472) (>= net6.0)) (== net6.0)
      Be.Vlaanderen.Basisregisters.DataDog.Tracing (>= 5.0) - restriction: || (&& (== net472) (>= net6.0)) (== net6.0)
      Be.Vlaanderen.Basisregisters.DataDog.Tracing.AspNetCore (>= 5.0) - restriction: || (&& (== net472) (>= net6.0)) (== net6.0)
      Be.Vlaanderen.Basisregisters.DataDog.Tracing.Autofac (>= 5.0) - restriction: || (&& (== net472) (>= net6.0)) (== net6.0)
      Be.Vlaanderen.Basisregisters.DataDog.Tracing.Sql (>= 5.0) - restriction: || (&& (== net472) (>= net6.0)) (== net6.0)
      Be.Vlaanderen.Basisregisters.DataDog.Tracing.SqlStreamStore (>= 5.0) - restriction: || (&& (== net472) (>= net6.0)) (== net6.0)
      Be.Vlaanderen.Basisregisters.EventHandling.Autofac (>= 4.0) - restriction: || (&& (== net472) (>= net6.0)) (== net6.0)
      Be.Vlaanderen.Basisregisters.Generators.Guid.Deterministic (>= 3.0.1) - restriction: || (&& (== net472) (>= net6.0)) (== net6.0)
      Be.Vlaanderen.Basisregisters.Middleware.AddProblemJsonHeader (>= 2.0) - restriction: || (&& (== net472) (>= net6.0)) (== net6.0)
      Be.Vlaanderen.Basisregisters.ProblemDetails (>= 8.0) - restriction: || (&& (== net472) (>= net6.0)) (== net6.0)
      FluentValidation.AspNetCore (>= 10.4) - restriction: || (&& (== net472) (>= net6.0)) (== net6.0)
      Microsoft.AspNetCore.Diagnostics.EntityFrameworkCore (>= 6.0.3) - restriction: || (&& (== net472) (>= net6.0)) (== net6.0)
      Microsoft.AspNetCore.Mvc.NewtonsoftJson (>= 6.0.3) - restriction: || (&& (== net472) (>= net6.0)) (== net6.0)
      Microsoft.AspNetCore.Mvc.Versioning.ApiExplorer (>= 5.0) - restriction: || (&& (== net472) (>= net6.0)) (== net6.0)
      Microsoft.EntityFrameworkCore (>= 6.0.3) - restriction: || (&& (== net472) (>= net6.0)) (== net6.0)
      Microsoft.Extensions.Configuration (>= 6.0.1) - restriction: || (&& (== net472) (>= net6.0)) (== net6.0)
      Microsoft.Extensions.Configuration.CommandLine (>= 6.0) - restriction: || (&& (== net472) (>= net6.0)) (== net6.0)
      Microsoft.Extensions.Configuration.EnvironmentVariables (>= 6.0.1) - restriction: || (&& (== net472) (>= net6.0)) (== net6.0)
      Microsoft.Extensions.Configuration.FileExtensions (>= 6.0) - restriction: || (&& (== net472) (>= net6.0)) (== net6.0)
      Microsoft.Extensions.Configuration.Json (>= 6.0) - restriction: || (&& (== net472) (>= net6.0)) (== net6.0)
      Microsoft.Extensions.DependencyInjection (>= 6.0) - restriction: || (&& (== net472) (>= net6.0)) (== net6.0)
      Microsoft.Extensions.Diagnostics.HealthChecks.EntityFrameworkCore (>= 6.0.3) - restriction: || (&& (== net472) (>= net6.0)) (== net6.0)
      Microsoft.Extensions.Localization (>= 6.0.3) - restriction: || (&& (== net472) (>= net6.0)) (== net6.0)
      Microsoft.Extensions.Options.ConfigurationExtensions (>= 6.0) - restriction: || (&& (== net472) (>= net6.0)) (== net6.0)
      Microsoft.SyndicationFeed.ReaderWriter (>= 1.0.2) - restriction: || (&& (== net472) (>= net6.0)) (== net6.0)
      Microsoft.VisualStudio.Web.BrowserLink (>= 2.2) - restriction: || (&& (== net472) (>= net6.0)) (== net6.0)
      Newtonsoft.Json (>= 13.0.1) - restriction: || (&& (== net472) (>= net6.0)) (== net6.0)
      Polly (>= 7.2.3) - restriction: || (&& (== net472) (>= net6.0)) (== net6.0)
      Serilog (>= 2.10) - restriction: || (&& (== net472) (>= net6.0)) (== net6.0)
      Serilog.Enrichers.Environment (>= 2.2) - restriction: || (&& (== net472) (>= net6.0)) (== net6.0)
      Serilog.Enrichers.Thread (>= 3.1) - restriction: || (&& (== net472) (>= net6.0)) (== net6.0)
      Serilog.Extensions.Logging (>= 3.1) - restriction: || (&& (== net472) (>= net6.0)) (== net6.0)
      Serilog.Formatting.Compact (>= 1.1) - restriction: || (&& (== net472) (>= net6.0)) (== net6.0)
      Serilog.Settings.Configuration (>= 3.3) - restriction: || (&& (== net472) (>= net6.0)) (== net6.0)
      Serilog.Sinks.Console (>= 4.0.1) - restriction: || (&& (== net472) (>= net6.0)) (== net6.0)
      Serilog.Sinks.File (>= 5.0) - restriction: || (&& (== net472) (>= net6.0)) (== net6.0)
      SqlStreamStore (>= 1.2) - restriction: || (&& (== net472) (>= net6.0)) (== net6.0)
      SqlStreamStore.MsSql (>= 1.2) - restriction: || (&& (== net472) (>= net6.0)) (== net6.0)
      System.Text.Encoding.CodePages (>= 6.0) - restriction: || (&& (== net472) (>= net6.0)) (== net6.0)
    Be.Vlaanderen.Basisregisters.AspNetCore.Mvc.Formatters.Json (4.0) - restriction: || (&& (== net472) (>= net6.0)) (== net6.0)
      Be.Vlaanderen.Basisregisters.Converters.TrimString (>= 3.0) - restriction: || (&& (== net472) (>= net6.0)) (== net6.0)
      Be.Vlaanderen.Basisregisters.Utilities.Rfc3339DateTimeOffset (>= 3.0) - restriction: || (&& (== net472) (>= net6.0)) (== net6.0)
      Newtonsoft.Json (>= 13.0.1) - restriction: || (&& (== net472) (>= net6.0)) (== net6.0)
      NodaTime.Serialization.JsonNet (>= 3.0) - restriction: || (&& (== net472) (>= net6.0)) (== net6.0)
    Be.Vlaanderen.Basisregisters.AspNetCore.Mvc.Logging (3.0) - restriction: || (&& (== net472) (>= net6.0)) (== net6.0)
      Newtonsoft.Json (>= 13.0.1) - restriction: || (&& (== net472) (>= net6.0)) (== net6.0)
    Be.Vlaanderen.Basisregisters.AspNetCore.Mvc.Middleware.AddCorrelationId (3.0) - restriction: || (&& (== net472) (>= net6.0)) (== net6.0)
    Be.Vlaanderen.Basisregisters.AspNetCore.Mvc.Middleware.AddCorrelationIdToLogContext (3.0) - restriction: || (&& (== net472) (>= net6.0)) (== net6.0)
      Serilog (>= 2.10) - restriction: || (&& (== net472) (>= net6.0)) (== net6.0)
    Be.Vlaanderen.Basisregisters.AspNetCore.Mvc.Middleware.AddCorrelationIdToResponse (3.0) - restriction: || (&& (== net472) (>= net6.0)) (== net6.0)
    Be.Vlaanderen.Basisregisters.AspNetCore.Mvc.Middleware.AddHttpSecurityHeaders (3.0) - restriction: || (&& (== net472) (>= net6.0)) (== net6.0)
    Be.Vlaanderen.Basisregisters.AspNetCore.Mvc.Middleware.AddRemoteIpAddress (3.0) - restriction: || (&& (== net472) (>= net6.0)) (== net6.0)
    Be.Vlaanderen.Basisregisters.AspNetCore.Mvc.Middleware.AddVersionHeader (3.0) - restriction: || (&& (== net472) (>= net6.0)) (== net6.0)
    Be.Vlaanderen.Basisregisters.AspNetCore.Mvc.Middleware.DefaultResponseCompressionQuality (3.0) - restriction: || (&& (== net472) (>= net6.0)) (== net6.0)
    Be.Vlaanderen.Basisregisters.AspNetCore.Mvc.Middleware.EnableRequestRewind (3.0) - restriction: || (&& (== net472) (>= net6.0)) (== net6.0)
    Be.Vlaanderen.Basisregisters.AspNetCore.Mvc.ModelBinding.GuidHeader (3.0) - restriction: || (&& (== net472) (>= net6.0)) (== net6.0)
    Be.Vlaanderen.Basisregisters.AspNetCore.Swagger (4.0.1) - restriction: || (&& (== net472) (>= net6.0)) (== net6.0)
      Microsoft.AspNetCore.Mvc.Versioning.ApiExplorer (>= 5.0) - restriction: || (&& (== net472) (>= net6.0)) (== net6.0)
      Microsoft.Extensions.FileProviders.Embedded (>= 6.0.3) - restriction: || (&& (== net472) (>= net6.0)) (== net6.0)
      Microsoft.Extensions.Localization.Abstractions (>= 6.0.3) - restriction: || (&& (== net472) (>= net6.0)) (== net6.0)
      Microsoft.OpenApi (>= 1.2.3) - restriction: || (&& (== net472) (>= net6.0)) (== net6.0)
      Newtonsoft.Json (>= 13.0.1) - restriction: || (&& (== net472) (>= net6.0)) (== net6.0)
      NJsonSchema (>= 10.6.10) - restriction: || (&& (== net472) (>= net6.0)) (== net6.0)
      NJsonSchema.CodeGeneration.CSharp (>= 10.6.10) - restriction: || (&& (== net472) (>= net6.0)) (== net6.0)
      NJsonSchema.CodeGeneration.TypeScript (>= 10.6.10) - restriction: || (&& (== net472) (>= net6.0)) (== net6.0)
      NSwag.CodeGeneration.CSharp (>= 13.15.10) - restriction: || (&& (== net472) (>= net6.0)) (== net6.0)
      NSwag.CodeGeneration.TypeScript (>= 13.15.10) - restriction: || (&& (== net472) (>= net6.0)) (== net6.0)
      Swashbuckle.AspNetCore (6.2.3) - restriction: || (&& (== net472) (>= net6.0)) (== net6.0)
      Swashbuckle.AspNetCore.Annotations (6.2.3) - restriction: || (&& (== net472) (>= net6.0)) (== net6.0)
      Swashbuckle.AspNetCore.Filters (6.0.1) - restriction: || (&& (== net472) (>= net6.0)) (== net6.0)
      Swashbuckle.AspNetCore.Newtonsoft (6.2.3) - restriction: || (&& (== net472) (>= net6.0)) (== net6.0)
    Be.Vlaanderen.Basisregisters.AspNetCore.Swagger.ReDoc (4.0.1) - restriction: || (&& (== net472) (>= net6.0)) (== net6.0)
      Be.Vlaanderen.Basisregisters.AspNetCore.Swagger (4.0.1) - restriction: || (&& (== net472) (>= net6.0)) (== net6.0)
      Microsoft.AspNetCore.Mvc.Versioning.ApiExplorer (>= 5.0) - restriction: || (&& (== net472) (>= net6.0)) (== net6.0)
      Microsoft.Extensions.FileProviders.Embedded (>= 6.0.3) - restriction: || (&& (== net472) (>= net6.0)) (== net6.0)
      Microsoft.Extensions.Localization.Abstractions (>= 6.0.3) - restriction: || (&& (== net472) (>= net6.0)) (== net6.0)
      Newtonsoft.Json (>= 13.0.1) - restriction: || (&& (== net472) (>= net6.0)) (== net6.0)
      NSwag.CodeGeneration.CSharp (>= 13.15.10) - restriction: || (&& (== net472) (>= net6.0)) (== net6.0)
      NSwag.CodeGeneration.TypeScript (>= 13.15.10) - restriction: || (&& (== net472) (>= net6.0)) (== net6.0)
      Swashbuckle.AspNetCore (6.2.3) - restriction: || (&& (== net472) (>= net6.0)) (== net6.0)
    Be.Vlaanderen.Basisregisters.Aws.DistributedMutex (3.0)
      AWSSDK.DynamoDBv2 (>= 3.7.3.14) - restriction: || (&& (== net472) (>= net6.0)) (== net6.0)
      Microsoft.Extensions.Logging (>= 6.0) - restriction: || (&& (== net472) (>= net6.0)) (== net6.0)
    Be.Vlaanderen.Basisregisters.BlobStore (2.2.12)
      AWSSDK.S3 (>= 3.7.0.31) - restriction: || (&& (== net472) (>= net5.0)) (== net6.0)
      Microsoft.Data.SqlClient (>= 2.1.3) - restriction: || (&& (== net472) (>= net5.0)) (== net6.0)
      System.Collections.Immutable (>= 5.0) - restriction: || (&& (== net472) (>= net5.0)) (== net6.0)
    Be.Vlaanderen.Basisregisters.Build.Pipeline (6.0.4)
      Fake.Core.Environment (>= 5.22)
      Fake.Core.Process (>= 5.22)
      Fake.Core.Target (>= 5.22)
      Fake.DotNet.AssemblyInfoFile (>= 5.22)
      Fake.DotNet.Cli (>= 5.22)
      Fake.DotNet.Paket (>= 5.22)
      Fake.IO.FileSystem (>= 5.22)
      Fake.JavaScript.Npm (>= 5.22)
      Newtonsoft.Json (>= 13.0.1)
    Be.Vlaanderen.Basisregisters.CommandHandling (6.2.2)
    Be.Vlaanderen.Basisregisters.CommandHandling.Idempotency (6.2.2)
      Autofac.Extensions.DependencyInjection (>= 7.2) - restriction: || (&& (== net472) (>= net6.0)) (== net6.0)
      Be.Vlaanderen.Basisregisters.Converters.Timestamp (>= 3.0) - restriction: || (&& (== net472) (>= net6.0)) (== net6.0)
      Microsoft.Data.SqlClient (>= 4.1) - restriction: || (&& (== net472) (>= net6.0)) (== net6.0)
      Microsoft.EntityFrameworkCore.SqlServer (>= 6.0.3) - restriction: || (&& (== net472) (>= net6.0)) (== net6.0)
      Microsoft.Extensions.Configuration (>= 6.0.1) - restriction: || (&& (== net472) (>= net6.0)) (== net6.0)
      Microsoft.Extensions.Options.ConfigurationExtensions (>= 6.0) - restriction: || (&& (== net472) (>= net6.0)) (== net6.0)
      Newtonsoft.Json (>= 13.0.1) - restriction: || (&& (== net472) (>= net6.0)) (== net6.0)
    Be.Vlaanderen.Basisregisters.CommandHandling.SqlStreamStore (6.2.2)
      Be.Vlaanderen.Basisregisters.AggregateSource (6.2.2) - restriction: || (&& (== net472) (>= net6.0)) (== net6.0)
      Be.Vlaanderen.Basisregisters.CommandHandling (6.2.2) - restriction: || (&& (== net472) (>= net6.0)) (== net6.0)
      Be.Vlaanderen.Basisregisters.EventHandling (>= 4.0) - restriction: || (&& (== net472) (>= net6.0)) (== net6.0)
      Be.Vlaanderen.Basisregisters.Generators.Guid.Deterministic (>= 3.0.1) - restriction: || (&& (== net472) (>= net6.0)) (== net6.0)
      SqlStreamStore (>= 1.2) - restriction: || (&& (== net472) (>= net6.0)) (== net6.0)
    Be.Vlaanderen.Basisregisters.Converters.Timestamp (3.0) - restriction: || (&& (== net472) (>= net6.0)) (== net6.0)
      Newtonsoft.Json (>= 13.0.1) - restriction: || (&& (== net472) (>= net6.0)) (== net6.0)
    Be.Vlaanderen.Basisregisters.Converters.TrimString (3.0) - restriction: || (&& (== net472) (>= net6.0)) (== net6.0)
      Newtonsoft.Json (>= 13.0.1) - restriction: || (&& (== net472) (>= net6.0)) (== net6.0)
    Be.Vlaanderen.Basisregisters.DataDog.Tracing (5.0) - restriction: || (&& (== net472) (>= net6.0)) (== net6.0)
      Microsoft.Extensions.Logging.Abstractions (>= 6.0.1) - restriction: || (&& (== net472) (>= net6.0)) (== net6.0)
      Newtonsoft.Json (>= 13.0.1) - restriction: || (&& (== net472) (>= net6.0)) (== net6.0)
      System.Reactive (>= 5.0) - restriction: || (&& (== net472) (>= net6.0)) (== net6.0)
      System.Reflection (>= 4.3) - restriction: || (&& (== net472) (>= net6.0)) (== net6.0)
      System.Threading.Tasks.Dataflow (>= 6.0) - restriction: || (&& (== net472) (>= net6.0)) (== net6.0)
    Be.Vlaanderen.Basisregisters.DataDog.Tracing.AspNetCore (5.0) - restriction: || (&& (== net472) (>= net6.0)) (== net6.0)
      Be.Vlaanderen.Basisregisters.DataDog.Tracing (5.0) - restriction: || (&& (== net472) (>= net6.0)) (== net6.0)
      Serilog (>= 2.10) - restriction: || (&& (== net472) (>= net6.0)) (== net6.0)
    Be.Vlaanderen.Basisregisters.DataDog.Tracing.Autofac (5.0)
      Autofac.Extensions.DependencyInjection (>= 7.2) - restriction: || (&& (== net472) (>= net6.0)) (== net6.0)
      Be.Vlaanderen.Basisregisters.DataDog.Tracing (5.0) - restriction: || (&& (== net472) (>= net6.0)) (== net6.0)
      Microsoft.Extensions.Configuration (>= 6.0.1) - restriction: || (&& (== net472) (>= net6.0)) (== net6.0)
    Be.Vlaanderen.Basisregisters.DataDog.Tracing.Sql (5.0)
      Be.Vlaanderen.Basisregisters.DataDog.Tracing (5.0) - restriction: || (&& (== net472) (>= net6.0)) (== net6.0)
      System.Data.Common (>= 4.3) - restriction: || (&& (== net472) (>= net6.0)) (== net6.0)
    Be.Vlaanderen.Basisregisters.DataDog.Tracing.SqlStreamStore (5.0)
      Autofac (>= 6.3) - restriction: || (&& (== net472) (>= net6.0)) (== net6.0)
      Be.Vlaanderen.Basisregisters.DataDog.Tracing (5.0) - restriction: || (&& (== net472) (>= net6.0)) (== net6.0)
      SqlStreamStore.MsSql (>= 1.2) - restriction: || (&& (== net472) (>= net6.0)) (== net6.0)
      System.Data.Common (>= 4.3) - restriction: || (&& (== net472) (>= net6.0)) (== net6.0)
    Be.Vlaanderen.Basisregisters.EntityFrameworkCore.EntityTypeConfiguration (3.0) - restriction: || (&& (== net472) (>= net6.0)) (== net6.0)
      Microsoft.EntityFrameworkCore (>= 6.0.3) - restriction: || (&& (== net472) (>= net6.0)) (== net6.0)
    Be.Vlaanderen.Basisregisters.EventHandling (4.0)
      Be.Vlaanderen.Basisregisters.Converters.TrimString (>= 3.0) - restriction: || (&& (== net472) (>= net6.0)) (== net6.0)
      Newtonsoft.Json (>= 13.0.1) - restriction: || (&& (== net472) (>= net6.0)) (== net6.0)
      NodaTime.Serialization.JsonNet (>= 3.0) - restriction: || (&& (== net472) (>= net6.0)) (== net6.0)
    Be.Vlaanderen.Basisregisters.EventHandling.Autofac (4.0)
      Autofac.Extensions.DependencyInjection (>= 7.2) - restriction: || (&& (== net472) (>= net6.0)) (== net6.0)
      Be.Vlaanderen.Basisregisters.EventHandling (4.0) - restriction: || (&& (== net472) (>= net6.0)) (== net6.0)
    Be.Vlaanderen.Basisregisters.Generators.Guid.Deterministic (3.0.1) - restriction: || (&& (== net472) (>= net6.0)) (== net6.0)
    Be.Vlaanderen.Basisregisters.Middleware.AddProblemJsonHeader (2.0) - restriction: || (&& (== net472) (>= net6.0)) (== net6.0)
    Be.Vlaanderen.Basisregisters.ProblemDetails (8.0.1) - restriction: || (&& (== net472) (>= net6.0)) (== net6.0)
      System.Reflection.Metadata (>= 6.0.1) - restriction: || (&& (== net472) (>= net6.0)) (== net6.0)
    Be.Vlaanderen.Basisregisters.ProjectionHandling.Connector (10.0.1)
      Microsoft.EntityFrameworkCore (>= 6.0.3) - restriction: || (&& (== net472) (>= net6.0)) (== net6.0)
    Be.Vlaanderen.Basisregisters.ProjectionHandling.Connector.Testing (10.0.1)
      Be.Vlaanderen.Basisregisters.ProjectionHandling.Connector (10.0.1) - restriction: || (&& (== net472) (>= net6.0)) (== net6.0)
    Be.Vlaanderen.Basisregisters.ProjectionHandling.LastChangedList (10.0.1)
      Autofac.Extensions.DependencyInjection (>= 7.2) - restriction: || (&& (== net472) (>= net6.0)) (== net6.0)
      Be.Vlaanderen.Basisregisters.AggregateSource.SqlStreamStore.Autofac (>= 6.0) - restriction: || (&& (== net472) (>= net6.0)) (== net6.0)
      Be.Vlaanderen.Basisregisters.DataDog.Tracing.Sql (>= 5.0) - restriction: || (&& (== net472) (>= net6.0)) (== net6.0)
      Be.Vlaanderen.Basisregisters.ProjectionHandling.Runner (10.0.1) - restriction: || (&& (== net472) (>= net6.0)) (== net6.0)
      Be.Vlaanderen.Basisregisters.ProjectionHandling.SqlStreamStore.Autofac (10.0.1) - restriction: || (&& (== net472) (>= net6.0)) (== net6.0)
      Microsoft.EntityFrameworkCore.SqlServer (>= 6.0.3) - restriction: || (&& (== net472) (>= net6.0)) (== net6.0)
      Microsoft.Extensions.DependencyInjection (>= 6.0) - restriction: || (&& (== net472) (>= net6.0)) (== net6.0)
      Polly (>= 7.2.3) - restriction: || (&& (== net472) (>= net6.0)) (== net6.0)
      SqlStreamStore.MsSql (>= 1.2) - restriction: || (&& (== net472) (>= net6.0)) (== net6.0)
    Be.Vlaanderen.Basisregisters.ProjectionHandling.Runner (10.0.1)
      Autofac.Extensions.DependencyInjection (>= 7.2) - restriction: || (&& (== net472) (>= net6.0)) (== net6.0)
      Be.Vlaanderen.Basisregisters.EntityFrameworkCore.EntityTypeConfiguration (>= 3.0) - restriction: || (&& (== net472) (>= net6.0)) (== net6.0)
      Be.Vlaanderen.Basisregisters.ProjectionHandling.Connector (10.0.1) - restriction: || (&& (== net472) (>= net6.0)) (== net6.0)
      Be.Vlaanderen.Basisregisters.ProjectionHandling.SqlStreamStore (10.0.1) - restriction: || (&& (== net472) (>= net6.0)) (== net6.0)
      Microsoft.EntityFrameworkCore.InMemory (>= 6.0.3) - restriction: || (&& (== net472) (>= net6.0)) (== net6.0)
      Microsoft.EntityFrameworkCore.SqlServer (>= 6.0.3) - restriction: || (&& (== net472) (>= net6.0)) (== net6.0)
      Microsoft.Extensions.Configuration (>= 6.0.1) - restriction: || (&& (== net472) (>= net6.0)) (== net6.0)
      Microsoft.Extensions.Configuration.CommandLine (>= 6.0) - restriction: || (&& (== net472) (>= net6.0)) (== net6.0)
      Microsoft.Extensions.Configuration.EnvironmentVariables (>= 6.0.1) - restriction: || (&& (== net472) (>= net6.0)) (== net6.0)
      Microsoft.Extensions.Configuration.FileExtensions (>= 6.0) - restriction: || (&& (== net472) (>= net6.0)) (== net6.0)
      Microsoft.Extensions.Configuration.Json (>= 6.0) - restriction: || (&& (== net472) (>= net6.0)) (== net6.0)
      SqlStreamStore (>= 1.2) - restriction: || (&& (== net472) (>= net6.0)) (== net6.0)
    Be.Vlaanderen.Basisregisters.ProjectionHandling.SqlStreamStore (10.0.1)
      Be.Vlaanderen.Basisregisters.EventHandling (>= 4.0) - restriction: || (&& (== net472) (>= net6.0)) (== net6.0)
      SqlStreamStore (>= 1.2) - restriction: || (&& (== net472) (>= net6.0)) (== net6.0)
    Be.Vlaanderen.Basisregisters.ProjectionHandling.SqlStreamStore.Autofac (10.0.1)
      Autofac.Extensions.DependencyInjection (>= 7.2) - restriction: || (&& (== net472) (>= net6.0)) (== net6.0)
      Be.Vlaanderen.Basisregisters.ProjectionHandling.SqlStreamStore (10.0.1) - restriction: || (&& (== net472) (>= net6.0)) (== net6.0)
    Be.Vlaanderen.Basisregisters.Projector (12.0)
      Autofac (>= 6.3) - restriction: || (&& (== net472) (>= net6.0)) (== net6.0)
      Autofac.Extensions.DependencyInjection (>= 7.2) - restriction: || (&& (== net472) (>= net6.0)) (== net6.0)
      Be.Vlaanderen.Basisregisters.ProjectionHandling.Connector (>= 10.0.1) - restriction: || (&& (== net472) (>= net6.0)) (== net6.0)
      Be.Vlaanderen.Basisregisters.ProjectionHandling.Runner (>= 10.0.1) - restriction: || (&& (== net472) (>= net6.0)) (== net6.0)
      Dapper (>= 2.0.123) - restriction: || (&& (== net472) (>= net6.0)) (== net6.0)
      Microsoft.Data.SqlClient (>= 4.1) - restriction: || (&& (== net472) (>= net6.0)) (== net6.0)
      Polly (>= 7.2.3) - restriction: || (&& (== net472) (>= net6.0)) (== net6.0)
      System.Threading.Tasks.Dataflow (>= 6.0) - restriction: || (&& (== net472) (>= net6.0)) (== net6.0)
    Be.Vlaanderen.Basisregisters.Testing.Infrastructure.Events (3.0) - copy_local: true, copy_content_to_output_dir: always, content: true
      Be.Vlaanderen.Basisregisters.AggregateSource (>= 6.0) - restriction: || (&& (== net472) (>= net6.0)) (== net6.0)
      Be.Vlaanderen.Basisregisters.EventHandling (>= 4.0) - restriction: || (&& (== net472) (>= net6.0)) (== net6.0)
      FluentAssertions (>= 6.5.1) - restriction: || (&& (== net472) (>= net6.0)) (== net6.0)
      Newtonsoft.Json (>= 13.0.1) - restriction: || (&& (== net472) (>= net6.0)) (== net6.0)
      xunit (>= 2.4.1) - restriction: || (&& (== net472) (>= net6.0)) (== net6.0)
    Be.Vlaanderen.Basisregisters.Utilities.HashCodeCalculator (3.0) - restriction: || (&& (== net472) (>= net6.0)) (== net6.0)
    Be.Vlaanderen.Basisregisters.Utilities.HexByteConvertor (3.0) - restriction: || (&& (== net472) (>= net6.0)) (== net6.0)
    Be.Vlaanderen.Basisregisters.Utilities.Rfc3339DateTimeOffset (3.0) - restriction: || (&& (== net472) (>= net6.0)) (== net6.0)
      Newtonsoft.Json (>= 13.0.1) - restriction: || (&& (== net472) (>= net6.0)) (== net6.0)
    Be.Vlaanderen.Basisregisters.Utilities.ToStringBuilder (3.0) - restriction: || (&& (== net472) (>= net6.0)) (== net6.0)
    BlackFox.VsWhere (1.1)
      FSharp.Core (>= 4.0.0.1) - restriction: || (== net472) (&& (== net6.0) (>= net45))
      FSharp.Core (>= 4.2.3) - restriction: || (&& (== net472) (< net45)) (== net6.0)
      Microsoft.Win32.Registry (>= 4.7) - restriction: || (&& (== net472) (< net45)) (== net6.0)
    Castle.Core (5.1)
      System.Diagnostics.EventLog (>= 6.0) - restriction: || (&& (== net472) (>= net6.0)) (== net6.0)
    CompareNETObjects (4.77) - restriction: || (&& (== net472) (>= net6.0)) (== net6.0)
      Microsoft.CSharp (>= 4.7) - restriction: || (&& (== net472) (>= netstandard2.1)) (== net6.0)
    Dapper (2.0.123) - restriction: || (&& (== net472) (>= net6.0)) (== net6.0)
    Destructurama.JsonNet (2.0)
      Newtonsoft.Json (>= 10.0.3)
      Serilog (>= 2.5)
    Docker.DotNet (3.125.12)
      Newtonsoft.Json (>= 13.0.1)
      System.Buffers (>= 4.5.1)
      System.Threading.Tasks.Extensions (>= 4.5.4)
    Docker.DotNet.X509 (3.125.12)
      Docker.DotNet (>= 3.125.12)
    Elasticsearch.Net (7.17.4)
      Microsoft.CSharp (>= 4.6)
      System.Buffers (>= 4.5.1)
      System.Diagnostics.DiagnosticSource (>= 5.0)
      System.Memory (>= 4.5.4) - restriction: || (== net472) (&& (== net6.0) (>= net461)) (&& (== net6.0) (< netstandard2.1))
    EntityFramework (6.4.4)
      Microsoft.CSharp (>= 4.7) - restriction: || (&& (== net472) (>= netstandard2.1)) (== net6.0)
      System.CodeDom (>= 4.7) - restriction: || (&& (== net472) (>= netstandard2.1)) (== net6.0)
      System.ComponentModel.Annotations (>= 4.7) - restriction: || (&& (== net472) (>= netstandard2.1)) (== net6.0)
      System.Configuration.ConfigurationManager (>= 4.7) - restriction: || (&& (== net472) (>= netstandard2.1)) (== net6.0)
      System.Data.SqlClient (>= 4.8.1) - restriction: || (&& (== net472) (>= netstandard2.1)) (== net6.0)
    Fake.Core.CommandLineParsing (5.23)
      FParsec (>= 1.1.1)
      FSharp.Core (>= 6.0)
    Fake.Core.Context (5.23)
      FSharp.Core (>= 6.0)
    Fake.Core.Environment (5.23)
      FSharp.Core (>= 6.0)
    Fake.Core.FakeVar (5.23)
      Fake.Core.Context (>= 5.23)
      FSharp.Core (>= 6.0)
    Fake.Core.Process (5.23)
      Fake.Core.Environment (>= 5.23)
      Fake.Core.FakeVar (>= 5.23)
      Fake.Core.String (>= 5.23)
      Fake.Core.Trace (>= 5.23)
      Fake.IO.FileSystem (>= 5.23)
      FSharp.Core (>= 6.0)
      System.Collections.Immutable (>= 5.0)
    Fake.Core.SemVer (5.23)
      FSharp.Core (>= 6.0)
    Fake.Core.String (5.23)
      FSharp.Core (>= 6.0)
    Fake.Core.Target (5.23)
      Fake.Core.CommandLineParsing (>= 5.23)
      Fake.Core.Context (>= 5.23)
      Fake.Core.Environment (>= 5.23)
      Fake.Core.FakeVar (>= 5.23)
      Fake.Core.Process (>= 5.23)
      Fake.Core.String (>= 5.23)
      Fake.Core.Trace (>= 5.23)
      FSharp.Control.Reactive (>= 5.0.2)
      FSharp.Core (>= 6.0)
    Fake.Core.Tasks (5.23)
      Fake.Core.Trace (>= 5.23)
      FSharp.Core (>= 6.0)
    Fake.Core.Trace (5.23)
      Fake.Core.Environment (>= 5.23)
      Fake.Core.FakeVar (>= 5.23)
      FSharp.Core (>= 6.0)
    Fake.Core.Xml (5.23)
      Fake.Core.String (>= 5.23)
      FSharp.Core (>= 6.0)
    Fake.DotNet.AssemblyInfoFile (5.23)
      Fake.Core.Environment (>= 5.23)
      Fake.Core.String (>= 5.23)
      Fake.Core.Trace (>= 5.23)
      Fake.IO.FileSystem (>= 5.23)
      FSharp.Core (>= 6.0)
    Fake.DotNet.Cli (5.23)
      Fake.Core.Environment (>= 5.23)
      Fake.Core.Process (>= 5.23)
      Fake.Core.String (>= 5.23)
      Fake.Core.Trace (>= 5.23)
      Fake.DotNet.MSBuild (>= 5.23)
      Fake.DotNet.NuGet (>= 5.23)
      Fake.IO.FileSystem (>= 5.23)
      FSharp.Core (>= 6.0)
      Mono.Posix.NETStandard (>= 1.0)
      Newtonsoft.Json (>= 13.0.1)
    Fake.DotNet.MSBuild (5.23)
      BlackFox.VsWhere (>= 1.1)
      Fake.Core.Environment (>= 5.23)
      Fake.Core.Process (>= 5.23)
      Fake.Core.String (>= 5.23)
      Fake.Core.Trace (>= 5.23)
      Fake.IO.FileSystem (>= 5.23)
      FSharp.Core (>= 6.0)
      MSBuild.StructuredLogger (>= 2.1.545)
    Fake.DotNet.NuGet (5.23)
      Fake.Core.Environment (>= 5.23)
      Fake.Core.Process (>= 5.23)
      Fake.Core.SemVer (>= 5.23)
      Fake.Core.String (>= 5.23)
      Fake.Core.Tasks (>= 5.23)
      Fake.Core.Trace (>= 5.23)
      Fake.Core.Xml (>= 5.23)
      Fake.IO.FileSystem (>= 5.23)
      Fake.Net.Http (>= 5.23)
      FSharp.Core (>= 6.0)
      Newtonsoft.Json (>= 13.0.1)
      NuGet.Protocol (>= 5.11)
    Fake.DotNet.Paket (5.23)
      Fake.Core.Process (>= 5.23)
      Fake.Core.String (>= 5.23)
      Fake.Core.Trace (>= 5.23)
      Fake.DotNet.Cli (>= 5.23)
      Fake.IO.FileSystem (>= 5.23)
      FSharp.Core (>= 6.0)
    Fake.IO.FileSystem (5.23)
      Fake.Core.String (>= 5.23)
      FSharp.Core (>= 6.0)
    Fake.JavaScript.Npm (5.23)
      Fake.Core.Environment (>= 5.23)
      Fake.Core.Process (>= 5.23)
      Fake.IO.FileSystem (>= 5.23)
      Fake.Testing.Common (>= 5.23)
      FSharp.Core (>= 6.0)
    Fake.Net.Http (5.23)
      Fake.Core.Trace (>= 5.23)
      FSharp.Core (>= 6.0)
    Fake.Testing.Common (5.23)
      Fake.Core.Trace (>= 5.23)
      FSharp.Core (>= 6.0)
    Fare (2.2.1)
    FastExpressionCompiler (3.3.3) - restriction: || (&& (== net472) (>= net6.0)) (== net6.0)
    FluentAssertions (6.5.1)
      System.Configuration.ConfigurationManager (>= 4.4) - restriction: || (&& (== net472) (>= netcoreapp2.1)) (&& (== net472) (>= netcoreapp3.0)) (== net6.0)
      System.Net.Http (>= 4.3.4) - restriction: || (== net472) (&& (== net6.0) (>= net47))
      System.Threading.Tasks.Extensions (>= 4.5) - restriction: || (== net472) (&& (== net6.0) (>= net47)) (&& (== net6.0) (< netcoreapp2.1) (< netstandard2.1))
    FluentAssertions.Json (6.1)
      FluentAssertions (>= 6.0)
      Newtonsoft.Json (>= 10.0.3)
    FluentValidation (11.2) - restriction: || (&& (== net472) (>= net6.0)) (== net6.0)
    FluentValidation.AspNetCore (11.2.1) - restriction: || (&& (== net472) (>= net6.0)) (== net6.0)
      FluentValidation (>= 11.2) - restriction: || (&& (== net472) (>= netcoreapp3.1)) (== net6.0)
      FluentValidation.DependencyInjectionExtensions (>= 11.2) - restriction: || (&& (== net472) (>= netcoreapp3.1)) (== net6.0)
    FluentValidation.DependencyInjectionExtensions (11.2) - restriction: || (&& (== net472) (>= net6.0)) (== net6.0)
      FluentValidation (>= 11.2)
      Microsoft.Extensions.DependencyInjection.Abstractions (>= 2.1)
    Fluid.Core (2.2.15) - restriction: || (&& (== net472) (>= net6.0)) (== net6.0)
      Microsoft.Extensions.FileProviders.Abstractions (>= 1.1.1)
      Parlot (>= 0.0.23)
      TimeZoneConverter (>= 3.5)
    FParsec (1.1.1)
      FSharp.Core (>= 4.3.4)
      System.ValueTuple (>= 4.4) - restriction: || (== net472) (&& (== net6.0) (>= net45))
    FSharp.Control.Reactive (5.0.5)
      FSharp.Core (>= 4.7.2)
      System.Reactive (>= 5.0 < 6.0)
    FSharp.Core (6.0.5)
    Google.Protobuf (3.21.10)
      System.Memory (>= 4.5.3) - restriction: || (== net472) (&& (== net6.0) (>= net45)) (&& (== net6.0) (< net5.0)) (&& (== net6.0) (< netstandard2.0))
    Grpc (2.46.5) - restriction: || (== net472) (&& (== net6.0) (>= net462)) (&& (== net6.0) (< netstandard2.1))
      Grpc.Core (>= 2.46.5)
    Grpc.Core (2.46.5) - restriction: || (== net472) (&& (== net6.0) (>= net45)) (&& (== net6.0) (>= net462)) (&& (== net6.0) (< netstandard2.1))
      Grpc.Core.Api (>= 2.46.5)
      System.Memory (>= 4.5.3)
    Grpc.Core.Api (2.50)
      System.Memory (>= 4.5.3)
    Grpc.Net.Client (2.50) - restriction: || (&& (== net472) (>= netstandard2.1)) (== net6.0)
      Grpc.Net.Common (>= 2.50)
      Microsoft.Extensions.Logging.Abstractions (>= 3.0.3)
    Grpc.Net.Common (2.50) - restriction: || (&& (== net472) (>= netstandard2.1)) (== net6.0)
      Grpc.Core.Api (>= 2.50)
    Humanizer.Core (2.14.1) - restriction: || (&& (== net472) (>= net6.0)) (== net6.0)
    IdentityModel (6.0) - restriction: || (&& (== net472) (>= netcoreapp3.1)) (== net6.0)
    IdentityModel.AspNetCore.OAuth2Introspection (6.0)
      IdentityModel (>= 5.2) - restriction: || (&& (== net472) (>= netcoreapp3.1)) (== net6.0)
    JasperFx.CodeGeneration (1.0) - restriction: || (&& (== net472) (>= net6.0)) (== net6.0)
      FastExpressionCompiler (>= 3.3.3) - restriction: || (&& (== net472) (>= net6.0)) (== net6.0)
      JasperFx.Core (>= 1.1) - restriction: || (&& (== net472) (>= net6.0)) (== net6.0)
      System.Reflection.Emit.Lightweight (>= 4.7) - restriction: || (&& (== net472) (>= net6.0)) (== net6.0)
      System.Threading.Tasks.Extensions (>= 4.5.4) - restriction: || (&& (== net472) (>= net6.0)) (== net6.0)
      System.ValueTuple (>= 4.5) - restriction: || (&& (== net472) (>= net6.0)) (== net6.0)
    JasperFx.CodeGeneration.Commands (1.0) - restriction: || (&& (== net472) (>= net6.0)) (== net6.0)
      JasperFx.CodeGeneration (>= 1.0) - restriction: || (&& (== net472) (>= net6.0)) (== net6.0)
      JasperFx.RuntimeCompiler (>= 1.0) - restriction: || (&& (== net472) (>= net6.0)) (== net6.0)
      Oakton (>= 6.0) - restriction: || (&& (== net472) (>= net6.0)) (== net6.0)
    JasperFx.Core (1.1) - restriction: || (&& (== net472) (>= net6.0)) (== net6.0)
    JasperFx.RuntimeCompiler (1.0) - restriction: || (&& (== net472) (>= net6.0)) (== net6.0)
      JasperFx.CodeGeneration (>= 1.0) - restriction: || (&& (== net472) (>= net6.0)) (== net6.0)
      Microsoft.CodeAnalysis (>= 4.4) - restriction: || (&& (== net472) (>= net6.0)) (== net6.0)
      Microsoft.CodeAnalysis.CSharp (>= 4.4) - restriction: || (&& (== net472) (>= net6.0)) (== net6.0)
      Microsoft.CodeAnalysis.Scripting (>= 4.4) - restriction: || (&& (== net472) (>= net6.0)) (== net6.0)
      Microsoft.Extensions.Logging.Abstractions (>= 3.0 < 8.0) - restriction: || (&& (== net472) (>= net6.0)) (== net6.0)
      System.Reflection.Emit.Lightweight (>= 4.7) - restriction: || (&& (== net472) (>= net6.0)) (== net6.0)
      System.Runtime.Loader (>= 4.3) - restriction: || (&& (== net472) (>= net6.0)) (== net6.0)
    JasperFx.TypeDiscovery (1.0) - restriction: || (&& (== net472) (>= net6.0)) (== net6.0)
    Lamar (10.0.1) - restriction: || (&& (== net472) (>= net6.0)) (== net6.0)
      JasperFx.CodeGeneration (>= 1.0) - restriction: || (&& (== net472) (>= net6.0)) (== net6.0)
      JasperFx.Core (>= 1.1) - restriction: || (&& (== net472) (>= net6.0)) (== net6.0)
      JasperFx.TypeDiscovery (>= 1.0) - restriction: || (&& (== net472) (>= net6.0)) (== net6.0)
      Microsoft.Bcl.AsyncInterfaces (>= 6.0 < 8.0) - restriction: || (&& (== net472) (>= net6.0)) (== net6.0)
      Microsoft.Extensions.DependencyInjection.Abstractions (>= 6.0 < 8.0) - restriction: || (&& (== net472) (>= net6.0)) (== net6.0)
      System.Runtime.Loader (>= 4.3) - restriction: || (&& (== net472) (>= net6.0)) (== net6.0)
    Lamar.Microsoft.DependencyInjection (10.0.1) - restriction: || (&& (== net472) (>= net6.0)) (== net6.0)
      Lamar (>= 10.0.1) - restriction: || (&& (== net472) (>= net6.0)) (== net6.0)
      Microsoft.Extensions.Hosting (>= 6.0 < 8.0) - restriction: || (&& (== net472) (>= net6.0)) (== net6.0)
      Microsoft.Extensions.Hosting.Abstractions (>= 6.0 < 8.0) - restriction: || (&& (== net472) (>= net6.0)) (== net6.0)
      Microsoft.Extensions.Logging (>= 6.0 < 8.0) - restriction: || (&& (== net472) (>= net6.0)) (== net6.0)
      Microsoft.Extensions.Options (>= 6.0 < 8.0) - restriction: || (&& (== net472) (>= net6.0)) (== net6.0)
    Marten (6.0.0-alpha.6)
      JasperFx.CodeGeneration (>= 1.0) - restriction: || (&& (== net472) (>= net6.0)) (== net6.0)
      JasperFx.Core (>= 1.1) - restriction: || (&& (== net472) (>= net6.0)) (== net6.0)
      JasperFx.RuntimeCompiler (>= 1.0) - restriction: || (&& (== net472) (>= net6.0)) (== net6.0)
      JasperFx.TypeDiscovery (>= 1.0) - restriction: || (&& (== net472) (>= net6.0)) (== net6.0)
      Microsoft.Extensions.DependencyInjection.Abstractions (>= 6.0) - restriction: || (&& (== net472) (>= net6.0)) (== net6.0)
      Microsoft.Extensions.Hosting.Abstractions (>= 6.0) - restriction: || (&& (== net472) (>= net6.0)) (== net6.0)
      Microsoft.Extensions.Logging.Abstractions (>= 6.0.3) - restriction: || (&& (== net472) (>= net6.0)) (== net6.0)
      Newtonsoft.Json (>= 13.0.2) - restriction: || (&& (== net472) (>= net6.0)) (== net6.0)
      Npgsql.Json.NET (>= 7.0 < 8.0) - restriction: || (&& (== net472) (>= net6.0)) (== net6.0)
      Remotion.Linq (>= 2.2) - restriction: || (&& (== net472) (>= net6.0)) (== net6.0)
      System.Text.Json (>= 7.0) - restriction: || (&& (== net472) (>= net6.0)) (== net6.0)
      System.Threading.Tasks.Dataflow (>= 7.0) - restriction: || (&& (== net472) (>= net6.0)) (== net6.0)
      Weasel.Postgresql (>= 6.0.0-alpha.6) - restriction: || (&& (== net472) (>= net6.0)) (== net6.0)
    Marten.CommandLine (6.0.0-alpha.6)
      JasperFx.CodeGeneration.Commands (>= 1.0) - restriction: || (&& (== net472) (>= net6.0)) (== net6.0)
      Marten (>= 6.0.0-alpha.6) - restriction: || (&& (== net472) (>= net6.0)) (== net6.0)
      Oakton (>= 6.0) - restriction: || (&& (== net472) (>= net6.0)) (== net6.0)
      Weasel.CommandLine (>= 6.0.0-alpha.6) - restriction: || (&& (== net472) (>= net6.0)) (== net6.0)
    Microsoft.AspNetCore.Authentication.Abstractions (2.2) - restriction: || (== net472) (&& (== net6.0) (< netcoreapp3.0))
      Microsoft.AspNetCore.Http.Abstractions (>= 2.2)
      Microsoft.Extensions.Logging.Abstractions (>= 2.2)
      Microsoft.Extensions.Options (>= 2.2)
    Microsoft.AspNetCore.Authentication.Core (2.2) - restriction: || (== net472) (&& (== net6.0) (< netcoreapp3.0))
      Microsoft.AspNetCore.Authentication.Abstractions (>= 2.2)
      Microsoft.AspNetCore.Http (>= 2.2)
      Microsoft.AspNetCore.Http.Extensions (>= 2.2)
    Microsoft.AspNetCore.Authentication.JwtBearer (6.0.3)
      Microsoft.IdentityModel.Protocols.OpenIdConnect (>= 6.10) - restriction: || (&& (== net472) (>= net6.0)) (== net6.0)
    Microsoft.AspNetCore.Authorization (6.0.8) - restriction: || (== net472) (&& (== net6.0) (< netcoreapp3.0))
      Microsoft.AspNetCore.Metadata (>= 6.0.8)
      Microsoft.Extensions.Logging.Abstractions (>= 6.0.1)
      Microsoft.Extensions.Options (>= 6.0)
    Microsoft.AspNetCore.Authorization.Policy (2.2) - restriction: || (== net472) (&& (== net6.0) (< netcoreapp3.0))
      Microsoft.AspNetCore.Authentication.Abstractions (>= 2.2)
      Microsoft.AspNetCore.Authorization (>= 2.2)
    Microsoft.AspNetCore.Diagnostics.EntityFrameworkCore (6.0.8) - restriction: || (&& (== net472) (>= net6.0)) (== net6.0)
      Microsoft.EntityFrameworkCore.Relational (>= 6.0.8) - restriction: || (&& (== net472) (>= net6.0)) (== net6.0)
    Microsoft.AspNetCore.Hosting (2.2.7)
      Microsoft.AspNetCore.Hosting.Abstractions (>= 2.2)
      Microsoft.AspNetCore.Http (>= 2.2)
      Microsoft.AspNetCore.Http.Extensions (>= 2.2)
      Microsoft.Extensions.Configuration (>= 2.2)
      Microsoft.Extensions.Configuration.EnvironmentVariables (>= 2.2.4)
      Microsoft.Extensions.Configuration.FileExtensions (>= 2.2)
      Microsoft.Extensions.DependencyInjection (>= 2.2)
      Microsoft.Extensions.FileProviders.Physical (>= 2.2)
      Microsoft.Extensions.Hosting.Abstractions (>= 2.2)
      Microsoft.Extensions.Logging (>= 2.2)
      Microsoft.Extensions.Options (>= 2.2)
      System.Diagnostics.DiagnosticSource (>= 4.5.1)
      System.Reflection.Metadata (>= 1.6)
    Microsoft.AspNetCore.Hosting.Abstractions (2.2)
      Microsoft.AspNetCore.Hosting.Server.Abstractions (>= 2.2)
      Microsoft.AspNetCore.Http.Abstractions (>= 2.2)
      Microsoft.Extensions.Hosting.Abstractions (>= 2.2)
    Microsoft.AspNetCore.Hosting.Server.Abstractions (2.2)
      Microsoft.AspNetCore.Http.Features (>= 2.2)
      Microsoft.Extensions.Configuration.Abstractions (>= 2.2)
    Microsoft.AspNetCore.Http (2.2.2)
      Microsoft.AspNetCore.Http.Abstractions (>= 2.2)
      Microsoft.AspNetCore.WebUtilities (>= 2.2)
      Microsoft.Extensions.ObjectPool (>= 2.2)
      Microsoft.Extensions.Options (>= 2.2)
      Microsoft.Net.Http.Headers (>= 2.2)
    Microsoft.AspNetCore.Http.Abstractions (2.2)
      Microsoft.AspNetCore.Http.Features (>= 2.2)
      System.Text.Encodings.Web (>= 4.5)
    Microsoft.AspNetCore.Http.Extensions (2.2)
      Microsoft.AspNetCore.Http.Abstractions (>= 2.2)
      Microsoft.Extensions.FileProviders.Abstractions (>= 2.2)
      Microsoft.Net.Http.Headers (>= 2.2)
      System.Buffers (>= 4.5)
    Microsoft.AspNetCore.Http.Features (5.0.17)
      Microsoft.Extensions.Primitives (>= 5.0.1)
      System.IO.Pipelines (>= 5.0.2)
    Microsoft.AspNetCore.JsonPatch (6.0.8) - restriction: || (&& (== net472) (>= net6.0)) (== net6.0)
      Microsoft.CSharp (>= 4.7)
      Newtonsoft.Json (>= 13.0.1)
    Microsoft.AspNetCore.Metadata (6.0.8) - restriction: || (== net472) (&& (== net6.0) (>= net461)) (&& (== net6.0) (< netcoreapp3.0))
    Microsoft.AspNetCore.Mvc.Abstractions (2.2) - restriction: || (== net472) (&& (== net6.0) (< netcoreapp3.0))
      Microsoft.AspNetCore.Routing.Abstractions (>= 2.2)
      Microsoft.Net.Http.Headers (>= 2.2)
    Microsoft.AspNetCore.Mvc.ApiExplorer (2.2) - restriction: || (== net472) (&& (== net6.0) (< netcoreapp3.0))
      Microsoft.AspNetCore.Mvc.Core (>= 2.2)
    Microsoft.AspNetCore.Mvc.Core (2.2.5) - restriction: || (== net472) (&& (== net6.0) (< netcoreapp3.0))
      Microsoft.AspNetCore.Authentication.Core (>= 2.2)
      Microsoft.AspNetCore.Authorization.Policy (>= 2.2)
      Microsoft.AspNetCore.Hosting.Abstractions (>= 2.2)
      Microsoft.AspNetCore.Http (>= 2.2)
      Microsoft.AspNetCore.Http.Extensions (>= 2.2)
      Microsoft.AspNetCore.Mvc.Abstractions (>= 2.2)
      Microsoft.AspNetCore.ResponseCaching.Abstractions (>= 2.2)
      Microsoft.AspNetCore.Routing (>= 2.2)
      Microsoft.AspNetCore.Routing.Abstractions (>= 2.2)
      Microsoft.Extensions.DependencyInjection (>= 2.2)
      Microsoft.Extensions.DependencyModel (>= 2.1)
      Microsoft.Extensions.FileProviders.Abstractions (>= 2.2)
      Microsoft.Extensions.Logging.Abstractions (>= 2.2)
      System.Diagnostics.DiagnosticSource (>= 4.5)
      System.Threading.Tasks.Extensions (>= 4.5.1)
    Microsoft.AspNetCore.Mvc.DataAnnotations (2.2) - restriction: || (== net472) (&& (== net6.0) (< netcoreapp3.0))
      Microsoft.AspNetCore.Mvc.Core (>= 2.2)
      Microsoft.Extensions.Localization (>= 2.2)
      System.ComponentModel.Annotations (>= 4.5)
    Microsoft.AspNetCore.Mvc.NewtonsoftJson (6.0.8) - restriction: || (&& (== net472) (>= net6.0)) (== net6.0)
      Microsoft.AspNetCore.JsonPatch (>= 6.0.8) - restriction: || (&& (== net472) (>= net6.0)) (== net6.0)
      Newtonsoft.Json (>= 13.0.1) - restriction: || (&& (== net472) (>= net6.0)) (== net6.0)
      Newtonsoft.Json.Bson (>= 1.0.2) - restriction: || (&& (== net472) (>= net6.0)) (== net6.0)
    Microsoft.AspNetCore.Mvc.Testing (6.0.4)
      Microsoft.AspNetCore.TestHost (>= 6.0.4) - restriction: || (&& (== net472) (>= net6.0)) (== net6.0)
      Microsoft.Extensions.DependencyModel (>= 6.0) - restriction: || (&& (== net472) (>= net6.0)) (== net6.0)
      Microsoft.Extensions.Hosting (>= 6.0.1) - restriction: || (&& (== net472) (>= net6.0)) (== net6.0)
    Microsoft.AspNetCore.Mvc.Versioning (5.0) - restriction: || (&& (== net472) (>= net6.0)) (== net6.0)
    Microsoft.AspNetCore.Mvc.Versioning.ApiExplorer (5.0) - restriction: || (&& (== net472) (>= net6.0)) (== net6.0)
      Microsoft.AspNetCore.Mvc.Versioning (>= 5.0) - restriction: || (&& (== net472) (>= netcoreapp3.1)) (== net6.0)
    Microsoft.AspNetCore.ResponseCaching.Abstractions (2.2) - restriction: || (== net472) (&& (== net6.0) (< netcoreapp3.0))
      Microsoft.Extensions.Primitives (>= 2.2)
    Microsoft.AspNetCore.Routing (2.2.2) - restriction: || (== net472) (&& (== net6.0) (< netcoreapp3.0))
      Microsoft.AspNetCore.Http.Extensions (>= 2.2)
      Microsoft.AspNetCore.Routing.Abstractions (>= 2.2)
      Microsoft.Extensions.Logging.Abstractions (>= 2.2)
      Microsoft.Extensions.ObjectPool (>= 2.2)
      Microsoft.Extensions.Options (>= 2.2)
    Microsoft.AspNetCore.Routing.Abstractions (2.2) - restriction: || (== net472) (&& (== net6.0) (< netcoreapp3.0))
      Microsoft.AspNetCore.Http.Abstractions (>= 2.2)
    Microsoft.AspNetCore.StaticFiles (2.2) - restriction: || (== net472) (&& (== net6.0) (< netcoreapp3.0))
      Microsoft.AspNetCore.Hosting.Abstractions (>= 2.2)
      Microsoft.AspNetCore.Http.Extensions (>= 2.2)
      Microsoft.Extensions.FileProviders.Abstractions (>= 2.2)
      Microsoft.Extensions.Logging.Abstractions (>= 2.2)
      Microsoft.Extensions.WebEncoders (>= 2.2)
    Microsoft.AspNetCore.TestHost (6.0.4)
      System.IO.Pipelines (>= 6.0.2) - restriction: || (&& (== net472) (>= net6.0)) (== net6.0)
    Microsoft.AspNetCore.WebUtilities (2.2)
      Microsoft.Net.Http.Headers (>= 2.2)
      System.Text.Encodings.Web (>= 4.5)
    Microsoft.Bcl.AsyncInterfaces (6.0)
      System.Threading.Tasks.Extensions (>= 4.5.4) - restriction: || (== net472) (&& (== net6.0) (>= net461)) (&& (== net6.0) (< netstandard2.1))
    Microsoft.Bcl.HashCode (1.1.1) - restriction: || (== net472) (&& (== net6.0) (< netstandard2.1))
    Microsoft.Build (17.2)
      Microsoft.Build.Framework (>= 17.2)
      Microsoft.IO.Redist (>= 6.0) - restriction: || (== net472) (&& (== net6.0) (>= net472))
      Microsoft.NET.StringTools (>= 1.0)
      Microsoft.Win32.Registry (>= 4.3) - restriction: || (&& (== net472) (>= net6.0)) (== net6.0)
      System.Collections.Immutable (>= 5.0)
      System.Configuration.ConfigurationManager (>= 4.7)
      System.Memory (>= 4.5.4) - restriction: || (== net472) (&& (== net6.0) (>= net472))
      System.Reflection.Metadata (>= 1.6) - restriction: || (&& (== net472) (>= net6.0)) (== net6.0)
      System.Security.Principal.Windows (>= 4.7) - restriction: || (&& (== net472) (>= net6.0)) (== net6.0)
      System.Text.Encoding.CodePages (>= 4.0.1) - restriction: || (&& (== net472) (>= net6.0)) (== net6.0)
      System.Text.Json (>= 6.0)
      System.Threading.Tasks.Dataflow (>= 6.0)
    Microsoft.Build.Framework (17.2)
      Microsoft.Win32.Registry (>= 4.3) - restriction: || (&& (== net472) (>= net6.0)) (== net6.0)
      System.Runtime.CompilerServices.Unsafe (>= 6.0) - restriction: || (== net472) (&& (== net6.0) (>= net472))
      System.Security.Permissions (>= 4.7) - restriction: || (&& (== net472) (>= net6.0)) (== net6.0)
    Microsoft.Build.Tasks.Core (17.2)
      Microsoft.Build.Framework (>= 17.2)
      Microsoft.Build.Utilities.Core (>= 17.2)
      Microsoft.IO.Redist (>= 6.0) - restriction: || (== net472) (&& (== net6.0) (>= net472))
      Microsoft.NET.StringTools (>= 1.0)
      Microsoft.Win32.Registry (>= 4.3) - restriction: || (&& (== net472) (>= net6.0)) (== net6.0)
      System.CodeDom (>= 4.4) - restriction: || (&& (== net472) (>= net6.0)) (== net6.0)
      System.Collections.Immutable (>= 5.0)
      System.Reflection.Metadata (>= 1.6) - restriction: || (&& (== net472) (>= net6.0)) (== net6.0)
      System.Resources.Extensions (>= 4.6)
      System.Security.Cryptography.Pkcs (>= 4.7) - restriction: || (&& (== net472) (>= net6.0)) (== net6.0)
      System.Security.Cryptography.Xml (>= 4.7) - restriction: || (&& (== net472) (>= net6.0)) (== net6.0)
      System.Security.Permissions (>= 4.7) - restriction: || (&& (== net472) (>= net6.0)) (== net6.0)
      System.Threading.Tasks.Dataflow (>= 6.0)
    Microsoft.Build.Utilities.Core (17.2)
      Microsoft.Build.Framework (>= 17.2)
      Microsoft.IO.Redist (>= 6.0) - restriction: || (== net472) (&& (== net6.0) (>= net472))
      Microsoft.NET.StringTools (>= 1.0)
      Microsoft.Win32.Registry (>= 4.3) - restriction: || (&& (== net472) (>= net6.0)) (== net6.0)
      System.Collections.Immutable (>= 5.0)
      System.Configuration.ConfigurationManager (>= 4.7)
    Microsoft.CodeAnalysis (4.4) - restriction: || (&& (== net472) (>= net6.0)) (== net6.0)
      Microsoft.CodeAnalysis.CSharp.Workspaces (4.4)
      Microsoft.CodeAnalysis.VisualBasic.Workspaces (4.4)
    Microsoft.CodeAnalysis.Analyzers (3.3.3) - restriction: || (&& (== net472) (>= net6.0)) (== net6.0)
    Microsoft.CodeAnalysis.Common (4.4) - restriction: || (&& (== net472) (>= net6.0)) (== net6.0)
      Microsoft.CodeAnalysis.Analyzers (>= 3.3.3)
      System.Collections.Immutable (>= 6.0)
      System.Memory (>= 4.5.5)
      System.Reflection.Metadata (>= 5.0)
      System.Runtime.CompilerServices.Unsafe (>= 6.0)
      System.Text.Encoding.CodePages (>= 6.0)
      System.Threading.Tasks.Extensions (>= 4.5.4)
    Microsoft.CodeAnalysis.CSharp (4.4) - restriction: || (&& (== net472) (>= net6.0)) (== net6.0)
      Microsoft.CodeAnalysis.Common (4.4)
    Microsoft.CodeAnalysis.CSharp.Scripting (4.4) - restriction: || (&& (== net472) (>= net6.0)) (== net6.0)
      Microsoft.CodeAnalysis.Common (4.4)
      Microsoft.CodeAnalysis.CSharp (4.4)
      Microsoft.CodeAnalysis.Scripting.Common (4.4)
      Microsoft.CSharp (>= 4.7)
    Microsoft.CodeAnalysis.CSharp.Workspaces (4.4) - restriction: || (&& (== net472) (>= net6.0)) (== net6.0)
      Humanizer.Core (>= 2.14.1)
      Microsoft.CodeAnalysis.Common (4.4)
      Microsoft.CodeAnalysis.CSharp (4.4)
      Microsoft.CodeAnalysis.Workspaces.Common (4.4)
    Microsoft.CodeAnalysis.Scripting (4.4) - restriction: || (&& (== net472) (>= net6.0)) (== net6.0)
      Microsoft.CodeAnalysis.CSharp.Scripting (4.4)
    Microsoft.CodeAnalysis.Scripting.Common (4.4) - restriction: || (&& (== net472) (>= net6.0)) (== net6.0)
      Microsoft.CodeAnalysis.Common (4.4)
    Microsoft.CodeAnalysis.VisualBasic (4.4) - restriction: || (&& (== net472) (>= net6.0)) (== net6.0)
      Microsoft.CodeAnalysis.Common (4.4)
    Microsoft.CodeAnalysis.VisualBasic.Workspaces (4.4) - restriction: || (&& (== net472) (>= net6.0)) (== net6.0)
      Microsoft.CodeAnalysis.Common (4.4)
      Microsoft.CodeAnalysis.VisualBasic (4.4)
      Microsoft.CodeAnalysis.Workspaces.Common (4.4)
    Microsoft.CodeAnalysis.Workspaces.Common (4.4) - restriction: || (&& (== net472) (>= net6.0)) (== net6.0)
      Humanizer.Core (>= 2.14.1)
      Microsoft.Bcl.AsyncInterfaces (>= 6.0)
      Microsoft.CodeAnalysis.Common (4.4)
      System.Composition (>= 6.0)
      System.IO.Pipelines (>= 6.0.3)
    Microsoft.CodeCoverage (17.3)
    Microsoft.CSharp (4.7)
    Microsoft.Data.SqlClient (5.0)
      Azure.Identity (>= 1.6)
      Microsoft.Data.SqlClient.SNI.runtime (>= 5.0) - restriction: || (&& (== net472) (< net462)) (&& (== net472) (>= netstandard2.1)) (== net6.0)
      Microsoft.Identity.Client (>= 4.45)
      Microsoft.IdentityModel.JsonWebTokens (>= 6.21)
      Microsoft.IdentityModel.Protocols.OpenIdConnect (>= 6.21)
      Microsoft.SqlServer.Server (>= 1.0) - restriction: || (&& (== net472) (< net462)) (&& (== net472) (>= netstandard2.1)) (== net6.0)
      Microsoft.Win32.Registry (>= 5.0) - restriction: || (&& (== net472) (< net462)) (&& (== net472) (>= netstandard2.1)) (== net6.0)
      System.Buffers (>= 4.5.1)
      System.Configuration.ConfigurationManager (>= 5.0)
      System.Diagnostics.DiagnosticSource (>= 5.0) - restriction: || (&& (== net472) (>= netcoreapp3.1)) (== net6.0)
      System.IO (>= 4.3)
      System.Resources.ResourceManager (>= 4.3) - restriction: || (&& (== net472) (< net462)) (&& (== net472) (>= netstandard2.1)) (== net6.0)
      System.Runtime.Caching (>= 5.0) - restriction: || (&& (== net472) (< net462)) (&& (== net472) (>= netstandard2.1)) (== net6.0)
      System.Security.Cryptography.Cng (>= 5.0) - restriction: || (&& (== net472) (< net462)) (&& (== net472) (>= netstandard2.1)) (== net6.0)
      System.Security.Principal.Windows (>= 5.0) - restriction: || (&& (== net472) (< net462)) (&& (== net472) (>= netstandard2.1)) (== net6.0)
      System.Text.Encoding.CodePages (>= 5.0) - restriction: || (&& (== net472) (< net462)) (&& (== net472) (>= netstandard2.1)) (== net6.0)
      System.Text.Encodings.Web (>= 4.7.2)
    Microsoft.Data.SqlClient.SNI.runtime (5.0) - restriction: || (&& (== net472) (>= net6.0)) (== net6.0)
    Microsoft.EntityFrameworkCore (6.0.8) - restriction: || (&& (== net472) (>= net6.0)) (== net6.0)
      Microsoft.EntityFrameworkCore.Abstractions (>= 6.0.8) - restriction: || (&& (== net472) (>= net6.0)) (== net6.0)
      Microsoft.EntityFrameworkCore.Analyzers (>= 6.0.8) - restriction: || (&& (== net472) (>= net6.0)) (== net6.0)
      Microsoft.Extensions.Caching.Memory (>= 6.0.1) - restriction: || (&& (== net472) (>= net6.0)) (== net6.0)
      Microsoft.Extensions.DependencyInjection (>= 6.0) - restriction: || (&& (== net472) (>= net6.0)) (== net6.0)
      Microsoft.Extensions.Logging (>= 6.0) - restriction: || (&& (== net472) (>= net6.0)) (== net6.0)
      System.Collections.Immutable (>= 6.0) - restriction: || (&& (== net472) (>= net6.0)) (== net6.0)
      System.Diagnostics.DiagnosticSource (>= 6.0) - restriction: || (&& (== net472) (>= net6.0)) (== net6.0)
    Microsoft.EntityFrameworkCore.Abstractions (6.0.8) - restriction: || (&& (== net472) (>= net6.0)) (== net6.0)
    Microsoft.EntityFrameworkCore.Analyzers (6.0.8) - restriction: || (&& (== net472) (>= net6.0)) (== net6.0)
    Microsoft.EntityFrameworkCore.Design (6.0.3)
      Humanizer.Core (>= 2.8.26) - restriction: || (&& (== net472) (>= net6.0)) (== net6.0)
      Microsoft.EntityFrameworkCore.Relational (>= 6.0.3) - restriction: || (&& (== net472) (>= net6.0)) (== net6.0)
    Microsoft.EntityFrameworkCore.InMemory (6.0.3)
      Microsoft.EntityFrameworkCore (>= 6.0.3) - restriction: || (&& (== net472) (>= net6.0)) (== net6.0)
    Microsoft.EntityFrameworkCore.Relational (6.0.8) - restriction: || (&& (== net472) (>= net6.0)) (== net6.0)
      Microsoft.EntityFrameworkCore (>= 6.0.8) - restriction: || (&& (== net472) (>= net6.0)) (== net6.0)
      Microsoft.Extensions.Configuration.Abstractions (>= 6.0) - restriction: || (&& (== net472) (>= net6.0)) (== net6.0)
    Microsoft.EntityFrameworkCore.SqlServer (6.0.8) - restriction: || (&& (== net472) (>= net6.0)) (== net6.0)
      Microsoft.Data.SqlClient (>= 2.1.4) - restriction: || (&& (== net472) (>= net6.0)) (== net6.0)
      Microsoft.EntityFrameworkCore.Relational (>= 6.0.8) - restriction: || (&& (== net472) (>= net6.0)) (== net6.0)
    Microsoft.Extensions.ApiDescription.Server (6.0.8) - restriction: || (&& (== net472) (>= net6.0)) (== net6.0)
    Microsoft.Extensions.Caching.Abstractions (6.0) - restriction: || (&& (== net472) (>= net6.0)) (== net6.0)
      Microsoft.Extensions.Primitives (>= 6.0)
    Microsoft.Extensions.Caching.Memory (6.0.1) - restriction: || (&& (== net472) (>= net6.0)) (== net6.0)
      Microsoft.Extensions.Caching.Abstractions (>= 6.0)
      Microsoft.Extensions.DependencyInjection.Abstractions (>= 6.0)
      Microsoft.Extensions.Logging.Abstractions (>= 6.0)
      Microsoft.Extensions.Options (>= 6.0)
      Microsoft.Extensions.Primitives (>= 6.0)
    Microsoft.Extensions.Configuration (6.0.1)
      Microsoft.Extensions.Configuration.Abstractions (>= 6.0)
      Microsoft.Extensions.Primitives (>= 6.0)
    Microsoft.Extensions.Configuration.Abstractions (6.0)
      Microsoft.Extensions.Primitives (>= 6.0)
    Microsoft.Extensions.Configuration.Binder (6.0)
      Microsoft.Extensions.Configuration.Abstractions (>= 6.0)
    Microsoft.Extensions.Configuration.CommandLine (6.0)
      Microsoft.Extensions.Configuration (>= 6.0)
      Microsoft.Extensions.Configuration.Abstractions (>= 6.0)
    Microsoft.Extensions.Configuration.EnvironmentVariables (6.0.1)
      Microsoft.Extensions.Configuration (>= 6.0)
      Microsoft.Extensions.Configuration.Abstractions (>= 6.0)
    Microsoft.Extensions.Configuration.FileExtensions (6.0)
      Microsoft.Extensions.Configuration (>= 6.0)
      Microsoft.Extensions.Configuration.Abstractions (>= 6.0)
      Microsoft.Extensions.FileProviders.Abstractions (>= 6.0)
      Microsoft.Extensions.FileProviders.Physical (>= 6.0)
      Microsoft.Extensions.Primitives (>= 6.0)
    Microsoft.Extensions.Configuration.Json (6.0)
      Microsoft.Extensions.Configuration (>= 6.0)
      Microsoft.Extensions.Configuration.Abstractions (>= 6.0)
      Microsoft.Extensions.Configuration.FileExtensions (>= 6.0)
      Microsoft.Extensions.FileProviders.Abstractions (>= 6.0)
      System.Memory (>= 4.5.4) - restriction: || (== net472) (&& (== net6.0) (>= net461)) (&& (== net6.0) (< netstandard2.1))
      System.Text.Json (>= 6.0)
    Microsoft.Extensions.Configuration.UserSecrets (6.0.1) - restriction: || (&& (== net472) (>= net6.0)) (== net6.0)
      Microsoft.Extensions.Configuration.Abstractions (>= 6.0)
      Microsoft.Extensions.Configuration.Json (>= 6.0)
      Microsoft.Extensions.FileProviders.Abstractions (>= 6.0)
      Microsoft.Extensions.FileProviders.Physical (>= 6.0)
    Microsoft.Extensions.DependencyInjection (6.0)
      Microsoft.Bcl.AsyncInterfaces (>= 6.0) - restriction: || (== net472) (&& (== net6.0) (>= net461)) (&& (== net6.0) (< netstandard2.1))
      Microsoft.Extensions.DependencyInjection.Abstractions (>= 6.0)
      System.Runtime.CompilerServices.Unsafe (>= 6.0)
      System.Threading.Tasks.Extensions (>= 4.5.4) - restriction: || (== net472) (&& (== net6.0) (>= net461)) (&& (== net6.0) (< netstandard2.1))
    Microsoft.Extensions.DependencyInjection.Abstractions (6.0)
    Microsoft.Extensions.DependencyModel (6.0)
      System.Buffers (>= 4.5.1)
      System.Memory (>= 4.5.4)
      System.Runtime.CompilerServices.Unsafe (>= 6.0)
      System.Text.Encodings.Web (>= 6.0)
      System.Text.Json (>= 6.0)
    Microsoft.Extensions.Diagnostics.HealthChecks (6.0.8)
      Microsoft.Extensions.Diagnostics.HealthChecks.Abstractions (>= 6.0.8)
      Microsoft.Extensions.Hosting.Abstractions (>= 6.0)
      Microsoft.Extensions.Logging.Abstractions (>= 6.0.1)
      Microsoft.Extensions.Options (>= 6.0)
    Microsoft.Extensions.Diagnostics.HealthChecks.Abstractions (6.0.8)
    Microsoft.Extensions.Diagnostics.HealthChecks.EntityFrameworkCore (6.0.8) - restriction: || (&& (== net472) (>= net6.0)) (== net6.0)
      Microsoft.EntityFrameworkCore.Relational (>= 6.0.8) - restriction: || (&& (== net472) (>= net6.0)) (== net6.0)
      Microsoft.Extensions.Diagnostics.HealthChecks (>= 6.0.8) - restriction: || (&& (== net472) (>= net6.0)) (== net6.0)
      Microsoft.Extensions.Diagnostics.HealthChecks.Abstractions (>= 6.0.8) - restriction: || (&& (== net472) (>= net6.0)) (== net6.0)
    Microsoft.Extensions.FileProviders.Abstractions (6.0)
      Microsoft.Extensions.Primitives (>= 6.0)
    Microsoft.Extensions.FileProviders.Embedded (6.0.8)
      Microsoft.Extensions.FileProviders.Abstractions (>= 6.0)
    Microsoft.Extensions.FileProviders.Physical (6.0)
      Microsoft.Extensions.FileProviders.Abstractions (>= 6.0)
      Microsoft.Extensions.FileSystemGlobbing (>= 6.0)
      Microsoft.Extensions.Primitives (>= 6.0)
      System.Security.Cryptography.Algorithms (>= 4.3.1) - restriction: || (== net472) (&& (== net6.0) (>= net461))
    Microsoft.Extensions.FileSystemGlobbing (6.0)
    Microsoft.Extensions.Hosting (6.0.1) - restriction: || (&& (== net472) (>= net6.0)) (== net6.0)
      Microsoft.Extensions.Configuration (>= 6.0)
      Microsoft.Extensions.Configuration.Abstractions (>= 6.0)
      Microsoft.Extensions.Configuration.Binder (>= 6.0)
      Microsoft.Extensions.Configuration.CommandLine (>= 6.0)
      Microsoft.Extensions.Configuration.EnvironmentVariables (>= 6.0.1)
      Microsoft.Extensions.Configuration.FileExtensions (>= 6.0)
      Microsoft.Extensions.Configuration.Json (>= 6.0)
      Microsoft.Extensions.Configuration.UserSecrets (>= 6.0.1)
      Microsoft.Extensions.DependencyInjection (>= 6.0)
      Microsoft.Extensions.DependencyInjection.Abstractions (>= 6.0)
      Microsoft.Extensions.FileProviders.Abstractions (>= 6.0)
      Microsoft.Extensions.FileProviders.Physical (>= 6.0)
      Microsoft.Extensions.Hosting.Abstractions (>= 6.0)
      Microsoft.Extensions.Logging (>= 6.0)
      Microsoft.Extensions.Logging.Abstractions (>= 6.0)
      Microsoft.Extensions.Logging.Configuration (>= 6.0)
      Microsoft.Extensions.Logging.Console (>= 6.0)
      Microsoft.Extensions.Logging.Debug (>= 6.0)
      Microsoft.Extensions.Logging.EventLog (>= 6.0)
      Microsoft.Extensions.Logging.EventSource (>= 6.0)
      Microsoft.Extensions.Options (>= 6.0)
    Microsoft.Extensions.Hosting.Abstractions (6.0)
      Microsoft.Extensions.Configuration.Abstractions (>= 6.0)
      Microsoft.Extensions.DependencyInjection.Abstractions (>= 6.0)
      Microsoft.Extensions.FileProviders.Abstractions (>= 6.0)
    Microsoft.Extensions.Http (6.0)
      Microsoft.Extensions.DependencyInjection.Abstractions (>= 6.0)
      Microsoft.Extensions.Logging (>= 6.0)
      Microsoft.Extensions.Logging.Abstractions (>= 6.0)
      Microsoft.Extensions.Options (>= 6.0)
    Microsoft.Extensions.Localization (6.0.8)
      Microsoft.Extensions.DependencyInjection.Abstractions (>= 6.0)
      Microsoft.Extensions.Localization.Abstractions (>= 6.0.8)
      Microsoft.Extensions.Logging.Abstractions (>= 6.0.1)
      Microsoft.Extensions.Options (>= 6.0)
    Microsoft.Extensions.Localization.Abstractions (6.0.8) - restriction: || (&& (== net472) (>= net6.0)) (== net6.0)
    Microsoft.Extensions.Logging (6.0)
      Microsoft.Bcl.AsyncInterfaces (>= 6.0) - restriction: || (== net472) (&& (== net6.0) (>= net461)) (&& (== net6.0) (< netstandard2.1))
      Microsoft.Extensions.DependencyInjection (>= 6.0)
      Microsoft.Extensions.DependencyInjection.Abstractions (>= 6.0)
      Microsoft.Extensions.Logging.Abstractions (>= 6.0)
      Microsoft.Extensions.Options (>= 6.0)
      System.Diagnostics.DiagnosticSource (>= 6.0)
      System.ValueTuple (>= 4.5) - restriction: || (== net472) (&& (== net6.0) (>= net461))
    Microsoft.Extensions.Logging.Abstractions (7.0)
    Microsoft.Extensions.Logging.Configuration (6.0)
      Microsoft.Extensions.Configuration (>= 6.0)
      Microsoft.Extensions.Configuration.Abstractions (>= 6.0)
      Microsoft.Extensions.Configuration.Binder (>= 6.0)
      Microsoft.Extensions.DependencyInjection.Abstractions (>= 6.0)
      Microsoft.Extensions.Logging (>= 6.0)
      Microsoft.Extensions.Logging.Abstractions (>= 6.0)
      Microsoft.Extensions.Options (>= 6.0)
      Microsoft.Extensions.Options.ConfigurationExtensions (>= 6.0)
    Microsoft.Extensions.Logging.Console (6.0) - restriction: || (&& (== net472) (>= net6.0)) (== net6.0)
      Microsoft.Extensions.DependencyInjection.Abstractions (>= 6.0)
      Microsoft.Extensions.Logging (>= 6.0)
      Microsoft.Extensions.Logging.Abstractions (>= 6.0)
      Microsoft.Extensions.Logging.Configuration (>= 6.0)
      Microsoft.Extensions.Options (>= 6.0)
      System.Text.Json (>= 6.0)
    Microsoft.Extensions.Logging.Debug (6.0) - restriction: || (&& (== net472) (>= net6.0)) (== net6.0)
      Microsoft.Extensions.DependencyInjection.Abstractions (>= 6.0)
      Microsoft.Extensions.Logging (>= 6.0)
      Microsoft.Extensions.Logging.Abstractions (>= 6.0)
    Microsoft.Extensions.Logging.EventLog (6.0) - restriction: || (&& (== net472) (>= net6.0)) (== net6.0)
      Microsoft.Extensions.DependencyInjection.Abstractions (>= 6.0)
      Microsoft.Extensions.Logging (>= 6.0)
      Microsoft.Extensions.Logging.Abstractions (>= 6.0)
      Microsoft.Extensions.Options (>= 6.0)
      System.Diagnostics.EventLog (>= 6.0) - restriction: || (&& (== net472) (< net461)) (== net6.0)
    Microsoft.Extensions.Logging.EventSource (6.0) - restriction: || (&& (== net472) (>= net6.0)) (== net6.0)
      Microsoft.Extensions.DependencyInjection.Abstractions (>= 6.0)
      Microsoft.Extensions.Logging (>= 6.0)
      Microsoft.Extensions.Logging.Abstractions (>= 6.0)
      Microsoft.Extensions.Options (>= 6.0)
      Microsoft.Extensions.Primitives (>= 6.0)
      System.Runtime.CompilerServices.Unsafe (>= 6.0)
      System.Text.Json (>= 6.0)
    Microsoft.Extensions.ObjectPool (6.0.8)
    Microsoft.Extensions.Options (6.0)
      Microsoft.Extensions.DependencyInjection.Abstractions (>= 6.0)
      Microsoft.Extensions.Primitives (>= 6.0)
    Microsoft.Extensions.Options.ConfigurationExtensions (6.0)
      Microsoft.Extensions.Configuration.Abstractions (>= 6.0)
      Microsoft.Extensions.Configuration.Binder (>= 6.0)
      Microsoft.Extensions.DependencyInjection.Abstractions (>= 6.0)
      Microsoft.Extensions.Options (>= 6.0)
      Microsoft.Extensions.Primitives (>= 6.0)
    Microsoft.Extensions.Primitives (6.0)
      System.Memory (>= 4.5.4) - restriction: || (== net472) (&& (== net6.0) (>= net461)) (&& (== net6.0) (< netcoreapp3.1))
      System.Runtime.CompilerServices.Unsafe (>= 6.0)
    Microsoft.Extensions.WebEncoders (6.0.12) - restriction: || (== net472) (&& (== net6.0) (< netcoreapp3.0))
      Microsoft.Extensions.DependencyInjection.Abstractions (>= 6.0)
      Microsoft.Extensions.Options (>= 6.0)
      System.Text.Encodings.Web (>= 6.0) - restriction: || (== net472) (&& (== net6.0) (>= net461))
    Microsoft.Identity.Client (4.46) - restriction: || (&& (== net472) (>= net6.0)) (== net6.0)
      Microsoft.IdentityModel.Abstractions (>= 6.18)
    Microsoft.Identity.Client.Extensions.Msal (2.23) - restriction: || (&& (== net472) (>= net6.0)) (== net6.0)
      Microsoft.Identity.Client (>= 4.46)
      System.IO.FileSystem.AccessControl (>= 5.0) - restriction: || (&& (== net472) (< net45)) (&& (== net472) (>= netcoreapp3.1)) (== net6.0)
      System.Security.Cryptography.ProtectedData (>= 4.5) - restriction: || (&& (== net472) (< net45)) (&& (== net472) (>= netcoreapp3.1)) (== net6.0)
    Microsoft.IdentityModel.Abstractions (6.22) - restriction: || (&& (== net472) (>= net6.0)) (== net6.0)
    Microsoft.IdentityModel.JsonWebTokens (6.22) - restriction: || (&& (== net472) (>= net6.0)) (== net6.0)
      Microsoft.IdentityModel.Tokens (>= 6.22)
    Microsoft.IdentityModel.Logging (6.22) - restriction: || (&& (== net472) (>= net6.0)) (== net6.0)
      Microsoft.IdentityModel.Abstractions (>= 6.22)
    Microsoft.IdentityModel.Protocols (6.22) - restriction: || (&& (== net472) (>= net6.0)) (== net6.0)
      Microsoft.IdentityModel.Logging (>= 6.22)
      Microsoft.IdentityModel.Tokens (>= 6.22)
    Microsoft.IdentityModel.Protocols.OpenIdConnect (6.22) - restriction: || (&& (== net472) (>= net6.0)) (== net6.0)
      Microsoft.IdentityModel.Protocols (>= 6.22)
      System.IdentityModel.Tokens.Jwt (>= 6.22)
    Microsoft.IdentityModel.Tokens (6.22) - restriction: || (&& (== net472) (>= net6.0)) (== net6.0)
      Microsoft.CSharp (>= 4.5) - restriction: || (&& (== net472) (< net45)) (&& (== net472) (>= net6.0)) (== net6.0)
      Microsoft.IdentityModel.Logging (>= 6.22)
      System.Security.Cryptography.Cng (>= 4.5) - restriction: || (&& (== net472) (< net45)) (&& (== net472) (>= net6.0)) (== net6.0)
    Microsoft.IO.Redist (6.0) - restriction: || (== net472) (&& (== net6.0) (>= net472))
      System.Buffers (>= 4.5.1) - restriction: || (== net472) (&& (== net6.0) (>= net472))
      System.Memory (>= 4.5.4) - restriction: || (== net472) (&& (== net6.0) (>= net472))
    Microsoft.Net.Http.Headers (2.2.8)
      Microsoft.Extensions.Primitives (>= 2.2)
      System.Buffers (>= 4.5)
    Microsoft.NET.StringTools (1.0)
      System.Memory (>= 4.5.4)
      System.Runtime.CompilerServices.Unsafe (>= 5.0)
    Microsoft.NET.Test.Sdk (17.1)
      Microsoft.CodeCoverage (>= 17.1)
      Microsoft.TestPlatform.TestHost (>= 17.1) - restriction: || (&& (== net472) (>= netcoreapp1.0)) (== net6.0)
    Microsoft.NETCore.Platforms (6.0.2)
    Microsoft.NETCore.Targets (5.0) - restriction: || (&& (== net472) (>= net6.0)) (== net6.0)
    Microsoft.OpenApi (1.3.2)
    Microsoft.SqlServer.Server (1.0) - restriction: || (&& (== net472) (>= net6.0)) (== net6.0)
    Microsoft.SqlServer.Types (13.0.4001)
    Microsoft.SyndicationFeed.ReaderWriter (1.0.2) - restriction: || (&& (== net472) (>= net6.0)) (== net6.0)
      System.Globalization (>= 4.3)
      System.Linq (>= 4.3)
      System.Runtime.Extensions (>= 4.3)
      System.Xml.ReaderWriter (>= 4.3)
    Microsoft.TestPlatform.ObjectModel (17.3) - restriction: || (&& (== net472) (>= netcoreapp1.0)) (== net6.0)
      NuGet.Frameworks (>= 5.11)
      System.Reflection.Metadata (>= 1.6)
    Microsoft.TestPlatform.TestHost (17.3) - restriction: || (&& (== net472) (>= netcoreapp1.0)) (== net6.0)
      Microsoft.TestPlatform.ObjectModel (>= 17.3) - restriction: || (&& (== net472) (>= netcoreapp1.0)) (&& (== net472) (>= uap10.0)) (== net6.0)
      Newtonsoft.Json (>= 9.0.1) - restriction: || (&& (== net472) (>= netcoreapp1.0)) (&& (== net472) (>= uap10.0)) (== net6.0)
    Microsoft.VisualStudio.Web.BrowserLink (2.2) - restriction: || (&& (== net472) (>= net6.0)) (== net6.0)
      Microsoft.AspNetCore.Hosting.Abstractions (>= 2.2)
      Microsoft.AspNetCore.Http.Abstractions (>= 2.2)
      Microsoft.AspNetCore.Http.Extensions (>= 2.2)
      Microsoft.Extensions.FileProviders.Physical (>= 2.2)
    Microsoft.Win32.Registry (5.0) - restriction: || (&& (== net472) (>= net6.0)) (== net6.0)
      System.Security.AccessControl (>= 5.0)
      System.Security.Principal.Windows (>= 5.0)
    Microsoft.Win32.SystemEvents (6.0.1) - restriction: || (&& (== net472) (>= netcoreapp3.1)) (== net6.0)
    Mono.Posix.NETStandard (1.0)
    Moq (4.17.2)
      Castle.Core (>= 4.4.1)
      System.Threading.Tasks.Extensions (>= 4.5.4)
    MSBuild.StructuredLogger (2.1.669)
      Microsoft.Build (>= 16.10)
      Microsoft.Build.Framework (>= 16.10)
      Microsoft.Build.Tasks.Core (>= 16.10)
      Microsoft.Build.Utilities.Core (>= 16.10)
    Namotion.Reflection (2.0.10) - restriction: || (&& (== net472) (>= net6.0)) (== net6.0)
      Microsoft.CSharp (>= 4.3) - restriction: || (&& (== net472) (< net40)) (== net6.0)
    NEST (7.17.4)
      Elasticsearch.Net (>= 7.17.4)
    NETStandard.Library (2.0.3) - restriction: || (&& (== net472) (< net45)) (== net6.0)
      Microsoft.NETCore.Platforms (>= 1.1)
    Newtonsoft.Json (13.0.2)
    Newtonsoft.Json.Bson (1.0.2) - restriction: || (&& (== net472) (>= net6.0)) (== net6.0)
      Newtonsoft.Json (>= 12.0.1)
    NJsonSchema (10.7.2) - restriction: || (&& (== net472) (>= net6.0)) (== net6.0)
      Namotion.Reflection (>= 2.0.10)
      Newtonsoft.Json (>= 9.0.1)
    NJsonSchema.CodeGeneration (10.7.2) - restriction: || (&& (== net472) (>= net6.0)) (== net6.0)
      Fluid.Core (>= 2.2.14)
      Newtonsoft.Json (>= 9.0.1)
      NJsonSchema (>= 10.7.2)
      System.Text.Encodings.Web (>= 5.0.1)
    NJsonSchema.CodeGeneration.CSharp (10.7.2) - restriction: || (&& (== net472) (>= net6.0)) (== net6.0)
      Newtonsoft.Json (>= 9.0.1)
      NJsonSchema (>= 10.7.2)
      NJsonSchema.CodeGeneration (>= 10.7.2)
    NJsonSchema.CodeGeneration.TypeScript (10.7.2) - restriction: || (&& (== net472) (>= net6.0)) (== net6.0)
      Newtonsoft.Json (>= 9.0.1)
      NJsonSchema (>= 10.7.2)
      NJsonSchema.CodeGeneration (>= 10.7.2)
    NodaTime (3.1.2) - restriction: || (&& (== net472) (>= net6.0)) (== net6.0)
      System.Runtime.CompilerServices.Unsafe (>= 4.7.1)
    NodaTime.Serialization.JsonNet (3.0) - restriction: || (&& (== net472) (>= net6.0)) (== net6.0)
      Newtonsoft.Json (>= 12.0.1)
      NodaTime (>= 3.0 < 4.0)
    Npgsql (7.0)
      Microsoft.Bcl.HashCode (>= 1.1.1) - restriction: || (== net472) (&& (== net6.0) (< netstandard2.1))
      Microsoft.Extensions.Logging.Abstractions (>= 6.0)
      System.Collections.Immutable (>= 7.0) - restriction: || (== net472) (&& (== net6.0) (< netcoreapp3.1)) (&& (== net6.0) (< netstandard2.1))
      System.Diagnostics.DiagnosticSource (>= 6.0) - restriction: || (== net472) (&& (== net6.0) (< net5.0)) (&& (== net6.0) (< netcoreapp3.1)) (&& (== net6.0) (< netstandard2.1))
      System.Runtime.CompilerServices.Unsafe (>= 6.0)
      System.Text.Json (>= 7.0) - restriction: || (== net472) (&& (== net6.0) (< netcoreapp3.1)) (&& (== net6.0) (< netstandard2.1))
      System.Threading.Channels (>= 7.0) - restriction: || (== net472) (&& (== net6.0) (< netcoreapp3.1)) (&& (== net6.0) (< netstandard2.1))
    Npgsql.Json.NET (7.0) - restriction: || (&& (== net472) (>= net6.0)) (== net6.0)
      Newtonsoft.Json (>= 13.0.1)
      Npgsql (>= 7.0)
    NpgSql.OpenTelemetry (7.0)
      Npgsql (>= 7.0)
      OpenTelemetry.Api (>= 1.3.1)
    NSwag.CodeGeneration (13.16.1) - restriction: || (&& (== net472) (>= net6.0)) (== net6.0)
      Newtonsoft.Json (>= 9.0.1)
      NJsonSchema (>= 10.7.2)
      NJsonSchema.CodeGeneration (>= 10.7.2)
      NSwag.Core (>= 13.16.1)
    NSwag.CodeGeneration.CSharp (13.16.1) - restriction: || (&& (== net472) (>= net6.0)) (== net6.0)
      NJsonSchema.CodeGeneration.CSharp (>= 10.7.2)
      NSwag.CodeGeneration (>= 13.16.1)
    NSwag.CodeGeneration.TypeScript (13.16.1) - restriction: || (&& (== net472) (>= net6.0)) (== net6.0)
      NJsonSchema.CodeGeneration.TypeScript (>= 10.7.2)
      NSwag.CodeGeneration (>= 13.16.1)
    NSwag.Core (13.16.1) - restriction: || (&& (== net472) (>= net6.0)) (== net6.0)
      Newtonsoft.Json (>= 9.0.1)
      NJsonSchema (>= 10.7.2)
    NuGet.Common (6.3)
      NuGet.Frameworks (>= 6.3)
    NuGet.Configuration (6.3)
      NuGet.Common (>= 6.3)
      System.Security.Cryptography.ProtectedData (>= 4.4) - restriction: == net6.0
    NuGet.Frameworks (6.3)
    NuGet.Packaging (6.3)
      Newtonsoft.Json (>= 13.0.1)
      NuGet.Configuration (>= 6.3)
      NuGet.Versioning (>= 6.3)
      System.Security.Cryptography.Cng (>= 5.0) - restriction: || (&& (== net472) (>= net5.0)) (== net6.0)
      System.Security.Cryptography.Pkcs (>= 5.0) - restriction: || (&& (== net472) (>= net5.0)) (== net6.0)
    NuGet.Protocol (6.3)
      NuGet.Packaging (>= 6.3)
    NuGet.Versioning (6.3)
    Oakton (6.0) - restriction: || (&& (== net472) (>= net6.0)) (== net6.0)
      JasperFx.Core (>= 1.0) - restriction: || (&& (== net472) (>= net6.0)) (== net6.0)
      JasperFx.TypeDiscovery (>= 1.0) - restriction: || (&& (== net472) (>= net6.0)) (== net6.0)
      Microsoft.Extensions.Hosting (>= 6.0 < 8.0) - restriction: || (&& (== net472) (>= net6.0)) (== net6.0)
      Spectre.Console (>= 0.45) - restriction: || (&& (== net472) (>= net6.0)) (== net6.0)
    OpenTelemetry (1.4.0-beta.3)
      Microsoft.Extensions.Configuration.EnvironmentVariables (>= 3.1)
      Microsoft.Extensions.Logging (>= 3.1)
      Microsoft.Extensions.Logging.Configuration (>= 3.1)
      Microsoft.Extensions.Options (>= 5.0)
      OpenTelemetry.Api (>= 1.4.0-beta.3)
      System.Reflection.Emit.Lightweight (>= 4.7) - restriction: || (== net472) (&& (== net6.0) (>= net462)) (&& (== net6.0) (< netstandard2.1))
    OpenTelemetry.Api (1.4.0-beta.3)
      System.Diagnostics.DiagnosticSource (>= 7.0.0-rc.2.22472.3)
    OpenTelemetry.Exporter.Console (1.3.1)
      OpenTelemetry (>= 1.3.1)
      System.Text.Json (>= 4.7)
    OpenTelemetry.Exporter.OpenTelemetryProtocol (1.4.0-beta.3)
      Google.Protobuf (>= 3.19.4 < 4.0)
      Grpc (>= 2.44 < 3.0) - restriction: || (== net472) (&& (== net6.0) (>= net462)) (&& (== net6.0) (< netstandard2.1))
      Grpc.Net.Client (>= 2.43 < 3.0) - restriction: || (&& (== net472) (>= netstandard2.1)) (== net6.0)
      OpenTelemetry (>= 1.4.0-beta.3)
    OpenTelemetry.Exporter.OpenTelemetryProtocol.Logs (1.4.0-beta.3)
      OpenTelemetry (>= 1.4.0-beta.3)
      OpenTelemetry.Exporter.OpenTelemetryProtocol (>= 1.4.0-beta.3)
    OpenTelemetry.Extensions.Hosting (1.0.0-rc9.9)
      Microsoft.Extensions.Hosting.Abstractions (>= 2.1)
      OpenTelemetry (>= 1.4.0-beta.3)
    OpenTelemetry.Instrumentation.AspNetCore (1.0.0-rc9.9)
      Microsoft.AspNetCore.Http.Abstractions (>= 2.1.1 < 6.0) - restriction: || (== net472) (&& (== net6.0) (< netstandard2.1))
      Microsoft.AspNetCore.Http.Features (>= 2.1.1 < 6.0) - restriction: || (== net472) (&& (== net6.0) (< netstandard2.1))
      OpenTelemetry (>= 1.4.0-beta.3)
    OpenTelemetry.Instrumentation.Http (1.0.0-rc9.9)
      OpenTelemetry (>= 1.4.0-beta.3)
    OpenTelemetry.Instrumentation.Runtime (1.1.0-beta.1)
      OpenTelemetry.Api (1.4.0-beta.3)
    Parlot (0.0.23) - restriction: || (&& (== net472) (>= net6.0)) (== net6.0)
    Polly (7.2.3) - restriction: || (&& (== net472) (>= net6.0)) (== net6.0)
    Portable.BouncyCastle (1.9)
    Remotion.Linq (2.2) - restriction: || (&& (== net472) (>= net6.0)) (== net6.0)
      System.Collections (>= 4.0.11) - restriction: || (&& (== net472) (< net35)) (== net6.0)
      System.Diagnostics.Debug (>= 4.0.11) - restriction: || (&& (== net472) (< net35)) (== net6.0)
      System.Linq (>= 4.1) - restriction: || (&& (== net472) (< net35)) (== net6.0)
      System.Linq.Expressions (>= 4.1) - restriction: || (&& (== net472) (< net35)) (== net6.0)
      System.Linq.Queryable (>= 4.0.1) - restriction: || (&& (== net472) (< net35)) (== net6.0)
      System.ObjectModel (>= 4.0.12) - restriction: || (&& (== net472) (< net35)) (== net6.0)
      System.Reflection (>= 4.1) - restriction: || (&& (== net472) (< net35)) (== net6.0)
      System.Reflection.Extensions (>= 4.0.1) - restriction: || (&& (== net472) (< net35)) (== net6.0)
      System.Runtime (>= 4.1) - restriction: || (&& (== net472) (< net35)) (== net6.0)
      System.Runtime.Extensions (>= 4.1) - restriction: || (&& (== net472) (< net35)) (== net6.0)
      System.Threading (>= 4.0.11) - restriction: || (&& (== net472) (< net35)) (== net6.0)
    Result.Net (1.4)
    runtime.native.System (4.3.1) - restriction: || (&& (== net472) (>= net6.0)) (== net6.0)
      Microsoft.NETCore.Platforms (>= 1.1.1)
      Microsoft.NETCore.Targets (>= 1.1.3)
    runtime.native.System.Data.SqlClient.sni (4.7) - restriction: || (&& (== net472) (>= netcoreapp3.1)) (&& (== net472) (>= netstandard2.1)) (== net6.0)
      runtime.win-arm64.runtime.native.System.Data.SqlClient.sni (>= 4.4)
      runtime.win-x64.runtime.native.System.Data.SqlClient.sni (>= 4.4)
      runtime.win-x86.runtime.native.System.Data.SqlClient.sni (>= 4.4)
    runtime.win-arm64.runtime.native.System.Data.SqlClient.sni (4.4) - restriction: || (&& (== net472) (>= netcoreapp3.1)) (&& (== net472) (>= netstandard2.1)) (== net6.0)
    runtime.win-x64.runtime.native.System.Data.SqlClient.sni (4.4) - restriction: || (&& (== net472) (>= netcoreapp3.1)) (&& (== net472) (>= netstandard2.1)) (== net6.0)
    runtime.win-x86.runtime.native.System.Data.SqlClient.sni (4.4) - restriction: || (&& (== net472) (>= netcoreapp3.1)) (&& (== net472) (>= netstandard2.1)) (== net6.0)
    Scrutor (4.2) - restriction: || (&& (== net472) (>= net6.0)) (== net6.0)
      Microsoft.Extensions.DependencyInjection.Abstractions (>= 6.0) - restriction: || (&& (== net472) (>= net6.0)) (== net6.0)
      Microsoft.Extensions.DependencyModel (>= 6.0) - restriction: || (&& (== net472) (>= net6.0)) (== net6.0)
    Serilog (2.11)
    Serilog.Enrichers.Environment (2.2) - restriction: || (&& (== net472) (>= net6.0)) (== net6.0)
      Serilog (>= 2.3)
    Serilog.Enrichers.Thread (3.1) - restriction: || (&& (== net472) (>= net6.0)) (== net6.0)
      Serilog (>= 2.3)
    Serilog.Extensions.Logging (3.1) - restriction: || (&& (== net472) (>= net6.0)) (== net6.0)
      Microsoft.Extensions.Logging (>= 2.0)
      Serilog (>= 2.9)
    Serilog.Formatting.Compact (1.1) - restriction: || (&& (== net472) (>= net6.0)) (== net6.0)
      Serilog (>= 2.8)
    Serilog.Settings.Configuration (3.3) - restriction: || (&& (== net472) (>= net6.0)) (== net6.0)
      Microsoft.Extensions.DependencyModel (>= 3.0)
      Microsoft.Extensions.Options.ConfigurationExtensions (>= 2.0)
      Serilog (>= 2.10)
    Serilog.Sinks.Console (4.0.1) - restriction: || (&& (== net472) (>= net6.0)) (== net6.0)
      Serilog (>= 2.10)
    Serilog.Sinks.File (5.0) - restriction: || (&& (== net472) (>= net6.0)) (== net6.0)
      Serilog (>= 2.10)
    SharpZipLib (1.4.1)
      System.Memory (>= 4.5.4) - restriction: || (== net472) (&& (== net6.0) (< netstandard2.1))
      System.Threading.Tasks.Extensions (>= 4.5.2) - restriction: || (== net472) (&& (== net6.0) (< netstandard2.1))
    SourceLink.Copy.PdbFiles (2.8.3) - copy_local: true
    SourceLink.Embed.AllSourceFiles (2.8.3) - copy_local: true
    Spectre.Console (0.45) - restriction: || (&& (== net472) (>= net6.0)) (== net6.0)
      System.Memory (>= 4.5.5)
    SqlStreamStore (1.2) - restriction: || (&& (== net472) (>= net6.0)) (== net6.0)
      Microsoft.CSharp (>= 4.7)
    SqlStreamStore.MsSql (1.2) - restriction: || (&& (== net472) (>= net6.0)) (== net6.0)
      Microsoft.Data.SqlClient (>= 1.1)
      SqlStreamStore (>= 1.2)
    Structurizr.AdrTools (0.9.3)
      NETStandard.Library (>= 1.6.1) - restriction: || (&& (== net472) (< net45)) (== net6.0)
      Structurizr.Core (>= 0.9.3)
    Structurizr.Client (0.9.7)
      Structurizr.Core (>= 0.9.7)
      System.Net.Http (>= 4.3.2)
    Structurizr.Core (0.9.7)
      Newtonsoft.Json (>= 10.0.3)
    Swashbuckle.AspNetCore (6.2.3) - restriction: || (&& (== net472) (>= net6.0)) (== net6.0)
      Microsoft.Extensions.ApiDescription.Server (>= 3.0)
      Swashbuckle.AspNetCore.Swagger (>= 6.2.3)
      Swashbuckle.AspNetCore.SwaggerGen (>= 6.2.3)
      Swashbuckle.AspNetCore.SwaggerUI (>= 6.2.3)
    Swashbuckle.AspNetCore.Annotations (6.2.3) - restriction: || (&& (== net472) (>= net6.0)) (== net6.0)
      Swashbuckle.AspNetCore.SwaggerGen (>= 6.2.3)
    Swashbuckle.AspNetCore.Filters (6.0.1) - restriction: || (&& (== net472) (>= net6.0)) (== net6.0)
      Microsoft.Extensions.DependencyInjection (>= 2.1)
      Microsoft.OpenApi (>= 1.2.2)
      Newtonsoft.Json (>= 12.0.3)
      Scrutor (>= 3.0.1)
      Swashbuckle.AspNetCore (>= 5.0)
      Swashbuckle.AspNetCore.Annotations (>= 5.0)
    Swashbuckle.AspNetCore.Newtonsoft (6.2.3) - restriction: || (&& (== net472) (>= net6.0)) (== net6.0)
      Microsoft.AspNetCore.Mvc.NewtonsoftJson (>= 6.0.0-rc.1.21452.15) - restriction: || (&& (== net472) (>= net6.0)) (== net6.0)
      Swashbuckle.AspNetCore.SwaggerGen (>= 6.2.3)
    Swashbuckle.AspNetCore.ReDoc (6.3)
      Microsoft.AspNetCore.Routing (>= 2.1) - restriction: || (== net472) (&& (== net6.0) (< netcoreapp3.0))
      Microsoft.AspNetCore.StaticFiles (>= 2.1) - restriction: || (== net472) (&& (== net6.0) (< netcoreapp3.0))
      Microsoft.Extensions.FileProviders.Embedded (>= 2.1) - restriction: || (== net472) (&& (== net6.0) (< netcoreapp3.0))
      System.Text.Json (>= 4.6) - restriction: || (== net472) (&& (== net6.0) (< netcoreapp3.0))
    Swashbuckle.AspNetCore.Swagger (6.4)
      Microsoft.AspNetCore.Routing (>= 2.1) - restriction: || (== net472) (&& (== net6.0) (< netcoreapp3.0))
      Microsoft.OpenApi (>= 1.2.3)
    Swashbuckle.AspNetCore.SwaggerGen (6.3)
      Microsoft.AspNetCore.Mvc.ApiExplorer (>= 2.1) - restriction: || (== net472) (&& (== net6.0) (< netcoreapp3.0))
      Microsoft.AspNetCore.Mvc.DataAnnotations (>= 2.1) - restriction: || (== net472) (&& (== net6.0) (< netcoreapp3.0))
      Swashbuckle.AspNetCore.Swagger (>= 6.3)
      System.Text.Json (>= 4.6) - restriction: || (== net472) (&& (== net6.0) (< netcoreapp3.0))
    Swashbuckle.AspNetCore.SwaggerUI (6.4) - restriction: || (&& (== net472) (>= net6.0)) (== net6.0)
    System.Buffers (4.5.1)
    System.CodeDom (6.0) - restriction: || (&& (== net472) (>= netstandard2.1)) (== net6.0)
    System.Collections (4.3) - restriction: || (&& (== net472) (>= net6.0)) (== net6.0)
      Microsoft.NETCore.Platforms (>= 1.1) - restriction: || (&& (== net472) (< net45)) (== net6.0)
      Microsoft.NETCore.Targets (>= 1.1) - restriction: || (&& (== net472) (< net45)) (== net6.0)
      System.Runtime (>= 4.3) - restriction: || (&& (== net472) (< net45)) (== net6.0)
    System.Collections.Immutable (7.0)
      System.Memory (>= 4.5.5) - restriction: || (== net472) (&& (== net6.0) (>= net462))
      System.Runtime.CompilerServices.Unsafe (>= 6.0)
    System.ComponentModel (4.3) - restriction: || (&& (== net472) (>= net6.0)) (== net6.0)
      System.Runtime (>= 4.3) - restriction: || (&& (== net472) (< net45)) (== net6.0)
    System.ComponentModel.Annotations (5.0)
    System.Composition (6.0) - restriction: || (&& (== net472) (>= net6.0)) (== net6.0)
      System.Composition.AttributedModel (>= 6.0)
      System.Composition.Convention (>= 6.0)
      System.Composition.Hosting (>= 6.0)
      System.Composition.Runtime (>= 6.0)
      System.Composition.TypedParts (>= 6.0)
    System.Composition.AttributedModel (6.0) - restriction: || (&& (== net472) (>= net6.0)) (== net6.0)
    System.Composition.Convention (6.0) - restriction: || (&& (== net472) (>= net6.0)) (== net6.0)
      System.Composition.AttributedModel (>= 6.0)
    System.Composition.Hosting (6.0) - restriction: || (&& (== net472) (>= net6.0)) (== net6.0)
      System.Composition.Runtime (>= 6.0)
    System.Composition.Runtime (6.0) - restriction: || (&& (== net472) (>= net6.0)) (== net6.0)
    System.Composition.TypedParts (6.0) - restriction: || (&& (== net472) (>= net6.0)) (== net6.0)
      System.Composition.AttributedModel (>= 6.0)
      System.Composition.Hosting (>= 6.0)
      System.Composition.Runtime (>= 6.0)
    System.Configuration.ConfigurationManager (6.0)
      System.Security.Cryptography.ProtectedData (>= 6.0) - restriction: || (&& (== net472) (< net461)) (&& (== net472) (>= net6.0)) (== net6.0)
      System.Security.Permissions (>= 6.0)
    System.Data.Common (4.3) - restriction: || (&& (== net472) (>= net6.0)) (== net6.0)
      System.Collections (>= 4.3) - restriction: || (&& (== net472) (< net451)) (== net6.0)
      System.Globalization (>= 4.3) - restriction: || (&& (== net472) (< net451)) (== net6.0)
      System.IO (>= 4.3) - restriction: || (&& (== net472) (< net451)) (== net6.0)
      System.Resources.ResourceManager (>= 4.3) - restriction: || (&& (== net472) (< net451)) (== net6.0)
      System.Runtime (>= 4.3) - restriction: || (&& (== net472) (< net451)) (== net6.0)
      System.Runtime.Extensions (>= 4.3) - restriction: || (&& (== net472) (< net451)) (== net6.0)
      System.Text.RegularExpressions (>= 4.3) - restriction: || (&& (== net472) (< net451)) (== net6.0)
      System.Threading.Tasks (>= 4.3) - restriction: || (&& (== net472) (< net451)) (== net6.0)
    System.Data.SqlClient (4.8.3) - restriction: || (&& (== net472) (>= netstandard2.1)) (== net6.0)
      Microsoft.Win32.Registry (>= 4.7) - restriction: || (&& (== net472) (< net451)) (&& (== net472) (>= netcoreapp2.0)) (&& (== net472) (>= netcoreapp2.1)) (&& (== net472) (>= netcoreapp3.1)) (== net6.0)
      runtime.native.System.Data.SqlClient.sni (>= 4.7) - restriction: || (&& (== net472) (< net451)) (&& (== net472) (>= netcoreapp2.0)) (&& (== net472) (>= netcoreapp2.1)) (&& (== net472) (>= netcoreapp3.1)) (== net6.0)
      System.Security.Principal.Windows (>= 4.7) - restriction: || (&& (== net472) (< net451)) (&& (== net472) (>= netcoreapp2.0)) (&& (== net472) (>= netcoreapp2.1)) (&& (== net472) (>= netcoreapp3.1)) (== net6.0)
    System.Diagnostics.Debug (4.3) - restriction: || (&& (== net472) (>= net6.0)) (== net6.0)
      Microsoft.NETCore.Platforms (>= 1.1) - restriction: || (&& (== net472) (< net45)) (== net6.0)
      Microsoft.NETCore.Targets (>= 1.1) - restriction: || (&& (== net472) (< net45)) (== net6.0)
      System.Runtime (>= 4.3) - restriction: || (&& (== net472) (< net45)) (== net6.0)
    System.Diagnostics.DiagnosticSource (7.0)
      System.Runtime.CompilerServices.Unsafe (>= 6.0)
    System.Diagnostics.EventLog (6.0) - restriction: || (&& (== net472) (>= net6.0)) (== net6.0)
    System.Diagnostics.Tracing (4.3) - restriction: || (&& (== net472) (>= net6.0)) (== net6.0)
      Microsoft.NETCore.Platforms (>= 1.1) - restriction: || (&& (== net472) (< net45)) (== net6.0)
      Microsoft.NETCore.Targets (>= 1.1) - restriction: || (&& (== net472) (< net45)) (== net6.0)
      System.Runtime (>= 4.3) - restriction: || (&& (== net472) (< net45)) (== net6.0)
    System.Drawing.Common (6.0) - restriction: || (&& (== net472) (>= netcoreapp3.1)) (== net6.0)
      Microsoft.Win32.SystemEvents (>= 6.0) - restriction: || (&& (== net472) (>= netcoreapp3.1)) (== net6.0)
    System.Formats.Asn1 (6.0) - restriction: || (&& (== net472) (>= net5.0)) (&& (== net472) (>= net6.0)) (== net6.0)
    System.Globalization (4.3) - restriction: || (&& (== net472) (>= net6.0)) (== net6.0)
      Microsoft.NETCore.Platforms (>= 1.1) - restriction: || (&& (== net472) (< net45)) (== net6.0)
      Microsoft.NETCore.Targets (>= 1.1) - restriction: || (&& (== net472) (< net45)) (== net6.0)
      System.Runtime (>= 4.3) - restriction: || (&& (== net472) (< net45)) (== net6.0)
    System.IdentityModel.Tokens.Jwt (6.22) - restriction: || (&& (== net472) (>= net6.0)) (== net6.0)
      Microsoft.IdentityModel.JsonWebTokens (>= 6.22)
      Microsoft.IdentityModel.Tokens (>= 6.22)
    System.IO (4.3)
      Microsoft.NETCore.Platforms (>= 1.1) - restriction: || (&& (== net472) (< net45)) (== net6.0)
      Microsoft.NETCore.Targets (>= 1.1) - restriction: || (&& (== net472) (< net45)) (== net6.0)
      System.Runtime (>= 4.3) - restriction: || (&& (== net472) (< net45)) (== net6.0)
      System.Text.Encoding (>= 4.3) - restriction: || (&& (== net472) (< net45)) (== net6.0)
      System.Threading.Tasks (>= 4.3) - restriction: || (&& (== net472) (< net45)) (== net6.0)
    System.IO.FileSystem (4.3) - restriction: || (&& (== net472) (>= net6.0)) (== net6.0)
      Microsoft.NETCore.Platforms (>= 1.1) - restriction: || (&& (== net472) (< net46)) (== net6.0)
      Microsoft.NETCore.Targets (>= 1.1) - restriction: || (&& (== net472) (< net46)) (== net6.0)
      System.IO (>= 4.3) - restriction: || (&& (== net472) (< net46)) (== net6.0)
      System.IO.FileSystem.Primitives (>= 4.3)
      System.Runtime (>= 4.3) - restriction: || (&& (== net472) (< net46)) (== net6.0)
      System.Runtime.Handles (>= 4.3) - restriction: || (&& (== net472) (< net46)) (== net6.0)
      System.Text.Encoding (>= 4.3) - restriction: || (&& (== net472) (< net46)) (== net6.0)
      System.Threading.Tasks (>= 4.3) - restriction: || (&& (== net472) (< net46)) (== net6.0)
    System.IO.FileSystem.AccessControl (5.0) - restriction: || (&& (== net472) (>= net6.0)) (== net6.0)
      System.Security.AccessControl (>= 5.0)
      System.Security.Principal.Windows (>= 5.0)
    System.IO.FileSystem.Primitives (4.3) - restriction: || (&& (== net472) (>= net6.0)) (== net6.0)
      System.Runtime (>= 4.3) - restriction: || (&& (== net472) (< net46)) (== net6.0)
    System.IO.Pipelines (6.0.3)
    System.Linq (4.3) - restriction: || (&& (== net472) (>= net6.0)) (== net6.0)
      System.Collections (>= 4.3) - restriction: || (&& (== net472) (< net45)) (== net6.0)
      System.Diagnostics.Debug (>= 4.3) - restriction: || (&& (== net472) (< net45)) (== net6.0)
      System.Resources.ResourceManager (>= 4.3) - restriction: || (&& (== net472) (< net45)) (== net6.0)
      System.Runtime (>= 4.3) - restriction: || (&& (== net472) (< net45)) (== net6.0)
      System.Runtime.Extensions (>= 4.3) - restriction: || (&& (== net472) (< net45)) (== net6.0)
    System.Linq.Expressions (4.3) - restriction: || (&& (== net472) (>= net6.0)) (== net6.0)
      System.Collections (>= 4.3) - restriction: || (&& (== net472) (< net45)) (== net6.0)
      System.Diagnostics.Debug (>= 4.3) - restriction: || (&& (== net472) (< net45)) (== net6.0)
      System.Globalization (>= 4.3) - restriction: || (&& (== net472) (< net45)) (== net6.0)
      System.IO (>= 4.3) - restriction: || (&& (== net472) (< net45)) (== net6.0)
      System.Linq (>= 4.3) - restriction: || (&& (== net472) (< net45)) (== net6.0)
      System.ObjectModel (>= 4.3) - restriction: || (&& (== net472) (< net45)) (== net6.0)
      System.Reflection (>= 4.3) - restriction: || (&& (== net472) (< net45)) (== net6.0)
      System.Reflection.Emit (>= 4.3) - restriction: || (&& (== net472) (< net45)) (== net6.0)
      System.Reflection.Emit.ILGeneration (>= 4.3) - restriction: || (&& (== net472) (< net45)) (== net6.0)
      System.Reflection.Emit.Lightweight (>= 4.3) - restriction: || (&& (== net472) (< net45)) (== net6.0)
      System.Reflection.Extensions (>= 4.3) - restriction: || (&& (== net472) (< net45)) (== net6.0)
      System.Reflection.Primitives (>= 4.3) - restriction: || (&& (== net472) (< net45)) (== net6.0)
      System.Reflection.TypeExtensions (>= 4.3) - restriction: || (&& (== net472) (< net45)) (== net6.0)
      System.Resources.ResourceManager (>= 4.3) - restriction: || (&& (== net472) (< net45)) (== net6.0)
      System.Runtime (>= 4.3) - restriction: || (&& (== net472) (< net45)) (== net6.0)
      System.Runtime.Extensions (>= 4.3) - restriction: || (&& (== net472) (< net45)) (== net6.0)
      System.Threading (>= 4.3) - restriction: || (&& (== net472) (< net45)) (== net6.0)
    System.Linq.Queryable (4.3) - restriction: || (&& (== net472) (>= net6.0)) (== net6.0)
      System.Collections (>= 4.3) - restriction: || (&& (== net472) (< net45)) (== net6.0)
      System.Diagnostics.Debug (>= 4.3) - restriction: || (&& (== net472) (< net45)) (== net6.0)
      System.Linq (>= 4.3) - restriction: || (&& (== net472) (< net45)) (== net6.0)
      System.Linq.Expressions (>= 4.3) - restriction: || (&& (== net472) (< net45)) (== net6.0)
      System.Reflection (>= 4.3) - restriction: || (&& (== net472) (< net45)) (== net6.0)
      System.Reflection.Extensions (>= 4.3) - restriction: || (&& (== net472) (< net45)) (== net6.0)
      System.Resources.ResourceManager (>= 4.3) - restriction: || (&& (== net472) (< net45)) (== net6.0)
      System.Runtime (>= 4.3) - restriction: || (&& (== net472) (< net45)) (== net6.0)
    System.Memory (4.5.5)
      System.Buffers (>= 4.5.1) - restriction: || (== net472) (&& (== net6.0) (>= monotouch)) (&& (== net6.0) (>= net461)) (&& (== net6.0) (< netcoreapp2.0)) (&& (== net6.0) (< netstandard1.1)) (&& (== net6.0) (< netstandard2.0)) (&& (== net6.0) (>= xamarinios)) (&& (== net6.0) (>= xamarinmac)) (&& (== net6.0) (>= xamarintvos)) (&& (== net6.0) (>= xamarinwatchos))
      System.Numerics.Vectors (>= 4.5) - restriction: || (== net472) (&& (== net6.0) (>= net461))
      System.Runtime.CompilerServices.Unsafe (>= 4.5.3) - restriction: || (== net472) (&& (== net6.0) (>= monotouch)) (&& (== net6.0) (>= net461)) (&& (== net6.0) (< netcoreapp2.0)) (&& (== net6.0) (< netcoreapp2.1)) (&& (== net6.0) (< netstandard1.1)) (&& (== net6.0) (< netstandard2.0)) (&& (== net6.0) (>= uap10.1)) (&& (== net6.0) (>= xamarinios)) (&& (== net6.0) (>= xamarinmac)) (&& (== net6.0) (>= xamarintvos)) (&& (== net6.0) (>= xamarinwatchos))
    System.Memory.Data (6.0) - restriction: || (&& (== net472) (>= net6.0)) (== net6.0)
      System.Text.Json (>= 6.0)
    System.Net.Http (4.3.4)
      System.Security.Cryptography.X509Certificates (>= 4.3)
    System.Net.NameResolution (4.3) - restriction: || (&& (== net472) (>= net6.0)) (== net6.0)
      Microsoft.NETCore.Platforms (>= 1.1) - restriction: || (&& (== net472) (< net46)) (== net6.0)
      runtime.native.System (>= 4.3) - restriction: || (&& (== net472) (< net46)) (== net6.0)
      System.Collections (>= 4.3) - restriction: || (&& (== net472) (< net46)) (== net6.0)
      System.Diagnostics.Tracing (>= 4.3) - restriction: || (&& (== net472) (< net46)) (== net6.0)
      System.Globalization (>= 4.3) - restriction: || (&& (== net472) (< net46)) (== net6.0)
      System.Net.Primitives (>= 4.3) - restriction: || (&& (== net472) (< net46)) (== net6.0)
      System.Resources.ResourceManager (>= 4.3) - restriction: || (&& (== net472) (< net46)) (== net6.0)
      System.Runtime (>= 4.3) - restriction: || (&& (== net472) (< net46)) (== net6.0)
      System.Runtime.Extensions (>= 4.3) - restriction: || (&& (== net472) (< net46)) (== net6.0)
      System.Runtime.Handles (>= 4.3) - restriction: || (&& (== net472) (< net46)) (== net6.0)
      System.Runtime.InteropServices (>= 4.3) - restriction: || (&& (== net472) (< net46)) (== net6.0)
      System.Security.Principal.Windows (>= 4.3) - restriction: || (&& (== net472) (< net46)) (== net6.0)
      System.Threading (>= 4.3) - restriction: || (&& (== net472) (< net46)) (== net6.0)
      System.Threading.Tasks (>= 4.3) - restriction: || (&& (== net472) (< net46)) (== net6.0)
    System.Net.Primitives (4.3.1) - restriction: || (&& (== net472) (>= net6.0)) (== net6.0)
      Microsoft.NETCore.Platforms (>= 1.1.1) - restriction: || (&& (== net472) (< net45)) (&& (== net472) (< netstandard1.1)) (== net6.0)
      Microsoft.NETCore.Targets (>= 1.1.3) - restriction: || (&& (== net472) (< net45)) (&& (== net472) (< netstandard1.1)) (== net6.0)
      System.Runtime (>= 4.3.1) - restriction: || (&& (== net472) (< net45)) (&& (== net472) (< netstandard1.1)) (== net6.0)
      System.Runtime.Handles (>= 4.3) - restriction: || (&& (== net472) (< net45)) (== net6.0)
    System.Numerics.Vectors (4.5)
    System.ObjectModel (4.3) - restriction: || (&& (== net472) (>= net6.0)) (== net6.0)
      System.Collections (>= 4.3) - restriction: || (&& (== net472) (< net45)) (== net6.0)
      System.Diagnostics.Debug (>= 4.3) - restriction: || (&& (== net472) (< net45)) (== net6.0)
      System.Resources.ResourceManager (>= 4.3) - restriction: || (&& (== net472) (< net45)) (== net6.0)
      System.Runtime (>= 4.3) - restriction: || (&& (== net472) (< net45)) (== net6.0)
      System.Threading (>= 4.3) - restriction: || (&& (== net472) (< net45)) (== net6.0)
    System.Reactive (5.0)
    System.Reflection (4.3) - restriction: || (&& (== net472) (>= net6.0)) (== net6.0)
      Microsoft.NETCore.Platforms (>= 1.1) - restriction: || (&& (== net472) (< net45)) (== net6.0)
      Microsoft.NETCore.Targets (>= 1.1) - restriction: || (&& (== net472) (< net45)) (== net6.0)
      System.IO (>= 4.3) - restriction: || (&& (== net472) (< net45)) (== net6.0)
      System.Reflection.Primitives (>= 4.3) - restriction: || (&& (== net472) (< net45)) (== net6.0)
      System.Runtime (>= 4.3) - restriction: || (&& (== net472) (< net45)) (== net6.0)
    System.Reflection.Emit (4.7) - restriction: || (&& (== net472) (>= net6.0)) (== net6.0)
    System.Reflection.Emit.ILGeneration (4.7) - restriction: || (&& (== net472) (>= net6.0)) (== net6.0)
    System.Reflection.Emit.Lightweight (4.7)
    System.Reflection.Extensions (4.3) - restriction: || (&& (== net472) (>= net6.0)) (== net6.0)
      Microsoft.NETCore.Platforms (>= 1.1) - restriction: || (&& (== net472) (< net45)) (== net6.0)
      Microsoft.NETCore.Targets (>= 1.1) - restriction: || (&& (== net472) (< net45)) (== net6.0)
      System.Reflection (>= 4.3) - restriction: || (&& (== net472) (< net45)) (== net6.0)
      System.Runtime (>= 4.3) - restriction: || (&& (== net472) (< net45)) (== net6.0)
    System.Reflection.Metadata (6.0.1)
      System.Collections.Immutable (>= 6.0)
    System.Reflection.Primitives (4.3) - restriction: || (&& (== net472) (>= net6.0)) (== net6.0)
      Microsoft.NETCore.Platforms (>= 1.1) - restriction: || (&& (== net472) (< net45)) (== net6.0)
      Microsoft.NETCore.Targets (>= 1.1) - restriction: || (&& (== net472) (< net45)) (== net6.0)
      System.Runtime (>= 4.3) - restriction: || (&& (== net472) (< net45)) (== net6.0)
    System.Reflection.TypeExtensions (4.7) - restriction: || (&& (== net472) (>= net6.0)) (== net6.0)
    System.Resources.Extensions (6.0)
      System.Memory (>= 4.5.4) - restriction: || (== net472) (&& (== net6.0) (>= net461))
    System.Resources.ResourceManager (4.3) - restriction: || (&& (== net472) (>= net6.0)) (== net6.0)
      Microsoft.NETCore.Platforms (>= 1.1) - restriction: || (&& (== net472) (< net45)) (== net6.0)
      Microsoft.NETCore.Targets (>= 1.1) - restriction: || (&& (== net472) (< net45)) (== net6.0)
      System.Globalization (>= 4.3) - restriction: || (&& (== net472) (< net45)) (== net6.0)
      System.Reflection (>= 4.3) - restriction: || (&& (== net472) (< net45)) (== net6.0)
      System.Runtime (>= 4.3) - restriction: || (&& (== net472) (< net45)) (== net6.0)
    System.Runtime (4.3.1)
      Microsoft.NETCore.Platforms (>= 1.1.1) - restriction: || (&& (== net472) (< net45)) (== net6.0)
      Microsoft.NETCore.Targets (>= 1.1.3) - restriction: || (&& (== net472) (< net45)) (== net6.0)
    System.Runtime.Caching (6.0) - restriction: || (&& (== net472) (>= net6.0)) (== net6.0)
      System.Configuration.ConfigurationManager (>= 6.0)
    System.Runtime.CompilerServices.Unsafe (6.0)
    System.Runtime.Extensions (4.3.1) - restriction: || (&& (== net472) (>= net6.0)) (== net6.0)
      Microsoft.NETCore.Platforms (>= 1.1.1) - restriction: || (&& (== net472) (< net45)) (== net6.0)
      Microsoft.NETCore.Targets (>= 1.1.3) - restriction: || (&& (== net472) (< net45)) (== net6.0)
      System.Runtime (>= 4.3.1) - restriction: || (&& (== net472) (< net45)) (== net6.0)
    System.Runtime.Handles (4.3) - restriction: || (&& (== net472) (>= net6.0)) (== net6.0)
      Microsoft.NETCore.Platforms (>= 1.1) - restriction: || (&& (== net472) (< net46)) (== net6.0)
      Microsoft.NETCore.Targets (>= 1.1) - restriction: || (&& (== net472) (< net46)) (== net6.0)
      System.Runtime (>= 4.3) - restriction: || (&& (== net472) (< net46)) (== net6.0)
    System.Runtime.InteropServices (4.3) - restriction: || (&& (== net472) (>= net6.0)) (== net6.0)
      Microsoft.NETCore.Platforms (>= 1.1) - restriction: || (&& (== net472) (< net45)) (&& (== net472) (>= netcoreapp1.1)) (== net6.0)
      Microsoft.NETCore.Targets (>= 1.1) - restriction: || (&& (== net472) (< net45)) (&& (== net472) (>= netcoreapp1.1)) (== net6.0)
      System.Reflection (>= 4.3) - restriction: || (&& (== net472) (< net45)) (&& (== net472) (>= netcoreapp1.1)) (== net6.0)
      System.Reflection.Primitives (>= 4.3) - restriction: || (&& (== net472) (< net45)) (&& (== net472) (>= netcoreapp1.1)) (== net6.0)
      System.Runtime (>= 4.3)
      System.Runtime.Handles (>= 4.3) - restriction: || (&& (== net472) (< net45)) (&& (== net472) (>= netcoreapp1.1)) (== net6.0)
    System.Runtime.Loader (4.3) - restriction: || (&& (== net472) (>= net6.0)) (== net6.0)
      System.IO (>= 4.3) - restriction: || (&& (== net472) (< net462)) (== net6.0)
      System.Reflection (>= 4.3) - restriction: || (&& (== net472) (< net462)) (== net6.0)
      System.Runtime (>= 4.3) - restriction: || (&& (== net472) (< net462)) (== net6.0)
    System.Security.AccessControl (6.0) - restriction: || (&& (== net472) (>= netstandard2.1)) (== net6.0)
    System.Security.Cryptography.Algorithms (4.3.1) - restriction: || (== net472) (&& (== net6.0) (>= net461))
      System.IO (>= 4.3)
      System.Runtime (>= 4.3)
      System.Security.Cryptography.Encoding (>= 4.3)
      System.Security.Cryptography.Primitives (>= 4.3)
    System.Security.Cryptography.Cng (5.0) - restriction: || (&& (== net472) (>= net6.0)) (== net6.0)
      System.Formats.Asn1 (>= 5.0) - restriction: || (&& (== net472) (>= netcoreapp3.0)) (== net6.0)
    System.Security.Cryptography.Encoding (4.3) - restriction: || (== net472) (&& (== net6.0) (>= net461)) (&& (== net6.0) (>= net463))
    System.Security.Cryptography.Pkcs (6.0.1) - restriction: || (&& (== net472) (>= net5.0)) (&& (== net472) (>= net6.0)) (== net6.0)
      System.Formats.Asn1 (>= 6.0) - restriction: || (&& (== net472) (< net461)) (&& (== net472) (>= netstandard2.1)) (== net6.0)
    System.Security.Cryptography.Primitives (4.3) - restriction: || (== net472) (&& (== net6.0) (>= net461)) (&& (== net6.0) (>= net463))
    System.Security.Cryptography.ProtectedData (6.0) - restriction: || (&& (== net472) (>= net6.0)) (&& (== net472) (>= netstandard2.1)) (== net6.0)
    System.Security.Cryptography.X509Certificates (4.3.2) - restriction: || (== net472) (&& (== net6.0) (>= net47))
      System.Security.Cryptography.Algorithms (>= 4.3)
      System.Security.Cryptography.Encoding (>= 4.3)
    System.Security.Cryptography.Xml (6.0.1) - restriction: || (&& (== net472) (>= net6.0)) (== net6.0)
      System.Security.AccessControl (>= 6.0)
      System.Security.Cryptography.Pkcs (>= 6.0.1) - restriction: || (&& (== net472) (< net461)) (&& (== net472) (>= net6.0)) (== net6.0)
    System.Security.Permissions (6.0) - restriction: || (&& (== net472) (>= netstandard2.1)) (== net6.0)
      System.Security.AccessControl (>= 6.0)
      System.Windows.Extensions (>= 6.0) - restriction: || (&& (== net472) (>= netcoreapp3.1)) (== net6.0)
    System.Security.Principal.Windows (5.0) - restriction: || (&& (== net472) (>= net6.0)) (== net6.0)
    System.Text.Encoding (4.3) - restriction: || (&& (== net472) (>= net6.0)) (== net6.0)
      Microsoft.NETCore.Platforms (>= 1.1) - restriction: || (&& (== net472) (< net45)) (== net6.0)
      Microsoft.NETCore.Targets (>= 1.1) - restriction: || (&& (== net472) (< net45)) (== net6.0)
      System.Runtime (>= 4.3) - restriction: || (&& (== net472) (< net45)) (== net6.0)
    System.Text.Encoding.CodePages (6.0) - restriction: || (&& (== net472) (>= net6.0)) (== net6.0)
      System.Runtime.CompilerServices.Unsafe (>= 6.0)
    System.Text.Encoding.Extensions (4.3) - restriction: || (&& (== net472) (>= net6.0)) (== net6.0)
      Microsoft.NETCore.Platforms (>= 1.1) - restriction: || (&& (== net472) (< net45)) (== net6.0)
      Microsoft.NETCore.Targets (>= 1.1) - restriction: || (&& (== net472) (< net45)) (== net6.0)
      System.Runtime (>= 4.3) - restriction: || (&& (== net472) (< net45)) (== net6.0)
      System.Text.Encoding (>= 4.3) - restriction: || (&& (== net472) (< net45)) (== net6.0)
    System.Text.Encodings.Web (7.0)
      System.Runtime.CompilerServices.Unsafe (>= 6.0)
    System.Text.Json (7.0)
      System.Runtime.CompilerServices.Unsafe (>= 6.0)
      System.Text.Encodings.Web (>= 7.0)
    System.Text.RegularExpressions (4.3.1) - restriction: || (&& (== net472) (>= net6.0)) (== net6.0)
      System.Runtime (>= 4.3.1) - restriction: || (&& (== net472) (< net45)) (&& (== net472) (>= netcoreapp1.1)) (== net6.0)
    System.Threading (4.3) - restriction: || (&& (== net472) (>= net6.0)) (== net6.0)
      System.Runtime (>= 4.3) - restriction: || (&& (== net472) (< net45)) (== net6.0)
      System.Threading.Tasks (>= 4.3) - restriction: || (&& (== net472) (< net45)) (== net6.0)
    System.Threading.Channels (7.0) - restriction: || (== net472) (&& (== net6.0) (< netcoreapp3.1)) (&& (== net6.0) (< netstandard2.1))
      System.Threading.Tasks.Extensions (>= 4.5.4) - restriction: || (== net472) (&& (== net6.0) (>= net462)) (&& (== net6.0) (< netstandard2.1))
    System.Threading.Tasks (4.3) - restriction: || (&& (== net472) (>= net6.0)) (== net6.0)
      Microsoft.NETCore.Platforms (>= 1.1) - restriction: || (&& (== net472) (< net45)) (== net6.0)
      Microsoft.NETCore.Targets (>= 1.1) - restriction: || (&& (== net472) (< net45)) (== net6.0)
      System.Runtime (>= 4.3) - restriction: || (&& (== net472) (< net45)) (== net6.0)
    System.Threading.Tasks.Dataflow (7.0)
    System.Threading.Tasks.Extensions (4.5.4)
      System.Runtime.CompilerServices.Unsafe (>= 4.5.3) - restriction: || (== net472) (&& (== net6.0) (>= net461)) (&& (== net6.0) (< netcoreapp2.1)) (&& (== net6.0) (< netstandard1.0)) (&& (== net6.0) (< netstandard2.0)) (&& (== net6.0) (>= wp8))
    System.ValueTuple (4.5)
    System.Windows.Extensions (6.0) - restriction: || (&& (== net472) (>= netcoreapp3.1)) (== net6.0)
      System.Drawing.Common (>= 6.0) - restriction: || (&& (== net472) (>= netcoreapp3.1)) (== net6.0)
    System.Xml.ReaderWriter (4.3.1) - restriction: || (&& (== net472) (>= net6.0)) (== net6.0)
      System.Collections (>= 4.3) - restriction: || (&& (== net472) (< net45)) (== net6.0)
      System.Diagnostics.Debug (>= 4.3) - restriction: || (&& (== net472) (< net45)) (== net6.0)
      System.Globalization (>= 4.3) - restriction: || (&& (== net472) (< net45)) (== net6.0)
      System.IO (>= 4.3) - restriction: || (&& (== net472) (< net45)) (== net6.0)
      System.IO.FileSystem (>= 4.3) - restriction: || (&& (== net472) (< net45)) (== net6.0)
      System.IO.FileSystem.Primitives (>= 4.3) - restriction: || (&& (== net472) (< net45)) (== net6.0)
      System.Resources.ResourceManager (>= 4.3) - restriction: || (&& (== net472) (< net45)) (== net6.0)
      System.Runtime (>= 4.3) - restriction: || (&& (== net472) (< net45)) (== net6.0)
      System.Runtime.Extensions (>= 4.3) - restriction: || (&& (== net472) (< net45)) (== net6.0)
      System.Runtime.InteropServices (>= 4.3) - restriction: || (&& (== net472) (< net45)) (== net6.0)
      System.Text.Encoding (>= 4.3) - restriction: || (&& (== net472) (< net45)) (== net6.0)
      System.Text.Encoding.Extensions (>= 4.3) - restriction: || (&& (== net472) (< net45)) (== net6.0)
      System.Text.RegularExpressions (>= 4.3) - restriction: || (&& (== net472) (< net45)) (== net6.0)
      System.Threading.Tasks (>= 4.3) - restriction: || (&& (== net472) (< net45)) (== net6.0)
      System.Threading.Tasks.Extensions (>= 4.3) - restriction: || (&& (== net472) (< net45)) (== net6.0)
    Testcontainers (2.3)
      Docker.DotNet (>= 3.125.12)
      Docker.DotNet.X509 (>= 3.125.12)
      Microsoft.Extensions.Logging.Abstractions (>= 3.1.31)
      Portable.BouncyCastle (>= 1.9)
      SharpZipLib (>= 1.4.1)
      System.Text.Json (>= 4.7.2)
    TimeZoneConverter (5.0) - restriction: || (&& (== net472) (>= net6.0)) (== net6.0)
    Weasel.CommandLine (6.0.0-alpha.6) - restriction: || (&& (== net472) (>= net6.0)) (== net6.0)
      Oakton (>= 6.0) - restriction: || (&& (== net472) (>= net6.0)) (== net6.0)
      Weasel.Core (>= 6.0.0-alpha.6) - restriction: || (&& (== net472) (>= net6.0)) (== net6.0)
    Weasel.Core (6.0.0-alpha.6)
      JasperFx.Core (>= 1.0) - restriction: || (&& (== net472) (>= net6.0)) (== net6.0)
    Weasel.Postgresql (6.0.0-alpha.6) - restriction: || (&& (== net472) (>= net6.0)) (== net6.0)
      Npgsql (>= 7.0) - restriction: || (&& (== net472) (>= net6.0)) (== net6.0)
      Weasel.Core (>= 6.0.0-alpha.6) - restriction: || (&& (== net472) (>= net6.0)) (== net6.0)
    WolverineFx (0.9.6)
      FastExpressionCompiler (>= 3.3.3) - restriction: || (&& (== net472) (>= net6.0)) (== net6.0)
      JasperFx.CodeGeneration.Commands (>= 1.0) - restriction: || (&& (== net472) (>= net6.0)) (== net6.0)
      JasperFx.Core (>= 1.1) - restriction: || (&& (== net472) (>= net6.0)) (== net6.0)
      JasperFx.RuntimeCompiler (>= 1.0) - restriction: || (&& (== net472) (>= net6.0)) (== net6.0)
      Lamar.Microsoft.DependencyInjection (>= 10.0) - restriction: || (&& (== net472) (>= net6.0)) (== net6.0)
      Microsoft.Extensions.Caching.Memory (>= 6.0 < 8.0) - restriction: || (&& (== net472) (>= net6.0)) (== net6.0)
      Microsoft.Extensions.Configuration (>= 6.0 < 8.0) - restriction: || (&& (== net472) (>= net6.0)) (== net6.0)
      Microsoft.Extensions.Configuration.Abstractions (>= 6.0 < 8.0) - restriction: || (&& (== net472) (>= net6.0)) (== net6.0)
      Microsoft.Extensions.Configuration.Binder (>= 6.0 < 8.0) - restriction: || (&& (== net472) (>= net6.0)) (== net6.0)
      Microsoft.Extensions.Configuration.Json (>= 6.0 < 8.0) - restriction: || (&& (== net472) (>= net6.0)) (== net6.0)
      Microsoft.Extensions.Hosting (>= 6.0 < 8.0) - restriction: || (&& (== net472) (>= net6.0)) (== net6.0)
      Microsoft.Extensions.ObjectPool (>= 6.0 < 8.0) - restriction: || (&& (== net472) (>= net6.0)) (== net6.0)
      Newtonsoft.Json (>= 13.0.1) - restriction: || (&& (== net472) (>= net6.0)) (== net6.0)
      Oakton (>= 6.0) - restriction: || (&& (== net472) (>= net6.0)) (== net6.0)
      System.ComponentModel (>= 4.3) - restriction: || (&& (== net472) (>= net6.0)) (== net6.0)
      System.Diagnostics.DiagnosticSource (>= 6.0 < 8.0) - restriction: || (&& (== net472) (>= net6.0)) (== net6.0)
      System.Net.NameResolution (>= 4.3) - restriction: || (&& (== net472) (>= net6.0)) (== net6.0)
      System.Threading.Tasks.Dataflow (>= 7.0) - restriction: || (&& (== net472) (>= net6.0)) (== net6.0)
    xunit (2.4.1)
      xunit.analyzers (>= 0.10)
      xunit.assert (2.4.1)
      xunit.core (2.4.1)
    xunit.abstractions (2.0.3)
    xunit.analyzers (1.0)
    xunit.assert (2.4.1)
      NETStandard.Library (>= 1.6.1) - restriction: || (&& (== net472) (< net452)) (== net6.0)
    xunit.categories (2.0.6)
      xunit (>= 2.4.1)
    xunit.core (2.4.1)
      xunit.extensibility.core (2.4.1)
      xunit.extensibility.execution (2.4.1)
    xunit.extensibility.core (2.4.1)
      NETStandard.Library (>= 1.6.1) - restriction: || (&& (== net472) (< net452)) (== net6.0)
      xunit.abstractions (>= 2.0.3)
    xunit.extensibility.execution (2.4.1)
      NETStandard.Library (>= 1.6.1) - restriction: || (&& (== net472) (< net452)) (== net6.0)
      xunit.extensibility.core (2.4.1)
    xunit.runner.visualstudio (2.4.3)
