RESTRICTION: || (== net40) (== net8.0)
NUGET
  remote: https://api.nuget.org/v3/index.json
    Asp.Versioning.Abstractions (8.1) - restriction: || (&& (== net40) (>= net8.0)) (== net8.0)
      Microsoft.Extensions.Primitives (>= 8.0) - restriction: || (&& (== net40) (>= netstandard2.0)) (== net8.0)
    Asp.Versioning.Http (8.1) - restriction: || (&& (== net40) (>= net8.0)) (== net8.0)
      Asp.Versioning.Abstractions (>= 8.1) - restriction: || (&& (== net40) (>= net8.0)) (== net8.0)
    Asp.Versioning.Mvc (8.1) - restriction: || (&& (== net40) (>= net8.0)) (== net8.0)
      Asp.Versioning.Http (>= 8.1) - restriction: || (&& (== net40) (>= net8.0)) (== net8.0)
    Asp.Versioning.Mvc.ApiExplorer (8.1) - restriction: || (&& (== net40) (>= net8.0)) (== net8.0)
      Asp.Versioning.Mvc (>= 8.1) - restriction: || (&& (== net40) (>= net8.0)) (== net8.0)
    Autofac (8.0) - restriction: || (&& (== net40) (>= net8.0)) (== net8.0)
      System.Diagnostics.DiagnosticSource (>= 7.0.2) - restriction: || (&& (== net40) (>= netstandard2.0)) (== net8.0)
    Autofac.Extensions.DependencyInjection (9.0) - restriction: || (&& (== net40) (>= net8.0)) (== net8.0)
      Autofac (>= 8.0) - restriction: || (&& (== net40) (>= netstandard2.0)) (== net8.0)
      Microsoft.Extensions.DependencyInjection.Abstractions (>= 8.0) - restriction: || (&& (== net40) (>= netstandard2.0)) (== net8.0)
    AutoFixture (4.18.1)
      Fare (>= 2.1.1 < 3.0) - restriction: || (&& (== net40) (>= net452)) (&& (== net40) (>= netstandard1.5)) (== net8.0)
      System.ComponentModel.Annotations (>= 4.3) - restriction: || (&& (== net40) (>= netstandard1.5)) (&& (== net40) (>= netstandard2.0)) (== net8.0)
    AutoFixture.Xunit2 (4.18.1)
      AutoFixture (>= 4.18.1) - restriction: || (&& (== net40) (>= net452)) (&& (== net40) (>= netstandard1.5)) (== net8.0)
      xunit.extensibility.core (>= 2.2 < 3.0) - restriction: || (&& (== net40) (>= netstandard1.5)) (&& (== net40) (>= netstandard2.0)) (== net8.0)
    AWSSDK.Core (3.7.304.4)
    AWSSDK.DynamoDBv2 (3.7.303.10) - restriction: || (&& (== net40) (>= netstandard2.1)) (== net8.0)
      AWSSDK.Core (>= 3.7.304.4 < 4.0)
    AWSSDK.SQS (3.7.301.7)
      AWSSDK.Core (>= 3.7.304.4 < 4.0)
    Azure.Core (1.39) - restriction: || (&& (== net40) (>= net8.0)) (== net8.0)
      Microsoft.Bcl.AsyncInterfaces (>= 1.1.1) - restriction: || (&& (== net40) (>= net461)) (&& (== net40) (>= netstandard2.0)) (== net8.0)
      System.ClientModel (>= 1.0) - restriction: || (&& (== net40) (>= net461)) (&& (== net40) (>= netstandard2.0)) (== net8.0)
      System.Diagnostics.DiagnosticSource (>= 6.0.1) - restriction: || (&& (== net40) (>= net461)) (&& (== net40) (>= netstandard2.0)) (== net8.0)
      System.Memory.Data (>= 1.0.2) - restriction: || (&& (== net40) (>= net461)) (&& (== net40) (>= netstandard2.0)) (== net8.0)
      System.Numerics.Vectors (>= 4.5) - restriction: || (&& (== net40) (>= net461)) (&& (== net40) (>= netstandard2.0)) (== net8.0)
      System.Text.Encodings.Web (>= 4.7.2) - restriction: || (&& (== net40) (>= net461)) (&& (== net40) (>= netstandard2.0)) (== net8.0)
      System.Text.Json (>= 4.7.2) - restriction: || (&& (== net40) (>= net461)) (&& (== net40) (>= netstandard2.0)) (== net8.0)
      System.Threading.Tasks.Extensions (>= 4.5.4) - restriction: || (&& (== net40) (>= net461)) (&& (== net40) (>= netstandard2.0)) (== net8.0)
    Azure.Identity (1.11.3) - restriction: || (&& (== net40) (>= net8.0)) (== net8.0)
      Azure.Core (>= 1.38) - restriction: || (&& (== net40) (>= netstandard2.0)) (== net8.0)
      Microsoft.Identity.Client (>= 4.60.3) - restriction: || (&& (== net40) (>= netstandard2.0)) (== net8.0)
      Microsoft.Identity.Client.Extensions.Msal (>= 4.60.3) - restriction: || (&& (== net40) (>= netstandard2.0)) (== net8.0)
      System.Memory (>= 4.5.4) - restriction: || (&& (== net40) (>= netstandard2.0)) (== net8.0)
      System.Security.Cryptography.ProtectedData (>= 4.7) - restriction: || (&& (== net40) (>= netstandard2.0)) (== net8.0)
      System.Text.Json (>= 4.7.2) - restriction: || (&& (== net40) (>= netstandard2.0)) (== net8.0)
      System.Threading.Tasks.Extensions (>= 4.5.4) - restriction: || (&& (== net40) (>= netstandard2.0)) (== net8.0)
    Be.Vlaanderen.Basisregisters.AggregateSource (9.0.1)
      Be.Vlaanderen.Basisregisters.Utilities.HashCodeCalculator (>= 4.0) - restriction: || (&& (== net40) (>= netstandard2.1)) (== net8.0)
      Be.Vlaanderen.Basisregisters.Utilities.HexByteConvertor (>= 4.0) - restriction: || (&& (== net40) (>= netstandard2.1)) (== net8.0)
      Be.Vlaanderen.Basisregisters.Utilities.ToStringBuilder (>= 4.0) - restriction: || (&& (== net40) (>= netstandard2.1)) (== net8.0)
      Newtonsoft.Json (>= 13.0.3) - restriction: || (&& (== net40) (>= netstandard2.1)) (== net8.0)
      NodaTime (>= 3.1.11) - restriction: || (&& (== net40) (>= netstandard2.1)) (== net8.0)
    Be.Vlaanderen.Basisregisters.AggregateSource.SqlStreamStore (9.0.1) - restriction: || (&& (== net40) (>= net8.0)) (== net8.0)
      Be.Vlaanderen.Basisregisters.AggregateSource (9.0.1) - restriction: || (&& (== net40) (>= netstandard2.1)) (== net8.0)
      Be.Vlaanderen.Basisregisters.EventHandling (>= 5.0) - restriction: || (&& (== net40) (>= netstandard2.1)) (== net8.0)
      SqlStreamStore (>= 1.2) - restriction: || (&& (== net40) (>= netstandard2.1)) (== net8.0)
    Be.Vlaanderen.Basisregisters.Api (23.1)
      Asp.Versioning.Mvc.ApiExplorer (>= 8.0) - restriction: || (&& (== net40) (>= net8.0)) (== net8.0)
      Autofac (>= 8.0) - restriction: || (&& (== net40) (>= net8.0)) (== net8.0)
      Autofac.Extensions.DependencyInjection (>= 9.0) - restriction: || (&& (== net40) (>= net8.0)) (== net8.0)
      Be.Vlaanderen.Basisregisters.AggregateSource (>= 9.0.1) - restriction: || (&& (== net40) (>= net8.0)) (== net8.0)
      Be.Vlaanderen.Basisregisters.AggregateSource.SqlStreamStore (>= 9.0.1) - restriction: || (&& (== net40) (>= net8.0)) (== net8.0)
      Be.Vlaanderen.Basisregisters.AspNetCore.Mvc.Formatters.Json (>= 5.0) - restriction: || (&& (== net40) (>= net8.0)) (== net8.0)
      Be.Vlaanderen.Basisregisters.AspNetCore.Mvc.Logging (>= 4.0.1) - restriction: || (&& (== net40) (>= net8.0)) (== net8.0)
      Be.Vlaanderen.Basisregisters.AspNetCore.Mvc.Middleware.AddCorrelationId (>= 4.0) - restriction: || (&& (== net40) (>= net8.0)) (== net8.0)
      Be.Vlaanderen.Basisregisters.AspNetCore.Mvc.Middleware.AddCorrelationIdToLogContext (>= 4.0) - restriction: || (&& (== net40) (>= net8.0)) (== net8.0)
      Be.Vlaanderen.Basisregisters.AspNetCore.Mvc.Middleware.AddCorrelationIdToResponse (>= 4.0) - restriction: || (&& (== net40) (>= net8.0)) (== net8.0)
      Be.Vlaanderen.Basisregisters.AspNetCore.Mvc.Middleware.AddHttpSecurityHeaders (>= 4.0) - restriction: || (&& (== net40) (>= net8.0)) (== net8.0)
      Be.Vlaanderen.Basisregisters.AspNetCore.Mvc.Middleware.AddRemoteIpAddress (>= 4.0) - restriction: || (&& (== net40) (>= net8.0)) (== net8.0)
      Be.Vlaanderen.Basisregisters.AspNetCore.Mvc.Middleware.AddVersionHeader (>= 4.0) - restriction: || (&& (== net40) (>= net8.0)) (== net8.0)
      Be.Vlaanderen.Basisregisters.AspNetCore.Mvc.Middleware.DefaultResponseCompressionQuality (>= 4.0) - restriction: || (&& (== net40) (>= net8.0)) (== net8.0)
      Be.Vlaanderen.Basisregisters.AspNetCore.Mvc.Middleware.EnableRequestRewind (>= 4.0) - restriction: || (&& (== net40) (>= net8.0)) (== net8.0)
      Be.Vlaanderen.Basisregisters.AspNetCore.Mvc.ModelBinding.GuidHeader (>= 4.0) - restriction: || (&& (== net40) (>= net8.0)) (== net8.0)
      Be.Vlaanderen.Basisregisters.AspNetCore.Swagger (>= 5.0) - restriction: || (&& (== net40) (>= net8.0)) (== net8.0)
      Be.Vlaanderen.Basisregisters.AspNetCore.Swagger.ReDoc (>= 5.0) - restriction: || (&& (== net40) (>= net8.0)) (== net8.0)
      Be.Vlaanderen.Basisregisters.Aws.DistributedMutex (>= 4.0.1) - restriction: || (&& (== net40) (>= net8.0)) (== net8.0)
      Be.Vlaanderen.Basisregisters.EventHandling.Autofac (>= 5.0) - restriction: || (&& (== net40) (>= net8.0)) (== net8.0)
      Be.Vlaanderen.Basisregisters.Generators.Guid.Deterministic (>= 4.0) - restriction: || (&& (== net40) (>= net8.0)) (== net8.0)
      Be.Vlaanderen.Basisregisters.Middleware.AddProblemJsonHeader (>= 3.0) - restriction: || (&& (== net40) (>= net8.0)) (== net8.0)
      Be.Vlaanderen.Basisregisters.ProblemDetails (>= 9.0) - restriction: || (&& (== net40) (>= net8.0)) (== net8.0)
      FluentValidation.AspNetCore (>= 11.3) - restriction: || (&& (== net40) (>= net8.0)) (== net8.0)
      Microsoft.AspNetCore.Diagnostics.EntityFrameworkCore (>= 8.0.2) - restriction: || (&& (== net40) (>= net8.0)) (== net8.0)
      Microsoft.AspNetCore.Mvc.NewtonsoftJson (>= 8.0.2) - restriction: || (&& (== net40) (>= net8.0)) (== net8.0)
      Microsoft.EntityFrameworkCore (>= 8.0.2) - restriction: || (&& (== net40) (>= net8.0)) (== net8.0)
      Microsoft.Extensions.Configuration (>= 8.0) - restriction: || (&& (== net40) (>= net8.0)) (== net8.0)
      Microsoft.Extensions.Configuration.CommandLine (>= 8.0) - restriction: || (&& (== net40) (>= net8.0)) (== net8.0)
      Microsoft.Extensions.Configuration.EnvironmentVariables (>= 8.0) - restriction: || (&& (== net40) (>= net8.0)) (== net8.0)
      Microsoft.Extensions.Configuration.FileExtensions (>= 8.0) - restriction: || (&& (== net40) (>= net8.0)) (== net8.0)
      Microsoft.Extensions.Configuration.Json (>= 8.0) - restriction: || (&& (== net40) (>= net8.0)) (== net8.0)
      Microsoft.Extensions.DependencyInjection (>= 8.0) - restriction: || (&& (== net40) (>= net8.0)) (== net8.0)
      Microsoft.Extensions.Diagnostics.HealthChecks.EntityFrameworkCore (>= 8.0.2) - restriction: || (&& (== net40) (>= net8.0)) (== net8.0)
      Microsoft.Extensions.Localization (>= 8.0.2) - restriction: || (&& (== net40) (>= net8.0)) (== net8.0)
      Microsoft.Extensions.Options.ConfigurationExtensions (>= 8.0) - restriction: || (&& (== net40) (>= net8.0)) (== net8.0)
      Microsoft.SyndicationFeed.ReaderWriter (>= 1.0.2) - restriction: || (&& (== net40) (>= net8.0)) (== net8.0)
      Microsoft.VisualStudio.Web.BrowserLink (>= 2.2) - restriction: || (&& (== net40) (>= net8.0)) (== net8.0)
      Newtonsoft.Json (>= 13.0.3) - restriction: || (&& (== net40) (>= net8.0)) (== net8.0)
      Polly (>= 8.3.1) - restriction: || (&& (== net40) (>= net8.0)) (== net8.0)
      Serilog (>= 3.1.1) - restriction: || (&& (== net40) (>= net8.0)) (== net8.0)
      Serilog.Enrichers.Environment (>= 2.3) - restriction: || (&& (== net40) (>= net8.0)) (== net8.0)
      Serilog.Enrichers.Thread (>= 3.1) - restriction: || (&& (== net40) (>= net8.0)) (== net8.0)
      Serilog.Extensions.Logging (>= 8.0) - restriction: || (&& (== net40) (>= net8.0)) (== net8.0)
      Serilog.Formatting.Compact (>= 2.0) - restriction: || (&& (== net40) (>= net8.0)) (== net8.0)
      Serilog.Settings.Configuration (>= 8.0) - restriction: || (&& (== net40) (>= net8.0)) (== net8.0)
      Serilog.Sinks.Console (>= 5.0.1) - restriction: || (&& (== net40) (>= net8.0)) (== net8.0)
      Serilog.Sinks.File (>= 5.0) - restriction: || (&& (== net40) (>= net8.0)) (== net8.0)
      SqlStreamStore (>= 1.2) - restriction: || (&& (== net40) (>= net8.0)) (== net8.0)
      SqlStreamStore.MsSql (>= 1.2) - restriction: || (&& (== net40) (>= net8.0)) (== net8.0)
      System.Text.Encoding.CodePages (>= 8.0) - restriction: || (&& (== net40) (>= net8.0)) (== net8.0)
    Be.Vlaanderen.Basisregisters.AspNetCore.Mvc.Formatters.Json (5.0) - restriction: || (&& (== net40) (>= net8.0)) (== net8.0)
      Be.Vlaanderen.Basisregisters.Converters.TrimString (>= 4.0) - restriction: || (&& (== net40) (>= net8.0)) (== net8.0)
      Be.Vlaanderen.Basisregisters.Utilities.Rfc3339DateTimeOffset (>= 4.0) - restriction: || (&& (== net40) (>= net8.0)) (== net8.0)
      Newtonsoft.Json (>= 13.0.3) - restriction: || (&& (== net40) (>= net8.0)) (== net8.0)
      NodaTime.Serialization.JsonNet (>= 3.1) - restriction: || (&& (== net40) (>= net8.0)) (== net8.0)
    Be.Vlaanderen.Basisregisters.AspNetCore.Mvc.Logging (4.0.1) - restriction: || (&& (== net40) (>= net8.0)) (== net8.0)
      Newtonsoft.Json (>= 13.0.3) - restriction: || (&& (== net40) (>= net8.0)) (== net8.0)
    Be.Vlaanderen.Basisregisters.AspNetCore.Mvc.Middleware.AddCorrelationId (4.0) - restriction: || (&& (== net40) (>= net8.0)) (== net8.0)
    Be.Vlaanderen.Basisregisters.AspNetCore.Mvc.Middleware.AddCorrelationIdToLogContext (4.0) - restriction: || (&& (== net40) (>= net8.0)) (== net8.0)
      Serilog (>= 3.1.1) - restriction: || (&& (== net40) (>= net8.0)) (== net8.0)
    Be.Vlaanderen.Basisregisters.AspNetCore.Mvc.Middleware.AddCorrelationIdToResponse (4.0) - restriction: || (&& (== net40) (>= net8.0)) (== net8.0)
    Be.Vlaanderen.Basisregisters.AspNetCore.Mvc.Middleware.AddHttpSecurityHeaders (4.0) - restriction: || (&& (== net40) (>= net8.0)) (== net8.0)
    Be.Vlaanderen.Basisregisters.AspNetCore.Mvc.Middleware.AddRemoteIpAddress (4.0) - restriction: || (&& (== net40) (>= net8.0)) (== net8.0)
    Be.Vlaanderen.Basisregisters.AspNetCore.Mvc.Middleware.AddVersionHeader (4.0) - restriction: || (&& (== net40) (>= net8.0)) (== net8.0)
    Be.Vlaanderen.Basisregisters.AspNetCore.Mvc.Middleware.DefaultResponseCompressionQuality (4.0) - restriction: || (&& (== net40) (>= net8.0)) (== net8.0)
    Be.Vlaanderen.Basisregisters.AspNetCore.Mvc.Middleware.EnableRequestRewind (4.0) - restriction: || (&& (== net40) (>= net8.0)) (== net8.0)
    Be.Vlaanderen.Basisregisters.AspNetCore.Mvc.ModelBinding.GuidHeader (4.0) - restriction: || (&& (== net40) (>= net8.0)) (== net8.0)
    Be.Vlaanderen.Basisregisters.AspNetCore.Swagger (5.0) - restriction: || (&& (== net40) (>= net8.0)) (== net8.0)
      Asp.Versioning.Mvc.ApiExplorer (>= 8.0) - restriction: || (&& (== net40) (>= net8.0)) (== net8.0)
      Microsoft.Extensions.FileProviders.Embedded (>= 8.0.2) - restriction: || (&& (== net40) (>= net8.0)) (== net8.0)
      Microsoft.Extensions.Localization.Abstractions (>= 8.0.2) - restriction: || (&& (== net40) (>= net8.0)) (== net8.0)
      Microsoft.OpenApi (>= 1.6.14) - restriction: || (&& (== net40) (>= net8.0)) (== net8.0)
      Newtonsoft.Json (>= 13.0.3) - restriction: || (&& (== net40) (>= net8.0)) (== net8.0)
      NJsonSchema (>= 11.0) - restriction: || (&& (== net40) (>= net8.0)) (== net8.0)
      NJsonSchema.CodeGeneration.CSharp (>= 11.0) - restriction: || (&& (== net40) (>= net8.0)) (== net8.0)
      NJsonSchema.CodeGeneration.TypeScript (>= 11.0) - restriction: || (&& (== net40) (>= net8.0)) (== net8.0)
      NSwag.CodeGeneration.CSharp (>= 14.0.3) - restriction: || (&& (== net40) (>= net8.0)) (== net8.0)
      NSwag.CodeGeneration.TypeScript (>= 14.0.3) - restriction: || (&& (== net40) (>= net8.0)) (== net8.0)
      Swashbuckle.AspNetCore (6.2.3) - restriction: || (&& (== net40) (>= net8.0)) (== net8.0)
      Swashbuckle.AspNetCore.Annotations (6.2.3) - restriction: || (&& (== net40) (>= net8.0)) (== net8.0)
      Swashbuckle.AspNetCore.Filters (8.0.1) - restriction: || (&& (== net40) (>= net8.0)) (== net8.0)
      Swashbuckle.AspNetCore.Newtonsoft (6.2.3) - restriction: || (&& (== net40) (>= net8.0)) (== net8.0)
      Swashbuckle.AspNetCore.Swagger (6.2.3) - restriction: || (&& (== net40) (>= net8.0)) (== net8.0)
      Swashbuckle.AspNetCore.SwaggerGen (6.2.3) - restriction: || (&& (== net40) (>= net8.0)) (== net8.0)
      Swashbuckle.AspNetCore.SwaggerUI (6.2.3) - restriction: || (&& (== net40) (>= net8.0)) (== net8.0)
    Be.Vlaanderen.Basisregisters.AspNetCore.Swagger.ReDoc (5.0) - restriction: || (&& (== net40) (>= net8.0)) (== net8.0)
      Asp.Versioning.Mvc.ApiExplorer (>= 8.0) - restriction: || (&& (== net40) (>= net8.0)) (== net8.0)
      Be.Vlaanderen.Basisregisters.AspNetCore.Swagger (5.0) - restriction: || (&& (== net40) (>= net8.0)) (== net8.0)
      Microsoft.Extensions.FileProviders.Embedded (>= 8.0.2) - restriction: || (&& (== net40) (>= net8.0)) (== net8.0)
      Microsoft.Extensions.Localization.Abstractions (>= 8.0.2) - restriction: || (&& (== net40) (>= net8.0)) (== net8.0)
      Newtonsoft.Json (>= 13.0.3) - restriction: || (&& (== net40) (>= net8.0)) (== net8.0)
      NSwag.CodeGeneration.CSharp (>= 14.0.3) - restriction: || (&& (== net40) (>= net8.0)) (== net8.0)
      NSwag.CodeGeneration.TypeScript (>= 14.0.3) - restriction: || (&& (== net40) (>= net8.0)) (== net8.0)
      Swashbuckle.AspNetCore (6.2.3) - restriction: || (&& (== net40) (>= net8.0)) (== net8.0)
    Be.Vlaanderen.Basisregisters.Aws.DistributedMutex (4.0.1)
      AWSSDK.DynamoDBv2 (>= 3.7.301.18) - restriction: || (&& (== net40) (>= netstandard2.1)) (== net8.0)
      Microsoft.Extensions.Logging (>= 8.0) - restriction: || (&& (== net40) (>= netstandard2.1)) (== net8.0)
    Be.Vlaanderen.Basisregisters.Build.Pipeline (7.2.6)
    Be.Vlaanderen.Basisregisters.Converters.TrimString (4.0)
      Newtonsoft.Json (>= 13.0.3) - restriction: || (&& (== net40) (>= netstandard2.1)) (== net8.0)
    Be.Vlaanderen.Basisregisters.EventHandling (5.0) - restriction: || (&& (== net40) (>= net8.0)) (== net8.0)
      Be.Vlaanderen.Basisregisters.Converters.TrimString (>= 4.0) - restriction: || (&& (== net40) (>= netstandard2.1)) (== net8.0)
      Newtonsoft.Json (>= 13.0.3) - restriction: || (&& (== net40) (>= netstandard2.1)) (== net8.0)
      NodaTime.Serialization.JsonNet (>= 3.1) - restriction: || (&& (== net40) (>= netstandard2.1)) (== net8.0)
    Be.Vlaanderen.Basisregisters.EventHandling.Autofac (5.0) - restriction: || (&& (== net40) (>= net8.0)) (== net8.0)
      Autofac.Extensions.DependencyInjection (>= 9.0) - restriction: || (&& (== net40) (>= netstandard2.1)) (== net8.0)
      Be.Vlaanderen.Basisregisters.EventHandling (5.0) - restriction: || (&& (== net40) (>= netstandard2.1)) (== net8.0)
    Be.Vlaanderen.Basisregisters.Generators.Guid.Deterministic (4.0)
    Be.Vlaanderen.Basisregisters.Middleware.AddProblemJsonHeader (3.0) - restriction: || (&& (== net40) (>= net8.0)) (== net8.0)
    Be.Vlaanderen.Basisregisters.ProblemDetails (9.0) - restriction: || (&& (== net40) (>= net8.0)) (== net8.0)
      System.Reflection.Metadata (>= 8.0) - restriction: || (&& (== net40) (>= net8.0)) (== net8.0)
    Be.Vlaanderen.Basisregisters.Utilities.HashCodeCalculator (4.0) - restriction: || (&& (== net40) (>= netstandard2.1)) (== net8.0)
    Be.Vlaanderen.Basisregisters.Utilities.HexByteConvertor (4.0) - restriction: || (&& (== net40) (>= netstandard2.1)) (== net8.0)
    Be.Vlaanderen.Basisregisters.Utilities.Rfc3339DateTimeOffset (4.0)
      Newtonsoft.Json (>= 13.0.3) - restriction: || (&& (== net40) (>= netstandard2.1)) (== net8.0)
    Be.Vlaanderen.Basisregisters.Utilities.ToStringBuilder (4.0) - restriction: || (&& (== net40) (>= netstandard2.1)) (== net8.0)
    Castle.Core (5.1.1) - restriction: || (&& (== net40) (>= net462)) (&& (== net40) (>= netstandard2.0)) (== net8.0)
      System.Diagnostics.EventLog (>= 6.0) - restriction: || (&& (== net40) (>= net6.0)) (== net8.0)
    CompareNETObjects (4.83)
      System.Configuration.ConfigurationManager (>= 8.0) - restriction: || (&& (== net40) (>= net8.0)) (== net8.0)
      System.Drawing.Common (>= 8.0) - restriction: || (&& (== net40) (>= net8.0)) (== net8.0)
    Destructurama.JsonNet (2.0)
      Newtonsoft.Json (>= 10.0.3) - restriction: || (&& (== net40) (>= net452)) (&& (== net40) (>= netstandard2.0)) (== net8.0)
      Serilog (>= 2.5) - restriction: || (&& (== net40) (>= net452)) (&& (== net40) (>= netstandard2.0)) (== net8.0)
    Elasticsearch.Net (7.17.5) - restriction: || (&& (== net40) (>= net461)) (&& (== net40) (>= netstandard2.0)) (== net8.0)
      Microsoft.CSharp (>= 4.6) - restriction: || (&& (== net40) (>= net461)) (&& (== net40) (>= netstandard2.0)) (== net8.0)
      System.Buffers (>= 4.5.1) - restriction: || (&& (== net40) (>= net461)) (&& (== net40) (>= netstandard2.0)) (== net8.0)
      System.Diagnostics.DiagnosticSource (>= 5.0) - restriction: || (&& (== net40) (>= net461)) (&& (== net40) (>= netstandard2.0)) (== net8.0)
    Fare (2.2.1) - restriction: || (&& (== net40) (>= net452)) (&& (== net40) (>= netstandard1.5)) (== net8.0)
    FastExpressionCompiler (4.2) - restriction: || (&& (== net40) (>= net7.0)) (== net8.0)
    FluentAssertions (6.12)
      System.Configuration.ConfigurationManager (>= 4.4) - restriction: || (&& (== net40) (>= netcoreapp2.1)) (&& (== net40) (>= netcoreapp3.0)) (== net8.0)
    FluentAssertions.Json (6.1)
      FluentAssertions (>= 6.0) - restriction: || (&& (== net40) (>= net47)) (&& (== net40) (>= netstandard2.0)) (== net8.0)
      Newtonsoft.Json (>= 10.0.3) - restriction: || (&& (== net40) (>= net47)) (&& (== net40) (>= netstandard2.0)) (== net8.0)
    FluentValidation (11.9.1)
    FluentValidation.AspNetCore (11.3) - restriction: || (&& (== net40) (>= net8.0)) (== net8.0)
      FluentValidation (>= 11.5.1) - restriction: || (&& (== net40) (>= netcoreapp3.1)) (== net8.0)
      FluentValidation.DependencyInjectionExtensions (>= 11.5.1) - restriction: || (&& (== net40) (>= netcoreapp3.1)) (== net8.0)
    FluentValidation.DependencyInjectionExtensions (11.9.1) - restriction: || (&& (== net40) (>= net8.0)) (== net8.0)
      FluentValidation (>= 11.9.1) - restriction: || (&& (== net40) (>= netstandard2.0)) (== net8.0)
      Microsoft.Extensions.DependencyInjection.Abstractions (>= 2.1) - restriction: || (&& (== net40) (>= netstandard2.0)) (== net8.0)
    Fluid.Core (2.10) - restriction: || (&& (== net40) (>= net8.0)) (== net8.0)
      Microsoft.Extensions.FileProviders.Abstractions (>= 8.0) - restriction: || (&& (== net40) (>= netstandard2.0)) (== net8.0)
      Parlot (>= 0.0.25) - restriction: || (&& (== net40) (>= netstandard2.0)) (== net8.0)
      TimeZoneConverter (>= 6.1) - restriction: || (&& (== net40) (>= netstandard2.0)) (== net8.0)
    Google.Protobuf (3.26.1) - restriction: || (&& (== net40) (>= net462)) (&& (== net40) (>= netstandard2.0)) (== net8.0)
    Grpc.Core.Api (2.62) - restriction: || (&& (== net40) (>= netstandard2.1)) (== net8.0)
    Grpc.Net.Client (2.62) - restriction: || (&& (== net40) (>= netstandard2.1)) (== net8.0)
      Grpc.Net.Common (>= 2.62) - restriction: || (&& (== net40) (>= net462)) (&& (== net40) (>= netstandard2.0)) (== net8.0)
      Microsoft.Extensions.Logging.Abstractions (>= 6.0) - restriction: || (&& (== net40) (>= net462)) (&& (== net40) (>= netstandard2.0)) (== net8.0)
    Grpc.Net.Common (2.62) - restriction: || (&& (== net40) (>= netstandard2.1)) (== net8.0)
      Grpc.Core.Api (>= 2.62) - restriction: || (&& (== net40) (>= netstandard2.0)) (== net8.0)
    Humanizer.Core (2.14.1) - restriction: || (&& (== net40) (>= net6.0)) (== net8.0)
    IdentityModel (7.0) - restriction: || (&& (== net40) (>= netcoreapp3.1)) (== net8.0)
    IdentityModel.AspNetCore.OAuth2Introspection (6.2)
      IdentityModel (>= 6.0) - restriction: || (&& (== net40) (>= netcoreapp3.1)) (== net8.0)
    JasperFx.CodeGeneration (3.5.3) - restriction: || (&& (== net40) (>= net6.0)) (== net8.0)
      FastExpressionCompiler (>= 4.1) - restriction: || (&& (== net40) (>= net6.0)) (== net8.0)
      JasperFx.Core (>= 1.5) - restriction: || (&& (== net40) (>= net6.0)) (== net8.0)
    JasperFx.CodeGeneration.Commands (3.5.3) - restriction: || (&& (== net40) (>= net6.0)) (== net8.0)
      JasperFx.CodeGeneration (>= 3.5.3) - restriction: || (&& (== net40) (>= net6.0)) (== net8.0)
      JasperFx.RuntimeCompiler (>= 3.5.3) - restriction: || (&& (== net40) (>= net6.0)) (== net8.0)
      Oakton (>= 6.1) - restriction: || (&& (== net40) (>= net6.0)) (== net8.0)
    JasperFx.Core (1.5.1) - restriction: || (&& (== net40) (>= net6.0)) (== net8.0)
    JasperFx.RuntimeCompiler (3.5.3) - restriction: || (&& (== net40) (>= net6.0)) (== net8.0)
      JasperFx.CodeGeneration (>= 3.5.3) - restriction: || (&& (== net40) (>= net6.0)) (== net8.0)
      Microsoft.CodeAnalysis (>= 4.8) - restriction: || (&& (== net40) (>= net6.0)) (== net8.0)
      Microsoft.CodeAnalysis.CSharp (>= 4.8) - restriction: || (&& (== net40) (>= net6.0)) (== net8.0)
      Microsoft.CodeAnalysis.Scripting (>= 4.8) - restriction: || (&& (== net40) (>= net6.0)) (== net8.0)
      Microsoft.Extensions.Logging.Abstractions (>= 6.0 < 9.0) - restriction: || (&& (== net40) (>= net6.0)) (== net8.0)
    Lamar (13.0.4) - restriction: || (&& (== net40) (>= net7.0)) (== net8.0)
      JasperFx.CodeGeneration (>= 3.4) - restriction: || (&& (== net40) (>= net6.0)) (== net8.0)
      JasperFx.Core (>= 1.5.1) - restriction: || (&& (== net40) (>= net6.0)) (== net8.0)
      Microsoft.Bcl.AsyncInterfaces (>= 8.0) - restriction: || (&& (== net40) (>= net6.0)) (== net8.0)
      Microsoft.Extensions.DependencyInjection.Abstractions (>= 8.0) - restriction: || (&& (== net40) (>= net6.0)) (== net8.0)
      System.Runtime.Loader (>= 4.3) - restriction: || (&& (== net40) (>= net6.0)) (== net8.0)
    Lamar.Microsoft.DependencyInjection (13.0.4) - restriction: || (&& (== net40) (>= net7.0)) (== net8.0)
      Lamar (>= 13.0.4) - restriction: || (&& (== net40) (>= net6.0)) (== net8.0)
      Microsoft.Extensions.Hosting (>= 8.0) - restriction: || (&& (== net40) (>= net8.0)) (== net8.0)
      Microsoft.Extensions.Hosting.Abstractions (>= 8.0) - restriction: || (&& (== net40) (>= net8.0)) (== net8.0)
      Microsoft.Extensions.Logging (>= 8.0) - restriction: || (&& (== net40) (>= net8.0)) (== net8.0)
      Microsoft.Extensions.Options (>= 8.0) - restriction: || (&& (== net40) (>= net8.0)) (== net8.0)
    Marten (7.15)
      JasperFx.CodeGeneration (>= 3.5.3) - restriction: || (&& (== net40) (>= net6.0)) (== net8.0)
      JasperFx.Core (>= 1.5.1) - restriction: || (&& (== net40) (>= net6.0)) (== net8.0)
      JasperFx.RuntimeCompiler (>= 3.5.3) - restriction: || (&& (== net40) (>= net6.0)) (== net8.0)
      Microsoft.Extensions.DependencyInjection.Abstractions (>= 8.0) - restriction: || (&& (== net40) (>= net6.0)) (== net8.0)
      Microsoft.Extensions.Hosting.Abstractions (>= 8.0) - restriction: || (&& (== net40) (>= net8.0)) (== net8.0)
      Microsoft.Extensions.Logging.Abstractions (>= 8.0) - restriction: || (&& (== net40) (>= net6.0)) (== net8.0)
      Newtonsoft.Json (>= 13.0.3) - restriction: || (&& (== net40) (>= net6.0)) (== net8.0)
      Npgsql.Json.NET (>= 8.0) - restriction: || (&& (== net40) (>= net6.0)) (== net8.0)
      OpenTelemetry.Api (>= 1.8) - restriction: || (&& (== net40) (>= net6.0)) (== net8.0)
      Polly.Core (>= 8.3.1) - restriction: || (&& (== net40) (>= net6.0)) (== net8.0)
      System.Text.Json (>= 8.0) - restriction: || (&& (== net40) (>= net6.0)) (== net8.0)
      System.Threading.Tasks.Dataflow (>= 8.0) - restriction: || (&& (== net40) (>= net6.0)) (== net8.0)
      Weasel.Postgresql (>= 7.4.1) - restriction: || (&& (== net40) (>= net6.0)) (== net8.0)
    Marten.CommandLine (7.15)
      JasperFx.CodeGeneration.Commands (>= 3.5.3) - restriction: || (&& (== net40) (>= net6.0)) (== net8.0)
      Marten (>= 7.15) - restriction: || (&& (== net40) (>= net6.0)) (== net8.0)
      Oakton (>= 6.1) - restriction: || (&& (== net40) (>= net6.0)) (== net8.0)
      Weasel.CommandLine (>= 7.4.1) - restriction: || (&& (== net40) (>= net6.0)) (== net8.0)
    Microsoft.AspNetCore.Authentication.JwtBearer (8.0.5)
      Microsoft.IdentityModel.Protocols.OpenIdConnect (>= 7.1.2) - restriction: || (&& (== net40) (>= net8.0)) (== net8.0)
    Microsoft.AspNetCore.Diagnostics.EntityFrameworkCore (8.0.5) - restriction: || (&& (== net40) (>= net8.0)) (== net8.0)
      Microsoft.EntityFrameworkCore.Relational (>= 8.0.5) - restriction: || (&& (== net40) (>= net8.0)) (== net8.0)
    Microsoft.AspNetCore.Hosting (2.2.7)
      Microsoft.AspNetCore.Hosting.Abstractions (>= 2.2) - restriction: || (&& (== net40) (>= netstandard2.0)) (== net8.0)
      Microsoft.AspNetCore.Http (>= 2.2) - restriction: || (&& (== net40) (>= netstandard2.0)) (== net8.0)
      Microsoft.AspNetCore.Http.Extensions (>= 2.2) - restriction: || (&& (== net40) (>= netstandard2.0)) (== net8.0)
      Microsoft.Extensions.Configuration (>= 2.2) - restriction: || (&& (== net40) (>= netstandard2.0)) (== net8.0)
      Microsoft.Extensions.Configuration.EnvironmentVariables (>= 2.2.4) - restriction: || (&& (== net40) (>= netstandard2.0)) (== net8.0)
      Microsoft.Extensions.Configuration.FileExtensions (>= 2.2) - restriction: || (&& (== net40) (>= netstandard2.0)) (== net8.0)
      Microsoft.Extensions.DependencyInjection (>= 2.2) - restriction: || (&& (== net40) (>= netstandard2.0)) (== net8.0)
      Microsoft.Extensions.FileProviders.Physical (>= 2.2) - restriction: || (&& (== net40) (>= netstandard2.0)) (== net8.0)
      Microsoft.Extensions.Hosting.Abstractions (>= 2.2) - restriction: || (&& (== net40) (>= netstandard2.0)) (== net8.0)
      Microsoft.Extensions.Logging (>= 2.2) - restriction: || (&& (== net40) (>= netstandard2.0)) (== net8.0)
      Microsoft.Extensions.Options (>= 2.2) - restriction: || (&& (== net40) (>= netstandard2.0)) (== net8.0)
      System.Diagnostics.DiagnosticSource (>= 4.5.1) - restriction: || (&& (== net40) (>= netstandard2.0)) (== net8.0)
      System.Reflection.Metadata (>= 1.6) - restriction: || (&& (== net40) (>= netstandard2.0)) (== net8.0)
    Microsoft.AspNetCore.Hosting.Abstractions (2.2) - restriction: || (&& (== net40) (>= netstandard2.0)) (== net8.0)
      Microsoft.AspNetCore.Hosting.Server.Abstractions (>= 2.2) - restriction: || (&& (== net40) (>= netstandard2.0)) (== net8.0)
      Microsoft.AspNetCore.Http.Abstractions (>= 2.2) - restriction: || (&& (== net40) (>= netstandard2.0)) (== net8.0)
      Microsoft.Extensions.Hosting.Abstractions (>= 2.2) - restriction: || (&& (== net40) (>= netstandard2.0)) (== net8.0)
    Microsoft.AspNetCore.Hosting.Server.Abstractions (2.2) - restriction: || (&& (== net40) (>= netstandard2.0)) (== net8.0)
      Microsoft.AspNetCore.Http.Features (>= 2.2) - restriction: || (&& (== net40) (>= netstandard2.0)) (== net8.0)
      Microsoft.Extensions.Configuration.Abstractions (>= 2.2) - restriction: || (&& (== net40) (>= netstandard2.0)) (== net8.0)
    Microsoft.AspNetCore.Http (2.2.2) - restriction: || (&& (== net40) (>= netstandard2.0)) (== net8.0)
      Microsoft.AspNetCore.Http.Abstractions (>= 2.2) - restriction: || (&& (== net40) (>= netstandard2.0)) (== net8.0)
      Microsoft.AspNetCore.WebUtilities (>= 2.2) - restriction: || (&& (== net40) (>= netstandard2.0)) (== net8.0)
      Microsoft.Extensions.ObjectPool (>= 2.2) - restriction: || (&& (== net40) (>= netstandard2.0)) (== net8.0)
      Microsoft.Extensions.Options (>= 2.2) - restriction: || (&& (== net40) (>= netstandard2.0)) (== net8.0)
      Microsoft.Net.Http.Headers (>= 2.2) - restriction: || (&& (== net40) (>= netstandard2.0)) (== net8.0)
    Microsoft.AspNetCore.Http.Abstractions (2.2) - restriction: || (&& (== net40) (>= net8.0)) (== net8.0)
      Microsoft.AspNetCore.Http.Features (>= 2.2) - restriction: || (&& (== net40) (>= netstandard2.0)) (== net8.0)
      System.Text.Encodings.Web (>= 4.5) - restriction: || (&& (== net40) (>= netstandard2.0)) (== net8.0)
    Microsoft.AspNetCore.Http.Extensions (2.2) - restriction: || (&& (== net40) (>= netstandard2.0)) (== net8.0)
      Microsoft.AspNetCore.Http.Abstractions (>= 2.2) - restriction: || (&& (== net40) (>= netstandard2.0)) (== net8.0)
      Microsoft.Extensions.FileProviders.Abstractions (>= 2.2) - restriction: || (&& (== net40) (>= netstandard2.0)) (== net8.0)
      Microsoft.Net.Http.Headers (>= 2.2) - restriction: || (&& (== net40) (>= netstandard2.0)) (== net8.0)
      System.Buffers (>= 4.5) - restriction: || (&& (== net40) (>= netstandard2.0)) (== net8.0)
    Microsoft.AspNetCore.Http.Features (5.0.17) - restriction: || (&& (== net40) (>= netstandard2.0)) (== net8.0)
      Microsoft.Extensions.Primitives (>= 5.0.1) - restriction: || (&& (== net40) (>= net461)) (&& (== net40) (>= netstandard2.0)) (== net8.0)
      System.IO.Pipelines (>= 5.0.2) - restriction: || (&& (== net40) (>= net461)) (&& (== net40) (>= netstandard2.0)) (== net8.0)
    Microsoft.AspNetCore.JsonPatch (8.0.5) - restriction: || (&& (== net40) (>= net8.0)) (== net8.0)
      Microsoft.CSharp (>= 4.7) - restriction: || (&& (== net40) (>= net462)) (&& (== net40) (>= netstandard2.0)) (== net8.0)
      Newtonsoft.Json (>= 13.0.3) - restriction: || (&& (== net40) (>= net462)) (&& (== net40) (>= netstandard2.0)) (== net8.0)
    Microsoft.AspNetCore.Mvc.NewtonsoftJson (8.0.5)
      Microsoft.AspNetCore.JsonPatch (>= 8.0.5) - restriction: || (&& (== net40) (>= net8.0)) (== net8.0)
      Newtonsoft.Json (>= 13.0.3) - restriction: || (&& (== net40) (>= net8.0)) (== net8.0)
      Newtonsoft.Json.Bson (>= 1.0.2) - restriction: || (&& (== net40) (>= net8.0)) (== net8.0)
    Microsoft.AspNetCore.Mvc.Testing (8.0.5)
      Microsoft.AspNetCore.TestHost (>= 8.0.5) - restriction: || (&& (== net40) (>= net8.0)) (== net8.0)
      Microsoft.Extensions.DependencyModel (>= 8.0) - restriction: || (&& (== net40) (>= net8.0)) (== net8.0)
      Microsoft.Extensions.Hosting (>= 8.0) - restriction: || (&& (== net40) (>= net8.0)) (== net8.0)
    Microsoft.AspNetCore.Mvc.Versioning (5.1)
    Microsoft.AspNetCore.TestHost (8.0.5)
      System.IO.Pipelines (>= 8.0) - restriction: || (&& (== net40) (>= net8.0)) (== net8.0)
    Microsoft.AspNetCore.WebUtilities (8.0.5) - restriction: || (&& (== net40) (>= netstandard2.0)) (== net8.0)
      Microsoft.Net.Http.Headers (>= 8.0.5) - restriction: || (&& (== net40) (>= net8.0)) (== net8.0)
      System.IO.Pipelines (>= 8.0) - restriction: || (&& (== net40) (>= net8.0)) (== net8.0)
    Microsoft.Bcl.AsyncInterfaces (8.0) - restriction: || (&& (== net40) (>= net7.0)) (== net8.0)
    Microsoft.CodeAnalysis (4.9.2) - restriction: || (&& (== net40) (>= net6.0)) (== net8.0)
      Microsoft.CodeAnalysis.CSharp.Workspaces (4.9.2) - restriction: || (&& (== net40) (>= netstandard2.0)) (== net8.0)
      Microsoft.CodeAnalysis.VisualBasic.Workspaces (4.9.2) - restriction: || (&& (== net40) (>= netstandard2.0)) (== net8.0)
    Microsoft.CodeAnalysis.Analyzers (3.3.4) - restriction: || (&& (== net40) (>= net6.0)) (== net8.0)
    Microsoft.CodeAnalysis.Common (4.9.2) - restriction: || (&& (== net40) (>= net6.0)) (== net8.0)
      Microsoft.CodeAnalysis.Analyzers (>= 3.3.4) - restriction: || (&& (== net40) (>= netstandard2.0)) (== net8.0)
      System.Collections.Immutable (>= 8.0) - restriction: || (&& (== net40) (>= netstandard2.0)) (== net8.0)
      System.Reflection.Metadata (>= 8.0) - restriction: || (&& (== net40) (>= netstandard2.0)) (== net8.0)
      System.Runtime.CompilerServices.Unsafe (>= 6.0) - restriction: || (&& (== net40) (>= netstandard2.0)) (== net8.0)
    Microsoft.CodeAnalysis.CSharp (4.9.2) - restriction: || (&& (== net40) (>= net6.0)) (== net8.0)
      Microsoft.CodeAnalysis.Common (4.9.2) - restriction: || (&& (== net40) (>= netstandard2.0)) (== net8.0)
    Microsoft.CodeAnalysis.CSharp.Scripting (4.9.2) - restriction: || (&& (== net40) (>= net6.0)) (== net8.0)
      Microsoft.CodeAnalysis.Common (4.9.2) - restriction: || (&& (== net40) (>= netstandard2.0)) (== net8.0)
      Microsoft.CodeAnalysis.CSharp (4.9.2) - restriction: || (&& (== net40) (>= netstandard2.0)) (== net8.0)
      Microsoft.CodeAnalysis.Scripting.Common (4.9.2) - restriction: || (&& (== net40) (>= netstandard2.0)) (== net8.0)
      Microsoft.CSharp (>= 4.7) - restriction: || (&& (== net40) (>= netstandard2.0)) (== net8.0)
    Microsoft.CodeAnalysis.CSharp.Workspaces (4.9.2) - restriction: || (&& (== net40) (>= net6.0)) (== net8.0)
      Humanizer.Core (>= 2.14.1) - restriction: || (&& (== net40) (>= netstandard2.0)) (== net8.0)
      Microsoft.CodeAnalysis.Common (4.9.2) - restriction: || (&& (== net40) (>= netstandard2.0)) (== net8.0)
      Microsoft.CodeAnalysis.CSharp (4.9.2) - restriction: || (&& (== net40) (>= netstandard2.0)) (== net8.0)
      Microsoft.CodeAnalysis.Workspaces.Common (4.9.2) - restriction: || (&& (== net40) (>= netstandard2.0)) (== net8.0)
    Microsoft.CodeAnalysis.Scripting (4.9.2) - restriction: || (&& (== net40) (>= net6.0)) (== net8.0)
      Microsoft.CodeAnalysis.CSharp.Scripting (4.9.2) - restriction: || (&& (== net40) (>= netstandard2.0)) (== net8.0)
    Microsoft.CodeAnalysis.Scripting.Common (4.9.2) - restriction: || (&& (== net40) (>= net6.0)) (== net8.0)
      Microsoft.CodeAnalysis.Common (4.9.2) - restriction: || (&& (== net40) (>= netstandard2.0)) (== net8.0)
    Microsoft.CodeAnalysis.VisualBasic (4.9.2) - restriction: || (&& (== net40) (>= net6.0)) (== net8.0)
      Microsoft.CodeAnalysis.Common (4.9.2) - restriction: || (&& (== net40) (>= netstandard2.0)) (== net8.0)
    Microsoft.CodeAnalysis.VisualBasic.Workspaces (4.9.2) - restriction: || (&& (== net40) (>= net6.0)) (== net8.0)
      Microsoft.CodeAnalysis.Common (4.9.2) - restriction: || (&& (== net40) (>= netstandard2.0)) (== net8.0)
      Microsoft.CodeAnalysis.VisualBasic (4.9.2) - restriction: || (&& (== net40) (>= netstandard2.0)) (== net8.0)
      Microsoft.CodeAnalysis.Workspaces.Common (4.9.2) - restriction: || (&& (== net40) (>= netstandard2.0)) (== net8.0)
    Microsoft.CodeAnalysis.Workspaces.Common (4.9.2) - restriction: || (&& (== net40) (>= net6.0)) (== net8.0)
      Humanizer.Core (>= 2.14.1) - restriction: || (&& (== net40) (>= netstandard2.0)) (== net8.0)
      Microsoft.CodeAnalysis.Common (4.9.2) - restriction: || (&& (== net40) (>= netstandard2.0)) (== net8.0)
      System.Composition (>= 8.0) - restriction: || (&& (== net40) (>= netstandard2.0)) (== net8.0)
      System.IO.Pipelines (>= 8.0) - restriction: || (&& (== net40) (>= netstandard2.0)) (== net8.0)
      System.Threading.Channels (>= 8.0) - restriction: || (&& (== net40) (>= netstandard2.0)) (== net8.0)
    Microsoft.CodeCoverage (17.10) - restriction: || (&& (== net40) (>= net462)) (&& (== net40) (>= netcoreapp3.1)) (== net8.0)
    Microsoft.CSharp (4.7) - restriction: || (&& (== net40) (>= net8.0)) (== net8.0)
    Microsoft.Data.SqlClient (5.2) - restriction: || (&& (== net40) (>= net8.0)) (== net8.0)
      Azure.Identity (>= 1.10.3) - restriction: || (&& (== net40) (>= net462)) (&& (== net40) (>= netstandard2.0)) (== net8.0)
      Microsoft.Data.SqlClient.SNI.runtime (>= 5.2) - restriction: || (&& (== net40) (>= netstandard2.0)) (&& (== net40) (>= netstandard2.1)) (== net8.0)
      Microsoft.Identity.Client (>= 4.56) - restriction: || (&& (== net40) (>= net462)) (&& (== net40) (>= netstandard2.0)) (== net8.0)
      Microsoft.IdentityModel.JsonWebTokens (>= 6.35) - restriction: || (&& (== net40) (>= net462)) (&& (== net40) (>= netstandard2.0)) (== net8.0)
      Microsoft.IdentityModel.Protocols.OpenIdConnect (>= 6.35) - restriction: || (&& (== net40) (>= net462)) (&& (== net40) (>= netstandard2.0)) (== net8.0)
      Microsoft.SqlServer.Server (>= 1.0) - restriction: || (&& (== net40) (>= netstandard2.0)) (&& (== net40) (>= netstandard2.1)) (== net8.0)
      System.Configuration.ConfigurationManager (>= 8.0) - restriction: || (&& (== net40) (>= net8.0)) (== net8.0)
      System.Runtime.Caching (>= 8.0) - restriction: || (&& (== net40) (>= net8.0)) (== net8.0)
    Microsoft.Data.SqlClient.SNI.runtime (5.2) - restriction: || (&& (== net40) (>= net8.0)) (== net8.0)
    Microsoft.EntityFrameworkCore (8.0.5) - restriction: || (&& (== net40) (>= net8.0)) (== net8.0)
      Microsoft.EntityFrameworkCore.Abstractions (>= 8.0.5) - restriction: || (&& (== net40) (>= net8.0)) (== net8.0)
      Microsoft.EntityFrameworkCore.Analyzers (>= 8.0.5) - restriction: || (&& (== net40) (>= net8.0)) (== net8.0)
      Microsoft.Extensions.Caching.Memory (>= 8.0) - restriction: || (&& (== net40) (>= net8.0)) (== net8.0)
      Microsoft.Extensions.Logging (>= 8.0) - restriction: || (&& (== net40) (>= net8.0)) (== net8.0)
    Microsoft.EntityFrameworkCore.Abstractions (8.0.5) - restriction: || (&& (== net40) (>= net8.0)) (== net8.0)
    Microsoft.EntityFrameworkCore.Analyzers (8.0.5) - restriction: || (&& (== net40) (>= net8.0)) (== net8.0)
    Microsoft.EntityFrameworkCore.Relational (8.0.5) - restriction: || (&& (== net40) (>= net8.0)) (== net8.0)
      Microsoft.EntityFrameworkCore (>= 8.0.5) - restriction: || (&& (== net40) (>= net8.0)) (== net8.0)
      Microsoft.Extensions.Configuration.Abstractions (>= 8.0) - restriction: || (&& (== net40) (>= net8.0)) (== net8.0)
    Microsoft.Extensions.ApiDescription.Server (8.0.5) - restriction: || (&& (== net40) (>= net8.0)) (== net8.0)
    Microsoft.Extensions.Caching.Abstractions (8.0) - restriction: || (&& (== net40) (>= net8.0)) (== net8.0)
      Microsoft.Extensions.Primitives (>= 8.0) - restriction: || (&& (== net40) (>= net462)) (&& (== net40) (>= netstandard2.0)) (== net8.0)
    Microsoft.Extensions.Caching.Memory (8.0) - restriction: || (&& (== net40) (>= net8.0)) (== net8.0)
      Microsoft.Extensions.Caching.Abstractions (>= 8.0) - restriction: || (&& (== net40) (>= net462)) (&& (== net40) (>= netstandard2.0)) (== net8.0)
      Microsoft.Extensions.DependencyInjection.Abstractions (>= 8.0) - restriction: || (&& (== net40) (>= net462)) (&& (== net40) (>= netstandard2.0)) (== net8.0)
      Microsoft.Extensions.Logging.Abstractions (>= 8.0) - restriction: || (&& (== net40) (>= net462)) (&& (== net40) (>= netstandard2.0)) (== net8.0)
      Microsoft.Extensions.Options (>= 8.0) - restriction: || (&& (== net40) (>= net462)) (&& (== net40) (>= netstandard2.0)) (== net8.0)
      Microsoft.Extensions.Primitives (>= 8.0) - restriction: || (&& (== net40) (>= net462)) (&& (== net40) (>= netstandard2.0)) (== net8.0)
    Microsoft.Extensions.Configuration (8.0) - restriction: || (&& (== net40) (>= net8.0)) (== net8.0)
      Microsoft.Extensions.Configuration.Abstractions (>= 8.0) - restriction: || (&& (== net40) (>= net462)) (&& (== net40) (>= netstandard2.0)) (== net8.0)
      Microsoft.Extensions.Primitives (>= 8.0) - restriction: || (&& (== net40) (>= net462)) (&& (== net40) (>= netstandard2.0)) (== net8.0)
    Microsoft.Extensions.Configuration.Abstractions (8.0) - restriction: || (&& (== net40) (>= net8.0)) (== net8.0)
      Microsoft.Extensions.Primitives (>= 8.0) - restriction: || (&& (== net40) (>= net462)) (&& (== net40) (>= netstandard2.0)) (== net8.0)
    Microsoft.Extensions.Configuration.Binder (8.0.1) - restriction: || (&& (== net40) (>= net462)) (&& (== net40) (>= net8.0)) (&& (== net40) (>= netstandard2.0)) (== net8.0)
      Microsoft.Extensions.Configuration.Abstractions (>= 8.0) - restriction: || (&& (== net40) (>= net462)) (&& (== net40) (>= netstandard2.0)) (== net8.0)
    Microsoft.Extensions.Configuration.CommandLine (8.0) - restriction: || (&& (== net40) (>= net8.0)) (== net8.0)
      Microsoft.Extensions.Configuration (>= 8.0) - restriction: || (&& (== net40) (>= net462)) (&& (== net40) (>= netstandard2.0)) (== net8.0)
      Microsoft.Extensions.Configuration.Abstractions (>= 8.0) - restriction: || (&& (== net40) (>= net462)) (&& (== net40) (>= netstandard2.0)) (== net8.0)
    Microsoft.Extensions.Configuration.EnvironmentVariables (8.0) - restriction: || (&& (== net40) (>= net8.0)) (== net8.0)
      Microsoft.Extensions.Configuration (>= 8.0) - restriction: || (&& (== net40) (>= net462)) (&& (== net40) (>= netstandard2.0)) (== net8.0)
      Microsoft.Extensions.Configuration.Abstractions (>= 8.0) - restriction: || (&& (== net40) (>= net462)) (&& (== net40) (>= netstandard2.0)) (== net8.0)
    Microsoft.Extensions.Configuration.FileExtensions (8.0) - restriction: || (&& (== net40) (>= net8.0)) (== net8.0)
      Microsoft.Extensions.Configuration (>= 8.0) - restriction: || (&& (== net40) (>= net462)) (&& (== net40) (>= netstandard2.0)) (== net8.0)
      Microsoft.Extensions.Configuration.Abstractions (>= 8.0) - restriction: || (&& (== net40) (>= net462)) (&& (== net40) (>= netstandard2.0)) (== net8.0)
      Microsoft.Extensions.FileProviders.Abstractions (>= 8.0) - restriction: || (&& (== net40) (>= net462)) (&& (== net40) (>= netstandard2.0)) (== net8.0)
      Microsoft.Extensions.FileProviders.Physical (>= 8.0) - restriction: || (&& (== net40) (>= net462)) (&& (== net40) (>= netstandard2.0)) (== net8.0)
      Microsoft.Extensions.Primitives (>= 8.0) - restriction: || (&& (== net40) (>= net462)) (&& (== net40) (>= netstandard2.0)) (== net8.0)
    Microsoft.Extensions.Configuration.Json (8.0) - restriction: || (&& (== net40) (>= net8.0)) (== net8.0)
      Microsoft.Extensions.Configuration (>= 8.0) - restriction: || (&& (== net40) (>= net462)) (&& (== net40) (>= netstandard2.0)) (== net8.0)
      Microsoft.Extensions.Configuration.Abstractions (>= 8.0) - restriction: || (&& (== net40) (>= net462)) (&& (== net40) (>= netstandard2.0)) (== net8.0)
      Microsoft.Extensions.Configuration.FileExtensions (>= 8.0) - restriction: || (&& (== net40) (>= net462)) (&& (== net40) (>= netstandard2.0)) (== net8.0)
      Microsoft.Extensions.FileProviders.Abstractions (>= 8.0) - restriction: || (&& (== net40) (>= net462)) (&& (== net40) (>= netstandard2.0)) (== net8.0)
      System.Text.Json (>= 8.0) - restriction: || (&& (== net40) (>= net462)) (&& (== net40) (>= netstandard2.0)) (== net8.0)
    Microsoft.Extensions.Configuration.UserSecrets (8.0) - restriction: || (&& (== net40) (>= net8.0)) (== net8.0)
      Microsoft.Extensions.Configuration.Abstractions (>= 8.0) - restriction: || (&& (== net40) (>= net462)) (&& (== net40) (>= netstandard2.0)) (== net8.0)
      Microsoft.Extensions.Configuration.Json (>= 8.0) - restriction: || (&& (== net40) (>= net462)) (&& (== net40) (>= netstandard2.0)) (== net8.0)
      Microsoft.Extensions.FileProviders.Abstractions (>= 8.0) - restriction: || (&& (== net40) (>= net462)) (&& (== net40) (>= netstandard2.0)) (== net8.0)
      Microsoft.Extensions.FileProviders.Physical (>= 8.0) - restriction: || (&& (== net40) (>= net462)) (&& (== net40) (>= netstandard2.0)) (== net8.0)
    Microsoft.Extensions.DependencyInjection (8.0) - restriction: || (&& (== net40) (>= net8.0)) (== net8.0)
      Microsoft.Extensions.DependencyInjection.Abstractions (>= 8.0) - restriction: || (&& (== net40) (>= net462)) (&& (== net40) (>= netstandard2.0)) (== net8.0)
    Microsoft.Extensions.DependencyInjection.Abstractions (8.0.1) - restriction: || (&& (== net40) (>= net8.0)) (== net8.0)
    Microsoft.Extensions.DependencyModel (8.0) - restriction: || (&& (== net40) (>= net8.0)) (== net8.0)
      System.Text.Encodings.Web (>= 8.0) - restriction: || (&& (== net40) (>= net462)) (&& (== net40) (>= netstandard2.0)) (== net8.0)
      System.Text.Json (>= 8.0) - restriction: || (&& (== net40) (>= net462)) (&& (== net40) (>= netstandard2.0)) (== net8.0)
    Microsoft.Extensions.Diagnostics (8.0) - restriction: || (&& (== net40) (>= net8.0)) (== net8.0)
      Microsoft.Extensions.Configuration (>= 8.0) - restriction: || (&& (== net40) (>= net462)) (&& (== net40) (>= netstandard2.0)) (== net8.0)
      Microsoft.Extensions.Diagnostics.Abstractions (>= 8.0) - restriction: || (&& (== net40) (>= net462)) (&& (== net40) (>= netstandard2.0)) (== net8.0)
      Microsoft.Extensions.Options.ConfigurationExtensions (>= 8.0) - restriction: || (&& (== net40) (>= net462)) (&& (== net40) (>= netstandard2.0)) (== net8.0)
    Microsoft.Extensions.Diagnostics.Abstractions (8.0) - restriction: || (&& (== net40) (>= net8.0)) (== net8.0)
      Microsoft.Extensions.DependencyInjection.Abstractions (>= 8.0) - restriction: || (&& (== net40) (>= net462)) (&& (== net40) (>= netstandard2.0)) (== net8.0)
      Microsoft.Extensions.Options (>= 8.0) - restriction: || (&& (== net40) (>= net462)) (&& (== net40) (>= netstandard2.0)) (== net8.0)
      System.Diagnostics.DiagnosticSource (>= 8.0) - restriction: || (&& (== net40) (>= net462)) (&& (== net40) (>= netstandard2.0)) (== net8.0)
    Microsoft.Extensions.Diagnostics.HealthChecks (8.0.5)
      Microsoft.Extensions.Diagnostics.HealthChecks.Abstractions (>= 8.0.5) - restriction: || (&& (== net40) (>= net462)) (&& (== net40) (>= netstandard2.0)) (== net8.0)
      Microsoft.Extensions.Hosting.Abstractions (>= 8.0) - restriction: || (&& (== net40) (>= net462)) (&& (== net40) (>= netstandard2.0)) (== net8.0)
      Microsoft.Extensions.Logging.Abstractions (>= 8.0.1) - restriction: || (&& (== net40) (>= net462)) (&& (== net40) (>= netstandard2.0)) (== net8.0)
      Microsoft.Extensions.Options (>= 8.0.2) - restriction: || (&& (== net40) (>= net462)) (&& (== net40) (>= netstandard2.0)) (== net8.0)
    Microsoft.Extensions.Diagnostics.HealthChecks.Abstractions (8.0.5) - restriction: || (&& (== net40) (>= net462)) (&& (== net40) (>= netstandard2.0)) (== net8.0)
    Microsoft.Extensions.Diagnostics.HealthChecks.EntityFrameworkCore (8.0.5) - restriction: || (&& (== net40) (>= net8.0)) (== net8.0)
      Microsoft.EntityFrameworkCore.Relational (>= 8.0.5) - restriction: || (&& (== net40) (>= net8.0)) (== net8.0)
      Microsoft.Extensions.Diagnostics.HealthChecks (>= 8.0.5) - restriction: || (&& (== net40) (>= net8.0)) (== net8.0)
      Microsoft.Extensions.Diagnostics.HealthChecks.Abstractions (>= 8.0.5) - restriction: || (&& (== net40) (>= net8.0)) (== net8.0)
    Microsoft.Extensions.FileProviders.Abstractions (8.0) - restriction: || (&& (== net40) (>= net8.0)) (== net8.0)
      Microsoft.Extensions.Primitives (>= 8.0) - restriction: || (&& (== net40) (>= net462)) (&& (== net40) (>= netstandard2.0)) (== net8.0)
    Microsoft.Extensions.FileProviders.Embedded (8.0.5) - restriction: || (&& (== net40) (>= net8.0)) (== net8.0)
      Microsoft.Extensions.FileProviders.Abstractions (>= 8.0) - restriction: || (&& (== net40) (>= netstandard2.0)) (== net8.0)
    Microsoft.Extensions.FileProviders.Physical (8.0) - restriction: || (&& (== net40) (>= net8.0)) (== net8.0)
      Microsoft.Extensions.FileProviders.Abstractions (>= 8.0) - restriction: || (&& (== net40) (>= net462)) (&& (== net40) (>= netstandard2.0)) (== net8.0)
      Microsoft.Extensions.FileSystemGlobbing (>= 8.0) - restriction: || (&& (== net40) (>= net462)) (&& (== net40) (>= netstandard2.0)) (== net8.0)
      Microsoft.Extensions.Primitives (>= 8.0) - restriction: || (&& (== net40) (>= net462)) (&& (== net40) (>= netstandard2.0)) (== net8.0)
    Microsoft.Extensions.FileSystemGlobbing (8.0) - restriction: || (&& (== net40) (>= net8.0)) (== net8.0)
    Microsoft.Extensions.Hosting (8.0) - restriction: || (&& (== net40) (>= net8.0)) (== net8.0)
      Microsoft.Extensions.Configuration (>= 8.0) - restriction: || (&& (== net40) (>= net462)) (&& (== net40) (>= netstandard2.0)) (== net8.0)
      Microsoft.Extensions.Configuration.Abstractions (>= 8.0) - restriction: || (&& (== net40) (>= net462)) (&& (== net40) (>= netstandard2.0)) (== net8.0)
      Microsoft.Extensions.Configuration.Binder (>= 8.0) - restriction: || (&& (== net40) (>= net462)) (&& (== net40) (>= netstandard2.0)) (== net8.0)
      Microsoft.Extensions.Configuration.CommandLine (>= 8.0) - restriction: || (&& (== net40) (>= net462)) (&& (== net40) (>= netstandard2.0)) (== net8.0)
      Microsoft.Extensions.Configuration.EnvironmentVariables (>= 8.0) - restriction: || (&& (== net40) (>= net462)) (&& (== net40) (>= netstandard2.0)) (== net8.0)
      Microsoft.Extensions.Configuration.FileExtensions (>= 8.0) - restriction: || (&& (== net40) (>= net462)) (&& (== net40) (>= netstandard2.0)) (== net8.0)
      Microsoft.Extensions.Configuration.Json (>= 8.0) - restriction: || (&& (== net40) (>= net462)) (&& (== net40) (>= netstandard2.0)) (== net8.0)
      Microsoft.Extensions.Configuration.UserSecrets (>= 8.0) - restriction: || (&& (== net40) (>= net462)) (&& (== net40) (>= netstandard2.0)) (== net8.0)
      Microsoft.Extensions.DependencyInjection (>= 8.0) - restriction: || (&& (== net40) (>= net462)) (&& (== net40) (>= netstandard2.0)) (== net8.0)
      Microsoft.Extensions.DependencyInjection.Abstractions (>= 8.0) - restriction: || (&& (== net40) (>= net462)) (&& (== net40) (>= netstandard2.0)) (== net8.0)
      Microsoft.Extensions.Diagnostics (>= 8.0) - restriction: || (&& (== net40) (>= net462)) (&& (== net40) (>= netstandard2.0)) (== net8.0)
      Microsoft.Extensions.FileProviders.Abstractions (>= 8.0) - restriction: || (&& (== net40) (>= net462)) (&& (== net40) (>= netstandard2.0)) (== net8.0)
      Microsoft.Extensions.FileProviders.Physical (>= 8.0) - restriction: || (&& (== net40) (>= net462)) (&& (== net40) (>= netstandard2.0)) (== net8.0)
      Microsoft.Extensions.Hosting.Abstractions (>= 8.0) - restriction: || (&& (== net40) (>= net462)) (&& (== net40) (>= netstandard2.0)) (== net8.0)
      Microsoft.Extensions.Logging (>= 8.0) - restriction: || (&& (== net40) (>= net462)) (&& (== net40) (>= netstandard2.0)) (== net8.0)
      Microsoft.Extensions.Logging.Abstractions (>= 8.0) - restriction: || (&& (== net40) (>= net462)) (&& (== net40) (>= netstandard2.0)) (== net8.0)
      Microsoft.Extensions.Logging.Configuration (>= 8.0) - restriction: || (&& (== net40) (>= net462)) (&& (== net40) (>= netstandard2.0)) (== net8.0)
      Microsoft.Extensions.Logging.Console (>= 8.0) - restriction: || (&& (== net40) (>= net462)) (&& (== net40) (>= netstandard2.0)) (== net8.0)
      Microsoft.Extensions.Logging.Debug (>= 8.0) - restriction: || (&& (== net40) (>= net462)) (&& (== net40) (>= netstandard2.0)) (== net8.0)
      Microsoft.Extensions.Logging.EventLog (>= 8.0) - restriction: || (&& (== net40) (>= net462)) (&& (== net40) (>= netstandard2.0)) (== net8.0)
      Microsoft.Extensions.Logging.EventSource (>= 8.0) - restriction: || (&& (== net40) (>= net462)) (&& (== net40) (>= netstandard2.0)) (== net8.0)
      Microsoft.Extensions.Options (>= 8.0) - restriction: || (&& (== net40) (>= net462)) (&& (== net40) (>= netstandard2.0)) (== net8.0)
    Microsoft.Extensions.Hosting.Abstractions (8.0) - restriction: || (&& (== net40) (>= net8.0)) (== net8.0)
      Microsoft.Extensions.Configuration.Abstractions (>= 8.0) - restriction: || (&& (== net40) (>= net462)) (&& (== net40) (>= netstandard2.0)) (== net8.0)
      Microsoft.Extensions.DependencyInjection.Abstractions (>= 8.0) - restriction: || (&& (== net40) (>= net462)) (&& (== net40) (>= netstandard2.0)) (== net8.0)
      Microsoft.Extensions.Diagnostics.Abstractions (>= 8.0) - restriction: || (&& (== net40) (>= net462)) (&& (== net40) (>= netstandard2.0)) (== net8.0)
      Microsoft.Extensions.FileProviders.Abstractions (>= 8.0) - restriction: || (&& (== net40) (>= net462)) (&& (== net40) (>= netstandard2.0)) (== net8.0)
      Microsoft.Extensions.Logging.Abstractions (>= 8.0) - restriction: || (&& (== net40) (>= net462)) (&& (== net40) (>= netstandard2.0)) (== net8.0)
    Microsoft.Extensions.Http (8.0)
      Microsoft.Extensions.Configuration.Abstractions (>= 8.0) - restriction: || (&& (== net40) (>= net462)) (&& (== net40) (>= netstandard2.0)) (== net8.0)
      Microsoft.Extensions.DependencyInjection.Abstractions (>= 8.0) - restriction: || (&& (== net40) (>= net462)) (&& (== net40) (>= netstandard2.0)) (== net8.0)
      Microsoft.Extensions.Diagnostics (>= 8.0) - restriction: || (&& (== net40) (>= net8.0)) (== net8.0)
      Microsoft.Extensions.Logging (>= 8.0) - restriction: || (&& (== net40) (>= net462)) (&& (== net40) (>= netstandard2.0)) (== net8.0)
      Microsoft.Extensions.Logging.Abstractions (>= 8.0) - restriction: || (&& (== net40) (>= net462)) (&& (== net40) (>= netstandard2.0)) (== net8.0)
      Microsoft.Extensions.Options (>= 8.0) - restriction: || (&& (== net40) (>= net462)) (&& (== net40) (>= netstandard2.0)) (== net8.0)
    Microsoft.Extensions.Localization (8.0.5) - restriction: || (&& (== net40) (>= net8.0)) (== net8.0)
      Microsoft.Extensions.DependencyInjection.Abstractions (>= 8.0.1) - restriction: || (&& (== net40) (>= net462)) (&& (== net40) (>= netstandard2.0)) (== net8.0)
      Microsoft.Extensions.Localization.Abstractions (>= 8.0.5) - restriction: || (&& (== net40) (>= net462)) (&& (== net40) (>= netstandard2.0)) (== net8.0)
      Microsoft.Extensions.Logging.Abstractions (>= 8.0.1) - restriction: || (&& (== net40) (>= net462)) (&& (== net40) (>= netstandard2.0)) (== net8.0)
      Microsoft.Extensions.Options (>= 8.0.2) - restriction: || (&& (== net40) (>= net462)) (&& (== net40) (>= netstandard2.0)) (== net8.0)
    Microsoft.Extensions.Localization.Abstractions (8.0.5) - restriction: || (&& (== net40) (>= net8.0)) (== net8.0)
    Microsoft.Extensions.Logging (8.0) - restriction: || (&& (== net40) (>= net462)) (&& (== net40) (>= netstandard2.0)) (== net8.0)
      Microsoft.Extensions.DependencyInjection (>= 8.0) - restriction: || (&& (== net40) (>= net462)) (&& (== net40) (>= netstandard2.0)) (== net8.0)
      Microsoft.Extensions.Logging.Abstractions (>= 8.0) - restriction: || (&& (== net40) (>= net462)) (&& (== net40) (>= netstandard2.0)) (== net8.0)
      Microsoft.Extensions.Options (>= 8.0) - restriction: || (&& (== net40) (>= net462)) (&& (== net40) (>= netstandard2.0)) (== net8.0)
    Microsoft.Extensions.Logging.Abstractions (8.0.1) - restriction: || (&& (== net40) (>= net462)) (&& (== net40) (>= net6.0)) (&& (== net40) (>= netstandard2.0)) (== net8.0)
      Microsoft.Extensions.DependencyInjection.Abstractions (>= 8.0.1) - restriction: || (&& (== net40) (>= net462)) (&& (== net40) (>= netstandard2.0)) (== net8.0)
    Microsoft.Extensions.Logging.Configuration (8.0) - restriction: || (&& (== net40) (>= net8.0)) (== net8.0)
      Microsoft.Extensions.Configuration (>= 8.0) - restriction: || (&& (== net40) (>= net462)) (&& (== net40) (>= netstandard2.0)) (== net8.0)
      Microsoft.Extensions.Configuration.Abstractions (>= 8.0) - restriction: || (&& (== net40) (>= net462)) (&& (== net40) (>= netstandard2.0)) (== net8.0)
      Microsoft.Extensions.Configuration.Binder (>= 8.0) - restriction: || (&& (== net40) (>= net462)) (&& (== net40) (>= netstandard2.0)) (== net8.0)
      Microsoft.Extensions.DependencyInjection.Abstractions (>= 8.0) - restriction: || (&& (== net40) (>= net462)) (&& (== net40) (>= netstandard2.0)) (== net8.0)
      Microsoft.Extensions.Logging (>= 8.0) - restriction: || (&& (== net40) (>= net462)) (&& (== net40) (>= netstandard2.0)) (== net8.0)
      Microsoft.Extensions.Logging.Abstractions (>= 8.0) - restriction: || (&& (== net40) (>= net462)) (&& (== net40) (>= netstandard2.0)) (== net8.0)
      Microsoft.Extensions.Options (>= 8.0) - restriction: || (&& (== net40) (>= net462)) (&& (== net40) (>= netstandard2.0)) (== net8.0)
      Microsoft.Extensions.Options.ConfigurationExtensions (>= 8.0) - restriction: || (&& (== net40) (>= net462)) (&& (== net40) (>= netstandard2.0)) (== net8.0)
    Microsoft.Extensions.Logging.Console (8.0) - restriction: || (&& (== net40) (>= net8.0)) (== net8.0)
      Microsoft.Extensions.DependencyInjection.Abstractions (>= 8.0) - restriction: || (&& (== net40) (>= net462)) (&& (== net40) (>= netstandard2.0)) (== net8.0)
      Microsoft.Extensions.Logging (>= 8.0) - restriction: || (&& (== net40) (>= net462)) (&& (== net40) (>= netstandard2.0)) (== net8.0)
      Microsoft.Extensions.Logging.Abstractions (>= 8.0) - restriction: || (&& (== net40) (>= net462)) (&& (== net40) (>= netstandard2.0)) (== net8.0)
      Microsoft.Extensions.Logging.Configuration (>= 8.0) - restriction: || (&& (== net40) (>= net462)) (&& (== net40) (>= netstandard2.0)) (== net8.0)
      Microsoft.Extensions.Options (>= 8.0) - restriction: || (&& (== net40) (>= net462)) (&& (== net40) (>= netstandard2.0)) (== net8.0)
      System.Text.Json (>= 8.0) - restriction: || (&& (== net40) (>= net462)) (&& (== net40) (>= netstandard2.0)) (== net8.0)
    Microsoft.Extensions.Logging.Debug (8.0) - restriction: || (&& (== net40) (>= net8.0)) (== net8.0)
      Microsoft.Extensions.DependencyInjection.Abstractions (>= 8.0) - restriction: || (&& (== net40) (>= net462)) (&& (== net40) (>= netstandard2.0)) (== net8.0)
      Microsoft.Extensions.Logging (>= 8.0) - restriction: || (&& (== net40) (>= net462)) (&& (== net40) (>= netstandard2.0)) (== net8.0)
      Microsoft.Extensions.Logging.Abstractions (>= 8.0) - restriction: || (&& (== net40) (>= net462)) (&& (== net40) (>= netstandard2.0)) (== net8.0)
    Microsoft.Extensions.Logging.EventLog (8.0) - restriction: || (&& (== net40) (>= net8.0)) (== net8.0)
      Microsoft.Extensions.DependencyInjection.Abstractions (>= 8.0) - restriction: || (&& (== net40) (>= net462)) (&& (== net40) (>= netstandard2.0)) (== net8.0)
      Microsoft.Extensions.Logging (>= 8.0) - restriction: || (&& (== net40) (>= net462)) (&& (== net40) (>= netstandard2.0)) (== net8.0)
      Microsoft.Extensions.Logging.Abstractions (>= 8.0) - restriction: || (&& (== net40) (>= net462)) (&& (== net40) (>= netstandard2.0)) (== net8.0)
      Microsoft.Extensions.Options (>= 8.0) - restriction: || (&& (== net40) (>= net462)) (&& (== net40) (>= netstandard2.0)) (== net8.0)
      System.Diagnostics.EventLog (>= 8.0) - restriction: || (&& (== net40) (>= net6.0)) (&& (== net40) (>= netstandard2.0)) (== net8.0)
    Microsoft.Extensions.Logging.EventSource (8.0) - restriction: || (&& (== net40) (>= net8.0)) (== net8.0)
      Microsoft.Extensions.DependencyInjection.Abstractions (>= 8.0) - restriction: || (&& (== net40) (>= net462)) (&& (== net40) (>= netstandard2.0)) (== net8.0)
      Microsoft.Extensions.Logging (>= 8.0) - restriction: || (&& (== net40) (>= net462)) (&& (== net40) (>= netstandard2.0)) (== net8.0)
      Microsoft.Extensions.Logging.Abstractions (>= 8.0) - restriction: || (&& (== net40) (>= net462)) (&& (== net40) (>= netstandard2.0)) (== net8.0)
      Microsoft.Extensions.Options (>= 8.0) - restriction: || (&& (== net40) (>= net462)) (&& (== net40) (>= netstandard2.0)) (== net8.0)
      Microsoft.Extensions.Primitives (>= 8.0) - restriction: || (&& (== net40) (>= net462)) (&& (== net40) (>= netstandard2.0)) (== net8.0)
      System.Text.Json (>= 8.0) - restriction: || (&& (== net40) (>= net462)) (&& (== net40) (>= netstandard2.0)) (== net8.0)
    Microsoft.Extensions.ObjectPool (8.0.5) - restriction: || (&& (== net40) (>= net8.0)) (== net8.0)
    Microsoft.Extensions.Options (8.0.2) - restriction: || (&& (== net40) (>= net462)) (&& (== net40) (>= netstandard2.0)) (== net8.0)
      Microsoft.Extensions.DependencyInjection.Abstractions (>= 8.0) - restriction: || (&& (== net40) (>= net462)) (&& (== net40) (>= netstandard2.0)) (== net8.0)
      Microsoft.Extensions.Primitives (>= 8.0) - restriction: || (&& (== net40) (>= net462)) (&& (== net40) (>= netstandard2.0)) (== net8.0)
    Microsoft.Extensions.Options.ConfigurationExtensions (8.0) - restriction: || (&& (== net40) (>= net8.0)) (== net8.0)
      Microsoft.Extensions.Configuration.Abstractions (>= 8.0) - restriction: || (&& (== net40) (>= net462)) (&& (== net40) (>= netstandard2.0)) (== net8.0)
      Microsoft.Extensions.Configuration.Binder (>= 8.0) - restriction: || (&& (== net40) (>= net462)) (&& (== net40) (>= netstandard2.0)) (== net8.0)
      Microsoft.Extensions.DependencyInjection.Abstractions (>= 8.0) - restriction: || (&& (== net40) (>= net462)) (&& (== net40) (>= netstandard2.0)) (== net8.0)
      Microsoft.Extensions.Options (>= 8.0) - restriction: || (&& (== net40) (>= net462)) (&& (== net40) (>= netstandard2.0)) (== net8.0)
      Microsoft.Extensions.Primitives (>= 8.0) - restriction: || (&& (== net40) (>= net462)) (&& (== net40) (>= netstandard2.0)) (== net8.0)
    Microsoft.Extensions.Primitives (8.0) - restriction: || (&& (== net40) (>= net8.0)) (== net8.0)
    Microsoft.Identity.Client (4.61.1) - restriction: || (&& (== net40) (>= net8.0)) (== net8.0)
      Microsoft.IdentityModel.Abstractions (>= 6.35) - restriction: || (&& (== net40) (>= net462)) (&& (== net40) (>= netstandard2.0)) (== net8.0)
      System.Diagnostics.DiagnosticSource (>= 6.0.1) - restriction: || (&& (== net40) (>= net462)) (&& (== net40) (>= net6.0)) (&& (== net40) (>= netstandard2.0)) (== net8.0)
    Microsoft.Identity.Client.Extensions.Msal (4.61.1) - restriction: || (&& (== net40) (>= net8.0)) (== net8.0)
      Microsoft.Identity.Client (>= 4.61.1) - restriction: || (&& (== net40) (>= netstandard2.0)) (== net8.0)
      System.Security.Cryptography.ProtectedData (>= 4.5) - restriction: || (&& (== net40) (>= netstandard2.0)) (== net8.0)
    Microsoft.IdentityModel.Abstractions (7.5.2) - restriction: || (&& (== net40) (>= net8.0)) (== net8.0)
    Microsoft.IdentityModel.JsonWebTokens (7.5.2) - restriction: || (&& (== net40) (>= net8.0)) (== net8.0)
      Microsoft.IdentityModel.Tokens (>= 7.5.2) - restriction: || (&& (== net40) (>= net461)) (&& (== net40) (>= net462)) (&& (== net40) (>= net6.0)) (&& (== net40) (>= netstandard2.0)) (== net8.0)
    Microsoft.IdentityModel.Logging (7.5.2) - restriction: || (&& (== net40) (>= net8.0)) (== net8.0)
      Microsoft.IdentityModel.Abstractions (>= 7.5.2) - restriction: || (&& (== net40) (>= net461)) (&& (== net40) (>= net462)) (&& (== net40) (>= net6.0)) (&& (== net40) (>= netstandard2.0)) (== net8.0)
    Microsoft.IdentityModel.Protocols (7.5.2) - restriction: || (&& (== net40) (>= net8.0)) (== net8.0)
      Microsoft.IdentityModel.Tokens (>= 7.5.2) - restriction: || (&& (== net40) (>= net461)) (&& (== net40) (>= net462)) (&& (== net40) (>= net6.0)) (&& (== net40) (>= netstandard2.0)) (== net8.0)
    Microsoft.IdentityModel.Protocols.OpenIdConnect (7.5.2) - restriction: || (&& (== net40) (>= net8.0)) (== net8.0)
      Microsoft.IdentityModel.Protocols (>= 7.5.2) - restriction: || (&& (== net40) (>= net461)) (&& (== net40) (>= net462)) (&& (== net40) (>= net6.0)) (&& (== net40) (>= netstandard2.0)) (== net8.0)
      System.IdentityModel.Tokens.Jwt (>= 7.5.2) - restriction: || (&& (== net40) (>= net461)) (&& (== net40) (>= net462)) (&& (== net40) (>= net6.0)) (&& (== net40) (>= netstandard2.0)) (== net8.0)
    Microsoft.IdentityModel.Tokens (7.5.2) - restriction: || (&& (== net40) (>= net8.0)) (== net8.0)
      Microsoft.IdentityModel.Logging (>= 7.5.2) - restriction: || (&& (== net40) (>= net461)) (&& (== net40) (>= net462)) (&& (== net40) (>= net6.0)) (&& (== net40) (>= netstandard2.0)) (== net8.0)
    Microsoft.Net.Http.Headers (8.0.5) - restriction: || (&& (== net40) (>= net8.0)) (== net8.0)
      Microsoft.Extensions.Primitives (>= 8.0) - restriction: || (&& (== net40) (>= net8.0)) (== net8.0)
    Microsoft.NET.Test.Sdk (17.10)
      Microsoft.CodeCoverage (>= 17.10) - restriction: || (&& (== net40) (>= net462)) (&& (== net40) (>= netcoreapp3.1)) (== net8.0)
      Microsoft.TestPlatform.TestHost (>= 17.10) - restriction: || (&& (== net40) (>= netcoreapp3.1)) (== net8.0)
    Microsoft.NETCore.Platforms (7.0.4)
    Microsoft.NETCore.Targets (5.0) - restriction: || (&& (== net40) (>= net7.0)) (== net8.0)
    Microsoft.OpenApi (1.6.14) - restriction: || (&& (== net40) (>= net8.0)) (== net8.0)
    Microsoft.SqlServer.Server (1.0) - restriction: || (&& (== net40) (>= net8.0)) (== net8.0)
    Microsoft.SyndicationFeed.ReaderWriter (1.0.2) - restriction: || (&& (== net40) (>= net8.0)) (== net8.0)
      System.Globalization (>= 4.3) - restriction: || (&& (== net40) (>= netstandard1.3)) (== net8.0)
      System.Linq (>= 4.3) - restriction: || (&& (== net40) (>= netstandard1.3)) (== net8.0)
      System.Runtime.Extensions (>= 4.3) - restriction: || (&& (== net40) (>= netstandard1.3)) (== net8.0)
      System.Xml.ReaderWriter (>= 4.3) - restriction: || (&& (== net40) (>= netstandard1.3)) (== net8.0)
    Microsoft.TestPlatform.ObjectModel (17.10) - restriction: || (&& (== net40) (>= netcoreapp3.1)) (== net8.0)
      System.Reflection.Metadata (>= 1.6) - restriction: || (&& (== net40) (>= net462)) (&& (== net40) (>= netstandard2.0)) (== net8.0)
    Microsoft.TestPlatform.TestHost (17.10) - restriction: || (&& (== net40) (>= netcoreapp3.1)) (== net8.0)
      Microsoft.TestPlatform.ObjectModel (>= 17.10) - restriction: || (&& (== net40) (>= netcoreapp3.1)) (== net8.0)
      Newtonsoft.Json (>= 13.0.1) - restriction: || (&& (== net40) (>= netcoreapp3.1)) (== net8.0)
    Microsoft.VisualStudio.Web.BrowserLink (2.2) - restriction: || (&& (== net40) (>= net8.0)) (== net8.0)
      Microsoft.AspNetCore.Hosting.Abstractions (>= 2.2) - restriction: || (&& (== net40) (>= netstandard2.0)) (== net8.0)
      Microsoft.AspNetCore.Http.Abstractions (>= 2.2) - restriction: || (&& (== net40) (>= netstandard2.0)) (== net8.0)
      Microsoft.AspNetCore.Http.Extensions (>= 2.2) - restriction: || (&& (== net40) (>= netstandard2.0)) (== net8.0)
      Microsoft.Extensions.FileProviders.Physical (>= 2.2) - restriction: || (&& (== net40) (>= netstandard2.0)) (== net8.0)
    Microsoft.Win32.SystemEvents (8.0) - restriction: || (&& (== net40) (>= net8.0)) (== net8.0)
    Moq (4.20.70)
      Castle.Core (>= 5.1.1) - restriction: || (&& (== net40) (>= net462)) (&& (== net40) (>= netstandard2.0)) (== net8.0)
    Namotion.Reflection (3.1.1) - restriction: || (&& (== net40) (>= net8.0)) (== net8.0)
      Microsoft.CSharp (>= 4.3) - restriction: || (&& (== net40) (>= netstandard2.0)) (== net8.0)
    NEST (7.17.4)
      Elasticsearch.Net (>= 7.17.4) - restriction: || (&& (== net40) (>= net461)) (&& (== net40) (>= netstandard2.0)) (== net8.0)
    Newtonsoft.Json (13.0.3) - restriction: || (&& (== net40) (>= netstandard2.1)) (== net8.0)
    Newtonsoft.Json.Bson (1.0.2) - restriction: || (&& (== net40) (>= net8.0)) (== net8.0)
      Newtonsoft.Json (>= 12.0.1) - restriction: || (&& (== net40) (>= net45)) (&& (== net40) (>= netstandard1.3)) (== net8.0)
    NJsonSchema (11.0) - restriction: || (&& (== net40) (>= net8.0)) (== net8.0)
      Namotion.Reflection (>= 3.1.1) - restriction: || (&& (== net40) (>= net462)) (&& (== net40) (>= netstandard2.0)) (== net8.0)
      Newtonsoft.Json (>= 13.0.3) - restriction: || (&& (== net40) (>= net462)) (&& (== net40) (>= netstandard2.0)) (== net8.0)
      NJsonSchema.Annotations (>= 11.0) - restriction: || (&& (== net40) (>= net462)) (&& (== net40) (>= netstandard2.0)) (== net8.0)
    NJsonSchema.Annotations (11.0) - restriction: || (&& (== net40) (>= net8.0)) (== net8.0)
    NJsonSchema.CodeGeneration (11.0) - restriction: || (&& (== net40) (>= net8.0)) (== net8.0)
      Fluid.Core (>= 2.5) - restriction: || (&& (== net40) (>= net462)) (&& (== net40) (>= netstandard2.0)) (== net8.0)
      NJsonSchema (>= 11.0) - restriction: || (&& (== net40) (>= net462)) (&& (== net40) (>= netstandard2.0)) (== net8.0)
    NJsonSchema.CodeGeneration.CSharp (11.0) - restriction: || (&& (== net40) (>= net8.0)) (== net8.0)
      NJsonSchema.CodeGeneration (>= 11.0) - restriction: || (&& (== net40) (>= net462)) (&& (== net40) (>= netstandard2.0)) (== net8.0)
    NJsonSchema.CodeGeneration.TypeScript (11.0) - restriction: || (&& (== net40) (>= net8.0)) (== net8.0)
      NJsonSchema.CodeGeneration (>= 11.0) - restriction: || (&& (== net40) (>= net462)) (&& (== net40) (>= netstandard2.0)) (== net8.0)
    NodaTime (3.1.11) - restriction: || (&& (== net40) (>= netstandard2.0)) (&& (== net40) (>= netstandard2.1)) (== net8.0)
      System.Runtime.CompilerServices.Unsafe (>= 4.7.1) - restriction: || (&& (== net40) (>= netstandard2.0)) (== net8.0)
    NodaTime.Serialization.JsonNet (3.1)
      Newtonsoft.Json (>= 13.0.3) - restriction: || (&& (== net40) (>= netstandard2.0)) (== net8.0)
      NodaTime (>= 3.0 < 4.0) - restriction: || (&& (== net40) (>= netstandard2.0)) (== net8.0)
    Npgsql (8.0.3)
      Microsoft.Extensions.Logging.Abstractions (>= 8.0) - restriction: || (&& (== net40) (>= netstandard2.0)) (== net8.0)
    Npgsql.Json.NET (8.0.3) - restriction: || (&& (== net40) (>= net6.0)) (== net8.0)
      Newtonsoft.Json (>= 13.0.3) - restriction: || (&& (== net40) (>= netstandard2.0)) (== net8.0)
      Npgsql (>= 8.0.3) - restriction: || (&& (== net40) (>= netstandard2.0)) (== net8.0)
    Npgsql.OpenTelemetry (8.0.3)
      Npgsql (>= 8.0.3) - restriction: || (&& (== net40) (>= netstandard2.0)) (== net8.0)
      OpenTelemetry.Api (>= 1.6) - restriction: || (&& (== net40) (>= netstandard2.0)) (== net8.0)
    NSwag.CodeGeneration (14.0.7) - restriction: || (&& (== net40) (>= net8.0)) (== net8.0)
      NJsonSchema.CodeGeneration (>= 11.0) - restriction: || (&& (== net40) (>= net462)) (&& (== net40) (>= netstandard2.0)) (== net8.0)
      NSwag.Core (>= 14.0.7) - restriction: || (&& (== net40) (>= net462)) (&& (== net40) (>= netstandard2.0)) (== net8.0)
    NSwag.CodeGeneration.CSharp (14.0.7) - restriction: || (&& (== net40) (>= net8.0)) (== net8.0)
      NJsonSchema.CodeGeneration.CSharp (>= 11.0) - restriction: || (&& (== net40) (>= net462)) (&& (== net40) (>= netstandard2.0)) (== net8.0)
      NSwag.CodeGeneration (>= 14.0.7) - restriction: || (&& (== net40) (>= net462)) (&& (== net40) (>= netstandard2.0)) (== net8.0)
    NSwag.CodeGeneration.TypeScript (14.0.7) - restriction: || (&& (== net40) (>= net8.0)) (== net8.0)
      NJsonSchema.CodeGeneration.TypeScript (>= 11.0) - restriction: || (&& (== net40) (>= net462)) (&& (== net40) (>= netstandard2.0)) (== net8.0)
      NSwag.CodeGeneration (>= 14.0.7) - restriction: || (&& (== net40) (>= net462)) (&& (== net40) (>= netstandard2.0)) (== net8.0)
    NSwag.Core (14.0.7) - restriction: || (&& (== net40) (>= net8.0)) (== net8.0)
      NJsonSchema (>= 11.0) - restriction: || (&& (== net40) (>= net462)) (&& (== net40) (>= netstandard2.0)) (== net8.0)
    Oakton (6.1) - restriction: || (&& (== net40) (>= net6.0)) (== net8.0)
      JasperFx.Core (>= 1.5.1) - restriction: || (&& (== net40) (>= net6.0)) (== net8.0)
      Microsoft.Extensions.Hosting (>= 6.0 < 9.0) - restriction: || (&& (== net40) (>= net6.0)) (== net8.0)
      Spectre.Console (>= 0.47) - restriction: || (&& (== net40) (>= net6.0)) (== net8.0)
    OpenTelemetry (1.8.1) - restriction: || (&& (== net40) (>= net462)) (&& (== net40) (>= netstandard2.0)) (== net8.0)
      Microsoft.Extensions.Diagnostics.Abstractions (>= 8.0) - restriction: || (&& (== net40) (>= net462)) (&& (== net40) (>= netstandard2.0)) (== net8.0)
      Microsoft.Extensions.Logging.Configuration (>= 8.0) - restriction: || (&& (== net40) (>= net462)) (&& (== net40) (>= netstandard2.0)) (== net8.0)
      OpenTelemetry.Api.ProviderBuilderExtensions (>= 1.8.1) - restriction: || (&& (== net40) (>= net462)) (&& (== net40) (>= netstandard2.0)) (== net8.0)
    OpenTelemetry.Api (1.8.1) - restriction: || (&& (== net40) (>= net462)) (&& (== net40) (>= netstandard2.0)) (== net8.0)
      System.Diagnostics.DiagnosticSource (>= 8.0) - restriction: || (&& (== net40) (>= net462)) (&& (== net40) (>= netstandard2.0)) (== net8.0)
    OpenTelemetry.Api.ProviderBuilderExtensions (1.8.1) - restriction: || (&& (== net40) (>= net462)) (&& (== net40) (>= netstandard2.0)) (== net8.0)
      Microsoft.Extensions.DependencyInjection.Abstractions (>= 8.0) - restriction: || (&& (== net40) (>= net462)) (&& (== net40) (>= netstandard2.0)) (== net8.0)
      OpenTelemetry.Api (>= 1.8.1) - restriction: || (&& (== net40) (>= net462)) (&& (== net40) (>= netstandard2.0)) (== net8.0)
    OpenTelemetry.Exporter.Console (1.8.1)
      OpenTelemetry (>= 1.8.1) - restriction: || (&& (== net40) (>= net462)) (&& (== net40) (>= netstandard2.0)) (== net8.0)
      System.Text.Encodings.Web (>= 4.7.2) - restriction: || (&& (== net40) (>= net462)) (&& (== net40) (>= netstandard2.0)) (== net8.0)
      System.Text.Json (>= 4.7.2) - restriction: || (&& (== net40) (>= net462)) (&& (== net40) (>= netstandard2.0)) (== net8.0)
    OpenTelemetry.Exporter.OpenTelemetryProtocol (1.8.1) - restriction: || (&& (== net40) (>= net462)) (&& (== net40) (>= netstandard2.0)) (== net8.0)
      Google.Protobuf (>= 3.22.5 < 4.0) - restriction: || (&& (== net40) (>= net462)) (&& (== net40) (>= netstandard2.0)) (== net8.0)
      Grpc.Net.Client (>= 2.52 < 3.0) - restriction: || (&& (== net40) (>= netstandard2.1)) (== net8.0)
      Microsoft.Extensions.Configuration.Binder (>= 8.0.1) - restriction: || (&& (== net40) (>= net462)) (&& (== net40) (>= netstandard2.0)) (== net8.0)
      OpenTelemetry (>= 1.8.1) - restriction: || (&& (== net40) (>= net462)) (&& (== net40) (>= netstandard2.0)) (== net8.0)
    OpenTelemetry.Exporter.OpenTelemetryProtocol.Logs (1.5.0-rc.1)
      OpenTelemetry (>= 1.5.0-rc.1) - restriction: || (&& (== net40) (>= net462)) (&& (== net40) (>= netstandard2.0)) (== net8.0)
      OpenTelemetry.Exporter.OpenTelemetryProtocol (>= 1.5.0-rc.1) - restriction: || (&& (== net40) (>= net462)) (&& (== net40) (>= netstandard2.0)) (== net8.0)
    OpenTelemetry.Extensions.Hosting (1.8.1)
      Microsoft.Extensions.Hosting.Abstractions (>= 8.0) - restriction: || (&& (== net40) (>= net462)) (&& (== net40) (>= netstandard2.0)) (== net8.0)
      OpenTelemetry (>= 1.8.1) - restriction: || (&& (== net40) (>= net462)) (&& (== net40) (>= netstandard2.0)) (== net8.0)
    OpenTelemetry.Instrumentation.AspNetCore (1.8.1)
      OpenTelemetry.Api.ProviderBuilderExtensions (>= 1.8) - restriction: || (&& (== net40) (>= netstandard2.0)) (== net8.0)
    OpenTelemetry.Instrumentation.Http (1.8.1)
      Microsoft.Extensions.Configuration (>= 8.0) - restriction: || (&& (== net40) (>= net462)) (&& (== net40) (>= netstandard2.0)) (== net8.0)
      Microsoft.Extensions.Options (>= 8.0) - restriction: || (&& (== net40) (>= net462)) (&& (== net40) (>= netstandard2.0)) (== net8.0)
      OpenTelemetry.Api.ProviderBuilderExtensions (>= 1.8) - restriction: || (&& (== net40) (>= net462)) (&& (== net40) (>= netstandard2.0)) (== net8.0)
    OpenTelemetry.Instrumentation.Runtime (1.8.1)
      OpenTelemetry.Api (>= 1.8.1 < 2.0) - restriction: || (&& (== net40) (>= net462)) (&& (== net40) (>= netstandard2.0)) (== net8.0)
    Parlot (0.0.27) - restriction: || (&& (== net40) (>= net8.0)) (== net8.0)
    Polly (8.4)
      Polly.Core (>= 8.4) - restriction: || (&& (== net40) (>= net462)) (&& (== net40) (>= netstandard2.0)) (== net8.0)
    Polly.Core (8.4) - restriction: || (&& (== net40) (>= net462)) (&& (== net40) (>= netstandard2.0)) (== net8.0)
    Result.Net (1.4)
    runtime.native.System (4.3.1) - restriction: || (&& (== net40) (>= net7.0)) (== net8.0)
      Microsoft.NETCore.Platforms (>= 1.1.1)
      Microsoft.NETCore.Targets (>= 1.1.3)
    Scriban (5.10)
    Scrutor (4.2.2) - restriction: || (&& (== net40) (>= net8.0)) (== net8.0)
      Microsoft.Extensions.DependencyInjection.Abstractions (>= 6.0) - restriction: || (&& (== net40) (>= net6.0)) (== net8.0)
      Microsoft.Extensions.DependencyModel (>= 6.0) - restriction: || (&& (== net40) (>= net6.0)) (== net8.0)
    Serilog (3.1.1) - restriction: || (&& (== net40) (>= net8.0)) (== net8.0)
    Serilog.Enrichers.Environment (2.3)
      Serilog (>= 2.3) - restriction: || (&& (== net40) (>= net45)) (&& (== net40) (>= netstandard1.3)) (== net8.0)
    Serilog.Enrichers.Thread (3.1)
      Serilog (>= 2.3) - restriction: || (&& (== net40) (>= netstandard1.0)) (== net8.0)
    Serilog.Extensions.Logging (8.0)
      Microsoft.Extensions.Logging (>= 8.0) - restriction: || (&& (== net40) (>= net462)) (&& (== net40) (>= netstandard2.0)) (== net8.0)
      Serilog (>= 3.1.1) - restriction: || (&& (== net40) (>= net462)) (&& (== net40) (>= netstandard2.0)) (== net8.0)
    Serilog.Formatting.Compact (2.0)
      Serilog (>= 3.1) - restriction: || (&& (== net40) (>= net462)) (&& (== net40) (>= net471)) (&& (== net40) (>= netstandard2.0)) (&& (== net40) (>= netstandard2.1)) (== net8.0)
    Serilog.Settings.Configuration (8.0)
      Microsoft.Extensions.Configuration.Binder (>= 8.0) - restriction: || (&& (== net40) (>= net462)) (&& (== net40) (>= netstandard2.0)) (== net8.0)
      Microsoft.Extensions.DependencyModel (>= 8.0) - restriction: || (&& (== net40) (>= net462)) (&& (== net40) (>= netstandard2.0)) (== net8.0)
      Serilog (>= 3.1.1) - restriction: || (&& (== net40) (>= net462)) (&& (== net40) (>= netstandard2.0)) (== net8.0)
    Serilog.Sinks.Console (5.0.1)
      Serilog (>= 3.1.1) - restriction: || (&& (== net40) (>= net462)) (&& (== net40) (>= net471)) (&& (== net40) (>= netstandard2.0)) (&& (== net40) (>= netstandard2.1)) (== net8.0)
    Serilog.Sinks.File (5.0)
      Serilog (>= 2.10) - restriction: || (&& (== net40) (>= net45)) (&& (== net40) (>= netstandard1.3)) (== net8.0)
    SourceLink.Copy.PdbFiles (2.8.3) - copy_local: true
    SourceLink.Embed.AllSourceFiles (2.8.3) - copy_local: true
    Spectre.Console (0.49.1) - restriction: || (&& (== net40) (>= net6.0)) (== net8.0)
    SqlStreamStore (1.2) - restriction: || (&& (== net40) (>= net8.0)) (== net8.0)
      Microsoft.CSharp (>= 4.7) - restriction: || (&& (== net40) (>= netstandard2.0)) (== net8.0)
    SqlStreamStore.MsSql (1.2) - restriction: || (&& (== net40) (>= net8.0)) (== net8.0)
      Microsoft.Data.SqlClient (>= 1.1) - restriction: || (&& (== net40) (>= netstandard2.0)) (== net8.0)
      SqlStreamStore (>= 1.2) - restriction: || (&& (== net40) (>= netstandard2.0)) (== net8.0)
    Swashbuckle.AspNetCore (6.2.3) - restriction: || (&& (== net40) (>= net8.0)) (== net8.0)
      Microsoft.Extensions.ApiDescription.Server (>= 3.0) - restriction: || (&& (== net40) (>= netstandard2.0)) (== net8.0)
      Swashbuckle.AspNetCore.Swagger (>= 6.2.3) - restriction: || (&& (== net40) (>= netstandard2.0)) (== net8.0)
      Swashbuckle.AspNetCore.SwaggerGen (>= 6.2.3) - restriction: || (&& (== net40) (>= netstandard2.0)) (== net8.0)
      Swashbuckle.AspNetCore.SwaggerUI (>= 6.2.3) - restriction: || (&& (== net40) (>= netstandard2.0)) (== net8.0)
    Swashbuckle.AspNetCore.Annotations (6.2.3) - restriction: || (&& (== net40) (>= net8.0)) (== net8.0)
      Swashbuckle.AspNetCore.SwaggerGen (>= 6.2.3) - restriction: || (&& (== net40) (>= netstandard2.0)) (== net8.0)
    Swashbuckle.AspNetCore.Filters (8.0.1) - restriction: || (&& (== net40) (>= net8.0)) (== net8.0)
      Microsoft.Extensions.DependencyInjection (>= 2.1) - restriction: || (&& (== net40) (>= netstandard2.0)) (== net8.0)
      Microsoft.OpenApi (>= 1.3.1) - restriction: || (&& (== net40) (>= netstandard2.0)) (== net8.0)
      Scrutor (>= 3.3) - restriction: || (&& (== net40) (>= netstandard2.0)) (== net8.0)
      Swashbuckle.AspNetCore.Filters.Abstractions (>= 8.0.1) - restriction: || (&& (== net40) (>= netstandard2.0)) (== net8.0)
      Swashbuckle.AspNetCore.SwaggerGen (>= 5.0) - restriction: || (&& (== net40) (>= netstandard2.0)) (== net8.0)
    Swashbuckle.AspNetCore.Filters.Abstractions (8.0.2) - restriction: || (&& (== net40) (>= net8.0)) (== net8.0)
    Swashbuckle.AspNetCore.Newtonsoft (6.2.3) - restriction: || (&& (== net40) (>= net8.0)) (== net8.0)
      Microsoft.AspNetCore.Mvc.NewtonsoftJson (>= 6.0.0-rc.1.21452.15) - restriction: || (&& (== net40) (>= net6.0)) (== net8.0)
      Swashbuckle.AspNetCore.SwaggerGen (>= 6.2.3) - restriction: || (&& (== net40) (>= netstandard2.0)) (== net8.0)
    Swashbuckle.AspNetCore.ReDoc (6.3)
    Swashbuckle.AspNetCore.Swagger (6.2.3) - restriction: || (&& (== net40) (>= net8.0)) (&& (== net40) (>= netstandard2.0)) (== net8.0)
      Microsoft.OpenApi (>= 1.2.3) - restriction: || (&& (== net40) (>= netstandard2.0)) (== net8.0)
    Swashbuckle.AspNetCore.SwaggerGen (6.2.3)
      Swashbuckle.AspNetCore.Swagger (>= 6.2.3) - restriction: || (&& (== net40) (>= netstandard2.0)) (== net8.0)
    Swashbuckle.AspNetCore.SwaggerUI (6.2.3)
    System.Buffers (4.5.1) - restriction: || (&& (== net40) (>= net461)) (&& (== net40) (>= netstandard2.0)) (== net8.0)
    System.ClientModel (1.0) - restriction: || (&& (== net40) (>= net8.0)) (== net8.0)
      System.Memory.Data (>= 1.0.2) - restriction: || (&& (== net40) (>= netstandard2.0)) (== net8.0)
      System.Text.Json (>= 4.7.2) - restriction: || (&& (== net40) (>= netstandard2.0)) (== net8.0)
    System.Collections (4.3) - restriction: || (&& (== net40) (>= net7.0)) (== net8.0)
      Microsoft.NETCore.Platforms (>= 1.1) - restriction: || (&& (== net40) (>= netstandard1.0)) (&& (== net40) (>= netstandard1.3)) (== net8.0)
      Microsoft.NETCore.Targets (>= 1.1) - restriction: || (&& (== net40) (>= netstandard1.0)) (&& (== net40) (>= netstandard1.3)) (== net8.0)
      System.Runtime (>= 4.3) - restriction: || (&& (== net40) (>= netstandard1.0)) (&& (== net40) (>= netstandard1.3)) (== net8.0)
    System.Collections.Immutable (8.0) - restriction: || (&& (== net40) (>= net8.0)) (== net8.0)
    System.ComponentModel (4.3) - restriction: || (&& (== net40) (>= net7.0)) (== net8.0)
      System.Runtime (>= 4.3) - restriction: || (&& (== net40) (>= netstandard1.0)) (&& (== net40) (>= netstandard1.3)) (== net8.0)
    System.ComponentModel.Annotations (5.0) - restriction: || (&& (== net40) (>= netstandard1.5)) (&& (== net40) (>= netstandard2.0)) (== net8.0)
    System.Composition (8.0) - restriction: || (&& (== net40) (>= net6.0)) (== net8.0)
      System.Composition.AttributedModel (>= 8.0) - restriction: || (&& (== net40) (>= net462)) (&& (== net40) (>= netstandard2.0)) (== net8.0)
      System.Composition.Convention (>= 8.0) - restriction: || (&& (== net40) (>= net462)) (&& (== net40) (>= netstandard2.0)) (== net8.0)
      System.Composition.Hosting (>= 8.0) - restriction: || (&& (== net40) (>= net462)) (&& (== net40) (>= netstandard2.0)) (== net8.0)
      System.Composition.Runtime (>= 8.0) - restriction: || (&& (== net40) (>= net462)) (&& (== net40) (>= netstandard2.0)) (== net8.0)
      System.Composition.TypedParts (>= 8.0) - restriction: || (&& (== net40) (>= net462)) (&& (== net40) (>= netstandard2.0)) (== net8.0)
    System.Composition.AttributedModel (8.0) - restriction: || (&& (== net40) (>= net6.0)) (== net8.0)
    System.Composition.Convention (8.0) - restriction: || (&& (== net40) (>= net6.0)) (== net8.0)
      System.Composition.AttributedModel (>= 8.0) - restriction: || (&& (== net40) (>= net462)) (&& (== net40) (>= netstandard2.0)) (== net8.0)
    System.Composition.Hosting (8.0) - restriction: || (&& (== net40) (>= net6.0)) (== net8.0)
      System.Composition.Runtime (>= 8.0) - restriction: || (&& (== net40) (>= net462)) (&& (== net40) (>= netstandard2.0)) (== net8.0)
    System.Composition.Runtime (8.0) - restriction: || (&& (== net40) (>= net6.0)) (== net8.0)
    System.Composition.TypedParts (8.0) - restriction: || (&& (== net40) (>= net6.0)) (== net8.0)
      System.Composition.AttributedModel (>= 8.0) - restriction: || (&& (== net40) (>= net462)) (&& (== net40) (>= netstandard2.0)) (== net8.0)
      System.Composition.Hosting (>= 8.0) - restriction: || (&& (== net40) (>= net462)) (&& (== net40) (>= netstandard2.0)) (== net8.0)
      System.Composition.Runtime (>= 8.0) - restriction: || (&& (== net40) (>= net462)) (&& (== net40) (>= netstandard2.0)) (== net8.0)
    System.Configuration.ConfigurationManager (8.0) - restriction: || (&& (== net40) (>= net8.0)) (== net8.0)
      System.Diagnostics.EventLog (>= 8.0) - restriction: || (&& (== net40) (>= net7.0)) (== net8.0)
      System.Security.Cryptography.ProtectedData (>= 8.0) - restriction: || (&& (== net40) (>= net6.0)) (&& (== net40) (>= netstandard2.0)) (== net8.0)
    System.Data.Common (4.3) - restriction: || (&& (== net40) (>= net7.0)) (== net8.0)
      System.Collections (>= 4.3) - restriction: || (&& (== net40) (>= netstandard1.2)) (== net8.0)
      System.Globalization (>= 4.3) - restriction: || (&& (== net40) (>= netstandard1.2)) (== net8.0)
      System.IO (>= 4.3) - restriction: || (&& (== net40) (>= netstandard1.2)) (== net8.0)
      System.Resources.ResourceManager (>= 4.3) - restriction: || (&& (== net40) (>= netstandard1.2)) (== net8.0)
      System.Runtime (>= 4.3) - restriction: || (&& (== net40) (>= netstandard1.2)) (== net8.0)
      System.Runtime.Extensions (>= 4.3) - restriction: || (&& (== net40) (>= netstandard1.2)) (== net8.0)
      System.Text.RegularExpressions (>= 4.3) - restriction: || (&& (== net40) (>= netstandard1.2)) (== net8.0)
      System.Threading.Tasks (>= 4.3) - restriction: || (&& (== net40) (>= netstandard1.2)) (== net8.0)
    System.Diagnostics.Debug (4.3) - restriction: || (&& (== net40) (>= net8.0)) (== net8.0)
      Microsoft.NETCore.Platforms (>= 1.1) - restriction: || (&& (== net40) (>= netstandard1.0)) (&& (== net40) (>= netstandard1.3)) (== net8.0)
      Microsoft.NETCore.Targets (>= 1.1) - restriction: || (&& (== net40) (>= netstandard1.0)) (&& (== net40) (>= netstandard1.3)) (== net8.0)
      System.Runtime (>= 4.3) - restriction: || (&& (== net40) (>= netstandard1.0)) (&& (== net40) (>= netstandard1.3)) (== net8.0)
    System.Diagnostics.DiagnosticSource (8.0.1) - restriction: || (&& (== net40) (>= net8.0)) (== net8.0)
    System.Diagnostics.EventLog (8.0) - restriction: || (&& (== net40) (>= net8.0)) (== net8.0)
    System.Diagnostics.Tracing (4.3) - restriction: || (&& (== net40) (>= net7.0)) (== net8.0)
      Microsoft.NETCore.Platforms (>= 1.1) - restriction: || (&& (== net40) (>= netstandard1.1)) (&& (== net40) (>= netstandard1.2)) (&& (== net40) (>= netstandard1.3)) (&& (== net40) (>= netstandard1.5)) (== net8.0)
      Microsoft.NETCore.Targets (>= 1.1) - restriction: || (&& (== net40) (>= netstandard1.1)) (&& (== net40) (>= netstandard1.2)) (&& (== net40) (>= netstandard1.3)) (&& (== net40) (>= netstandard1.5)) (== net8.0)
      System.Runtime (>= 4.3) - restriction: || (&& (== net40) (>= netstandard1.1)) (&& (== net40) (>= netstandard1.2)) (&& (== net40) (>= netstandard1.3)) (&& (== net40) (>= netstandard1.5)) (== net8.0)
    System.Drawing.Common (8.0.5) - restriction: || (&& (== net40) (>= net8.0)) (== net8.0)
      Microsoft.Win32.SystemEvents (>= 8.0) - restriction: || (&& (== net40) (>= net6.0)) (== net8.0)
    System.Globalization (4.3) - restriction: || (&& (== net40) (>= net7.0)) (== net8.0)
      Microsoft.NETCore.Platforms (>= 1.1) - restriction: || (&& (== net40) (>= netstandard1.0)) (&& (== net40) (>= netstandard1.3)) (== net8.0)
      Microsoft.NETCore.Targets (>= 1.1) - restriction: || (&& (== net40) (>= netstandard1.0)) (&& (== net40) (>= netstandard1.3)) (== net8.0)
      System.Runtime (>= 4.3) - restriction: || (&& (== net40) (>= netstandard1.0)) (&& (== net40) (>= netstandard1.3)) (== net8.0)
    System.IdentityModel.Tokens.Jwt (7.5.2) - restriction: || (&& (== net40) (>= net8.0)) (== net8.0)
      Microsoft.IdentityModel.JsonWebTokens (>= 7.5.2) - restriction: || (&& (== net40) (>= net461)) (&& (== net40) (>= net462)) (&& (== net40) (>= net6.0)) (&& (== net40) (>= netstandard2.0)) (== net8.0)
      Microsoft.IdentityModel.Tokens (>= 7.5.2) - restriction: || (&& (== net40) (>= net461)) (&& (== net40) (>= net462)) (&& (== net40) (>= net6.0)) (&& (== net40) (>= netstandard2.0)) (== net8.0)
    System.IO (4.3) - restriction: || (&& (== net40) (>= net8.0)) (== net8.0)
      Microsoft.NETCore.Platforms (>= 1.1) - restriction: || (&& (== net40) (>= netstandard1.0)) (&& (== net40) (>= netstandard1.3)) (&& (== net40) (>= netstandard1.5)) (== net8.0)
      Microsoft.NETCore.Targets (>= 1.1) - restriction: || (&& (== net40) (>= netstandard1.0)) (&& (== net40) (>= netstandard1.3)) (&& (== net40) (>= netstandard1.5)) (== net8.0)
      System.Runtime (>= 4.3) - restriction: || (&& (== net40) (>= netstandard1.0)) (&& (== net40) (>= netstandard1.3)) (&& (== net40) (>= netstandard1.5)) (== net8.0)
      System.Text.Encoding (>= 4.3) - restriction: || (&& (== net40) (>= netstandard1.0)) (&& (== net40) (>= netstandard1.3)) (&& (== net40) (>= netstandard1.5)) (== net8.0)
      System.Threading.Tasks (>= 4.3) - restriction: || (&& (== net40) (>= netstandard1.0)) (&& (== net40) (>= netstandard1.3)) (&& (== net40) (>= netstandard1.5)) (== net8.0)
    System.IO.FileSystem (4.3) - restriction: || (&& (== net40) (>= net8.0)) (== net8.0)
      Microsoft.NETCore.Platforms (>= 1.1) - restriction: || (&& (== net40) (>= netstandard1.3)) (== net8.0)
      Microsoft.NETCore.Targets (>= 1.1) - restriction: || (&& (== net40) (>= netstandard1.3)) (== net8.0)
      System.IO (>= 4.3) - restriction: || (&& (== net40) (>= netstandard1.3)) (== net8.0)
      System.IO.FileSystem.Primitives (>= 4.3) - restriction: || (&& (== net40) (>= net46)) (&& (== net40) (>= netstandard1.3)) (== net8.0)
      System.Runtime (>= 4.3) - restriction: || (&& (== net40) (>= netstandard1.3)) (== net8.0)
      System.Runtime.Handles (>= 4.3) - restriction: || (&& (== net40) (>= netstandard1.3)) (== net8.0)
      System.Text.Encoding (>= 4.3) - restriction: || (&& (== net40) (>= netstandard1.3)) (== net8.0)
      System.Threading.Tasks (>= 4.3) - restriction: || (&& (== net40) (>= netstandard1.3)) (== net8.0)
    System.IO.FileSystem.Primitives (4.3) - restriction: || (&& (== net40) (>= net8.0)) (== net8.0)
      System.Runtime (>= 4.3) - restriction: || (&& (== net40) (>= netstandard1.3)) (== net8.0)
    System.IO.Pipelines (8.0) - restriction: || (&& (== net40) (>= net8.0)) (== net8.0)
    System.Linq (4.3) - restriction: || (&& (== net40) (>= net8.0)) (== net8.0)
      System.Collections (>= 4.3) - restriction: || (&& (== net40) (>= netstandard1.0)) (&& (== net40) (>= netstandard1.6)) (== net8.0)
      System.Diagnostics.Debug (>= 4.3) - restriction: || (&& (== net40) (>= netstandard1.6)) (== net8.0)
      System.Resources.ResourceManager (>= 4.3) - restriction: || (&& (== net40) (>= netstandard1.6)) (== net8.0)
      System.Runtime (>= 4.3) - restriction: || (&& (== net40) (>= netstandard1.0)) (&& (== net40) (>= netstandard1.6)) (== net8.0)
      System.Runtime.Extensions (>= 4.3) - restriction: || (&& (== net40) (>= netstandard1.6)) (== net8.0)
    System.Memory (4.5.5) - restriction: || (&& (== net40) (>= net8.0)) (== net8.0)
    System.Memory.Data (8.0) - restriction: || (&& (== net40) (>= net8.0)) (== net8.0)
      System.Text.Json (>= 8.0) - restriction: || (&& (== net40) (>= net462)) (&& (== net40) (>= netstandard2.0)) (== net8.0)
    System.Net.NameResolution (4.3) - restriction: || (&& (== net40) (>= net7.0)) (== net8.0)
      Microsoft.NETCore.Platforms (>= 1.1) - restriction: || (&& (== net40) (>= netstandard1.3)) (== net8.0)
      runtime.native.System (>= 4.3) - restriction: || (&& (== net40) (>= netstandard1.3)) (== net8.0)
      System.Collections (>= 4.3) - restriction: || (&& (== net40) (>= netstandard1.3)) (== net8.0)
      System.Diagnostics.Tracing (>= 4.3) - restriction: || (&& (== net40) (>= netstandard1.3)) (== net8.0)
      System.Globalization (>= 4.3) - restriction: || (&& (== net40) (>= netstandard1.3)) (== net8.0)
      System.Net.Primitives (>= 4.3) - restriction: || (&& (== net40) (>= netstandard1.3)) (== net8.0)
      System.Resources.ResourceManager (>= 4.3) - restriction: || (&& (== net40) (>= netstandard1.3)) (== net8.0)
      System.Runtime (>= 4.3) - restriction: || (&& (== net40) (>= netstandard1.3)) (== net8.0)
      System.Runtime.Extensions (>= 4.3) - restriction: || (&& (== net40) (>= netstandard1.3)) (== net8.0)
      System.Runtime.Handles (>= 4.3) - restriction: || (&& (== net40) (>= netstandard1.3)) (== net8.0)
      System.Runtime.InteropServices (>= 4.3) - restriction: || (&& (== net40) (>= netstandard1.3)) (== net8.0)
      System.Security.Principal.Windows (>= 4.3) - restriction: || (&& (== net40) (>= netstandard1.3)) (== net8.0)
      System.Threading (>= 4.3) - restriction: || (&& (== net40) (>= netstandard1.3)) (== net8.0)
      System.Threading.Tasks (>= 4.3) - restriction: || (&& (== net40) (>= netstandard1.3)) (== net8.0)
    System.Net.Primitives (4.3.1) - restriction: || (&& (== net40) (>= net7.0)) (== net8.0)
      Microsoft.NETCore.Platforms (>= 1.1.1) - restriction: || (&& (== net40) (>= netstandard1.0)) (&& (== net40) (>= netstandard1.1)) (&& (== net40) (>= netstandard1.3)) (== net8.0)
      Microsoft.NETCore.Targets (>= 1.1.3) - restriction: || (&& (== net40) (>= netstandard1.0)) (&& (== net40) (>= netstandard1.1)) (&& (== net40) (>= netstandard1.3)) (== net8.0)
      System.Runtime (>= 4.3.1) - restriction: || (&& (== net40) (>= netstandard1.0)) (&& (== net40) (>= netstandard1.1)) (&& (== net40) (>= netstandard1.3)) (== net8.0)
      System.Runtime.Handles (>= 4.3) - restriction: || (&& (== net40) (>= netstandard1.3)) (== net8.0)
    System.Numerics.Vectors (4.5) - restriction: || (&& (== net40) (>= net8.0)) (== net8.0)
    System.Reflection (4.3) - restriction: || (&& (== net40) (>= net7.0)) (== net8.0)
      Microsoft.NETCore.Platforms (>= 1.1) - restriction: || (&& (== net40) (>= netstandard1.0)) (&& (== net40) (>= netstandard1.3)) (&& (== net40) (>= netstandard1.5)) (== net8.0)
      Microsoft.NETCore.Targets (>= 1.1) - restriction: || (&& (== net40) (>= netstandard1.0)) (&& (== net40) (>= netstandard1.3)) (&& (== net40) (>= netstandard1.5)) (== net8.0)
      System.IO (>= 4.3) - restriction: || (&& (== net40) (>= netstandard1.0)) (&& (== net40) (>= netstandard1.3)) (&& (== net40) (>= netstandard1.5)) (== net8.0)
      System.Reflection.Primitives (>= 4.3) - restriction: || (&& (== net40) (>= netstandard1.0)) (&& (== net40) (>= netstandard1.3)) (&& (== net40) (>= netstandard1.5)) (== net8.0)
      System.Runtime (>= 4.3) - restriction: || (&& (== net40) (>= netstandard1.0)) (&& (== net40) (>= netstandard1.3)) (&& (== net40) (>= netstandard1.5)) (== net8.0)
    System.Reflection.Metadata (8.0) - restriction: || (&& (== net40) (>= net8.0)) (== net8.0)
      System.Collections.Immutable (>= 8.0) - restriction: || (&& (== net40) (>= net462)) (&& (== net40) (>= netstandard2.0)) (== net8.0)
    System.Reflection.Primitives (4.3) - restriction: || (&& (== net40) (>= net7.0)) (== net8.0)
      Microsoft.NETCore.Platforms (>= 1.1) - restriction: || (&& (== net40) (>= netstandard1.0)) (== net8.0)
      Microsoft.NETCore.Targets (>= 1.1) - restriction: || (&& (== net40) (>= netstandard1.0)) (== net8.0)
      System.Runtime (>= 4.3) - restriction: || (&& (== net40) (>= netstandard1.0)) (== net8.0)
    System.Resources.ResourceManager (4.3) - restriction: || (&& (== net40) (>= net7.0)) (== net8.0)
      Microsoft.NETCore.Platforms (>= 1.1) - restriction: || (&& (== net40) (>= netstandard1.0)) (== net8.0)
      Microsoft.NETCore.Targets (>= 1.1) - restriction: || (&& (== net40) (>= netstandard1.0)) (== net8.0)
      System.Globalization (>= 4.3) - restriction: || (&& (== net40) (>= netstandard1.0)) (== net8.0)
      System.Reflection (>= 4.3) - restriction: || (&& (== net40) (>= netstandard1.0)) (== net8.0)
      System.Runtime (>= 4.3) - restriction: || (&& (== net40) (>= netstandard1.0)) (== net8.0)
    System.Runtime (4.3.1) - restriction: || (&& (== net40) (>= net7.0)) (== net8.0)
      Microsoft.NETCore.Platforms (>= 1.1.1) - restriction: || (&& (== net40) (>= netstandard1.0)) (&& (== net40) (>= netstandard1.2)) (&& (== net40) (>= netstandard1.3)) (&& (== net40) (>= netstandard1.5)) (== net8.0)
      Microsoft.NETCore.Targets (>= 1.1.3) - restriction: || (&& (== net40) (>= netstandard1.0)) (&& (== net40) (>= netstandard1.2)) (&& (== net40) (>= netstandard1.3)) (&& (== net40) (>= netstandard1.5)) (== net8.0)
    System.Runtime.Caching (8.0) - restriction: || (&& (== net40) (>= net8.0)) (== net8.0)
      System.Configuration.ConfigurationManager (>= 8.0) - restriction: || (&& (== net40) (>= netstandard2.0)) (== net8.0)
    System.Runtime.CompilerServices.Unsafe (6.0) - restriction: || (&& (== net40) (>= net6.0)) (&& (== net40) (>= netstandard2.0)) (== net8.0)
    System.Runtime.Extensions (4.3.1) - restriction: || (&& (== net40) (>= net7.0)) (== net8.0)
      Microsoft.NETCore.Platforms (>= 1.1.1) - restriction: || (&& (== net40) (>= netstandard1.0)) (&& (== net40) (>= netstandard1.3)) (&& (== net40) (>= netstandard1.5)) (== net8.0)
      Microsoft.NETCore.Targets (>= 1.1.3) - restriction: || (&& (== net40) (>= netstandard1.0)) (&& (== net40) (>= netstandard1.3)) (&& (== net40) (>= netstandard1.5)) (== net8.0)
      System.Runtime (>= 4.3.1) - restriction: || (&& (== net40) (>= netstandard1.0)) (&& (== net40) (>= netstandard1.3)) (&& (== net40) (>= netstandard1.5)) (== net8.0)
    System.Runtime.Handles (4.3) - restriction: || (&& (== net40) (>= net7.0)) (== net8.0)
      Microsoft.NETCore.Platforms (>= 1.1) - restriction: || (&& (== net40) (>= netstandard1.3)) (== net8.0)
      Microsoft.NETCore.Targets (>= 1.1) - restriction: || (&& (== net40) (>= netstandard1.3)) (== net8.0)
      System.Runtime (>= 4.3) - restriction: || (&& (== net40) (>= netstandard1.3)) (== net8.0)
    System.Runtime.InteropServices (4.3) - restriction: || (&& (== net40) (>= net7.0)) (== net8.0)
      Microsoft.NETCore.Platforms (>= 1.1) - restriction: || (&& (== net40) (>= netcoreapp1.1)) (&& (== net40) (>= netstandard1.1)) (&& (== net40) (>= netstandard1.2)) (&& (== net40) (>= netstandard1.3)) (&& (== net40) (>= netstandard1.5)) (== net8.0)
      Microsoft.NETCore.Targets (>= 1.1) - restriction: || (&& (== net40) (>= netcoreapp1.1)) (&& (== net40) (>= netstandard1.1)) (&& (== net40) (>= netstandard1.2)) (&& (== net40) (>= netstandard1.3)) (&& (== net40) (>= netstandard1.5)) (== net8.0)
      System.Reflection (>= 4.3) - restriction: || (&& (== net40) (>= netcoreapp1.1)) (&& (== net40) (>= netstandard1.1)) (&& (== net40) (>= netstandard1.2)) (&& (== net40) (>= netstandard1.3)) (&& (== net40) (>= netstandard1.5)) (== net8.0)
      System.Reflection.Primitives (>= 4.3) - restriction: || (&& (== net40) (>= netcoreapp1.1)) (&& (== net40) (>= netstandard1.1)) (&& (== net40) (>= netstandard1.2)) (&& (== net40) (>= netstandard1.3)) (&& (== net40) (>= netstandard1.5)) (== net8.0)
      System.Runtime (>= 4.3) - restriction: || (&& (== net40) (>= net462)) (&& (== net40) (>= netcoreapp1.1)) (&& (== net40) (>= netstandard1.1)) (&& (== net40) (>= netstandard1.2)) (&& (== net40) (>= netstandard1.3)) (&& (== net40) (>= netstandard1.5)) (== net8.0)
      System.Runtime.Handles (>= 4.3) - restriction: || (&& (== net40) (>= netcoreapp1.1)) (&& (== net40) (>= netstandard1.3)) (&& (== net40) (>= netstandard1.5)) (== net8.0)
    System.Runtime.Loader (4.3) - restriction: || (&& (== net40) (>= net7.0)) (== net8.0)
      System.IO (>= 4.3) - restriction: || (&& (== net40) (>= netstandard1.5)) (== net8.0)
      System.Reflection (>= 4.3) - restriction: || (&& (== net40) (>= netstandard1.5)) (== net8.0)
      System.Runtime (>= 4.3) - restriction: || (&& (== net40) (>= netstandard1.5)) (== net8.0)
    System.Security.Cryptography.ProtectedData (8.0) - restriction: || (&& (== net40) (>= net8.0)) (== net8.0)
    System.Security.Principal.Windows (5.0) - restriction: || (&& (== net40) (>= net7.0)) (== net8.0)
    System.Text.Encoding (4.3) - restriction: || (&& (== net40) (>= net8.0)) (== net8.0)
      Microsoft.NETCore.Platforms (>= 1.1) - restriction: || (&& (== net40) (>= netstandard1.0)) (&& (== net40) (>= netstandard1.3)) (== net8.0)
      Microsoft.NETCore.Targets (>= 1.1) - restriction: || (&& (== net40) (>= netstandard1.0)) (&& (== net40) (>= netstandard1.3)) (== net8.0)
      System.Runtime (>= 4.3) - restriction: || (&& (== net40) (>= netstandard1.0)) (&& (== net40) (>= netstandard1.3)) (== net8.0)
    System.Text.Encoding.CodePages (8.0) - restriction: || (&& (== net40) (>= net8.0)) (== net8.0)
    System.Text.Encoding.Extensions (4.3) - restriction: || (&& (== net40) (>= net8.0)) (== net8.0)
      Microsoft.NETCore.Platforms (>= 1.1) - restriction: || (&& (== net40) (>= netstandard1.0)) (&& (== net40) (>= netstandard1.3)) (== net8.0)
      Microsoft.NETCore.Targets (>= 1.1) - restriction: || (&& (== net40) (>= netstandard1.0)) (&& (== net40) (>= netstandard1.3)) (== net8.0)
      System.Runtime (>= 4.3) - restriction: || (&& (== net40) (>= netstandard1.0)) (&& (== net40) (>= netstandard1.3)) (== net8.0)
      System.Text.Encoding (>= 4.3) - restriction: || (&& (== net40) (>= netstandard1.0)) (&& (== net40) (>= netstandard1.3)) (== net8.0)
    System.Text.Encodings.Web (8.0) - restriction: || (&& (== net40) (>= net6.0)) (== net8.0)
    System.Text.Json (8.0.3) - restriction: || (&& (== net40) (>= net6.0)) (== net8.0)
      System.Text.Encodings.Web (>= 8.0) - restriction: || (&& (== net40) (>= net462)) (&& (== net40) (>= netstandard2.0)) (== net8.0)
    System.Text.RegularExpressions (4.3.1) - restriction: || (&& (== net40) (>= net8.0)) (== net8.0)
      System.Runtime (>= 4.3.1) - restriction: || (&& (== net40) (>= netcoreapp1.1)) (&& (== net40) (>= netstandard1.0)) (&& (== net40) (>= netstandard1.3)) (&& (== net40) (>= netstandard1.6)) (== net8.0)
    System.Threading (4.3) - restriction: || (&& (== net40) (>= net7.0)) (== net8.0)
      System.Runtime (>= 4.3) - restriction: || (&& (== net40) (>= netstandard1.0)) (&& (== net40) (>= netstandard1.3)) (== net8.0)
      System.Threading.Tasks (>= 4.3) - restriction: || (&& (== net40) (>= netstandard1.0)) (&& (== net40) (>= netstandard1.3)) (== net8.0)
    System.Threading.Channels (8.0) - restriction: || (&& (== net40) (>= net6.0)) (== net8.0)
    System.Threading.Tasks (4.3) - restriction: || (&& (== net40) (>= net7.0)) (== net8.0)
      Microsoft.NETCore.Platforms (>= 1.1) - restriction: || (&& (== net40) (>= netstandard1.0)) (&& (== net40) (>= netstandard1.3)) (== net8.0)
      Microsoft.NETCore.Targets (>= 1.1) - restriction: || (&& (== net40) (>= netstandard1.0)) (&& (== net40) (>= netstandard1.3)) (== net8.0)
      System.Runtime (>= 4.3) - restriction: || (&& (== net40) (>= netstandard1.0)) (&& (== net40) (>= netstandard1.3)) (== net8.0)
    System.Threading.Tasks.Dataflow (8.0) - restriction: || (&& (== net40) (>= net6.0)) (== net8.0)
    System.Threading.Tasks.Extensions (4.5.4) - restriction: || (&& (== net40) (>= net8.0)) (== net8.0)
    System.Xml.ReaderWriter (4.3.1) - restriction: || (&& (== net40) (>= net8.0)) (== net8.0)
      System.Collections (>= 4.3) - restriction: || (&& (== net40) (>= netstandard1.3)) (== net8.0)
      System.Diagnostics.Debug (>= 4.3) - restriction: || (&& (== net40) (>= netstandard1.3)) (== net8.0)
      System.Globalization (>= 4.3) - restriction: || (&& (== net40) (>= netstandard1.3)) (== net8.0)
      System.IO (>= 4.3) - restriction: || (&& (== net40) (>= netstandard1.0)) (&& (== net40) (>= netstandard1.3)) (== net8.0)
      System.IO.FileSystem (>= 4.3) - restriction: || (&& (== net40) (>= netstandard1.3)) (== net8.0)
      System.IO.FileSystem.Primitives (>= 4.3) - restriction: || (&& (== net40) (>= netstandard1.3)) (== net8.0)
      System.Resources.ResourceManager (>= 4.3) - restriction: || (&& (== net40) (>= netstandard1.3)) (== net8.0)
      System.Runtime (>= 4.3) - restriction: || (&& (== net40) (>= netstandard1.0)) (&& (== net40) (>= netstandard1.3)) (== net8.0)
      System.Runtime.Extensions (>= 4.3) - restriction: || (&& (== net40) (>= netstandard1.3)) (== net8.0)
      System.Runtime.InteropServices (>= 4.3) - restriction: || (&& (== net40) (>= netstandard1.3)) (== net8.0)
      System.Text.Encoding (>= 4.3) - restriction: || (&& (== net40) (>= netstandard1.0)) (&& (== net40) (>= netstandard1.3)) (== net8.0)
      System.Text.Encoding.Extensions (>= 4.3) - restriction: || (&& (== net40) (>= netstandard1.3)) (== net8.0)
      System.Text.RegularExpressions (>= 4.3) - restriction: || (&& (== net40) (>= netstandard1.3)) (== net8.0)
      System.Threading.Tasks (>= 4.3) - restriction: || (&& (== net40) (>= netstandard1.0)) (&& (== net40) (>= netstandard1.3)) (== net8.0)
      System.Threading.Tasks.Extensions (>= 4.3) - restriction: || (&& (== net40) (>= netstandard1.3)) (== net8.0)
    TimeZoneConverter (6.1) - restriction: || (&& (== net40) (>= net8.0)) (== net8.0)
    Weasel.CommandLine (7.4.1) - restriction: || (&& (== net40) (>= net6.0)) (== net8.0)
      Oakton (>= 6.1) - restriction: || (&& (== net40) (>= net6.0)) (== net8.0)
      Weasel.Core (>= 7.4.1) - restriction: || (&& (== net40) (>= net6.0)) (== net8.0)
    Weasel.Core (7.4.1) - restriction: || (&& (== net40) (>= net6.0)) (== net8.0)
      JasperFx.Core (>= 1.5.1) - restriction: || (&& (== net40) (>= net6.0)) (== net8.0)
    Weasel.Postgresql (7.4.1) - restriction: || (&& (== net40) (>= net6.0)) (== net8.0)
      Npgsql (>= 8.0.3) - restriction: || (&& (== net40) (>= net6.0)) (== net8.0)
      Weasel.Core (>= 7.4.1) - restriction: || (&& (== net40) (>= net6.0)) (== net8.0)
    WolverineFx (2.8.3)
      FastExpressionCompiler (>= 4.1) - restriction: || (&& (== net40) (>= net7.0)) (== net8.0)
      JasperFx.CodeGeneration.Commands (>= 3.5.2) - restriction: || (&& (== net40) (>= net7.0)) (== net8.0)
      JasperFx.Core (>= 1.5.1) - restriction: || (&& (== net40) (>= net7.0)) (== net8.0)
      JasperFx.RuntimeCompiler (>= 3.5.2) - restriction: || (&& (== net40) (>= net7.0)) (== net8.0)
      Lamar.Microsoft.DependencyInjection (>= 13.0.4) - restriction: || (&& (== net40) (>= net7.0)) (== net8.0)
      Microsoft.Extensions.Caching.Memory (>= 8.0 < 9.0) - restriction: || (&& (== net40) (>= net8.0)) (== net8.0)
      Microsoft.Extensions.Configuration (>= 8.0 < 9.0) - restriction: || (&& (== net40) (>= net8.0)) (== net8.0)
      Microsoft.Extensions.Configuration.Abstractions (>= 8.0 < 9.0) - restriction: || (&& (== net40) (>= net8.0)) (== net8.0)
      Microsoft.Extensions.Configuration.Binder (>= 8.0 < 9.0) - restriction: || (&& (== net40) (>= net8.0)) (== net8.0)
      Microsoft.Extensions.Configuration.Json (>= 8.0 < 9.0) - restriction: || (&& (== net40) (>= net8.0)) (== net8.0)
      Microsoft.Extensions.Hosting (>= 8.0 < 9.0) - restriction: || (&& (== net40) (>= net8.0)) (== net8.0)
      Microsoft.Extensions.ObjectPool (>= 8.0 < 9.0) - restriction: || (&& (== net40) (>= net8.0)) (== net8.0)
      Newtonsoft.Json (>= 13.0.3) - restriction: || (&& (== net40) (>= net7.0)) (== net8.0)
      Oakton (>= 6.1) - restriction: || (&& (== net40) (>= net7.0)) (== net8.0)
      System.ComponentModel (>= 4.3) - restriction: || (&& (== net40) (>= net7.0)) (== net8.0)
      System.Diagnostics.DiagnosticSource (>= 8.0 < 9.0) - restriction: || (&& (== net40) (>= net8.0)) (== net8.0)
      System.Net.NameResolution (>= 4.3) - restriction: || (&& (== net40) (>= net7.0)) (== net8.0)
      System.Threading.Tasks.Dataflow (>= 7.0) - restriction: || (&& (== net40) (>= net7.0)) (== net8.0)
    WolverineFx.AmazonSqs (2.8.3)
      AWSSDK.SQS (>= 3.7.100.16) - restriction: || (&& (== net40) (>= net7.0)) (== net8.0)
      WolverineFx (>= 2.8.3) - restriction: || (&& (== net40) (>= net7.0)) (== net8.0)
    WolverineFx.Marten (2.8.3)
      Marten.CommandLine (>= 7.12) - restriction: || (&& (== net40) (>= net7.0)) (== net8.0)
      WolverineFx.Postgresql (>= 2.8.3) - restriction: || (&& (== net40) (>= net7.0)) (== net8.0)
    WolverineFx.Postgresql (2.8.3) - restriction: || (&& (== net40) (>= net7.0)) (== net8.0)
      Npgsql (>= 8.0.2) - restriction: || (&& (== net40) (>= net7.0)) (== net8.0)
      Weasel.Postgresql (>= 7.4) - restriction: || (&& (== net40) (>= net7.0)) (== net8.0)
      WolverineFx.RDBMS (>= 2.8.3) - restriction: || (&& (== net40) (>= net7.0)) (== net8.0)
    WolverineFx.RDBMS (2.8.3) - restriction: || (&& (== net40) (>= net7.0)) (== net8.0)
      System.Data.Common (>= 4.3) - restriction: || (&& (== net40) (>= net7.0)) (== net8.0)
      Weasel.CommandLine (>= 7.4) - restriction: || (&& (== net40) (>= net7.0)) (== net8.0)
      Weasel.Core (>= 7.4) - restriction: || (&& (== net40) (>= net7.0)) (== net8.0)
      WolverineFx (>= 2.8.3) - restriction: || (&& (== net40) (>= net7.0)) (== net8.0)
    xunit (2.8)
      xunit.analyzers (>= 1.13)
      xunit.assert (>= 2.8)
      xunit.core (2.8)
    xunit.abstractions (2.0.3) - restriction: || (&& (== net40) (>= netstandard1.5)) (&& (== net40) (>= netstandard2.0)) (== net8.0)
    xunit.analyzers (1.13)
    xunit.assert (2.8)
    xunit.categories (2.0.8)
      xunit.core (>= 2.4.1) - restriction: || (&& (== net40) (>= netstandard1.1)) (== net8.0)
    xunit.core (2.8)
      xunit.extensibility.core (2.8)
      xunit.extensibility.execution (2.8)
    xunit.extensibility.core (2.8)
      xunit.abstractions (>= 2.0.3) - restriction: || (&& (== net40) (>= netstandard1.1)) (== net8.0)
    xunit.extensibility.execution (2.8)
      xunit.extensibility.core (2.8) - restriction: || (&& (== net40) (>= netstandard1.1)) (== net8.0)
    xunit.runner.visualstudio (2.8)
