RESTRICTION: == net8.0
NUGET
  remote: https://api.nuget.org/v3/index.json
    Alba (8.0)
      IdentityModel (>= 6.2)
      Microsoft.AspNetCore.Authentication.JwtBearer (>= 8.0.7)
      Microsoft.AspNetCore.Mvc.Testing (>= 8.0.7)
    Amazon.Lambda.Core (2.5)
    Amazon.Lambda.RuntimeSupport (1.12.2)
      Amazon.Lambda.Core (>= 2.5)
      SnapshotRestore.Registry (>= 1.0.1)
    Amazon.Lambda.Serialization.SystemTextJson (2.4.4)
      Amazon.Lambda.Core (>= 2.3)
    Amazon.Lambda.SQSEvents (2.2)
    Asp.Versioning.Abstractions (8.1)
      Microsoft.Extensions.Primitives (>= 8.0)
    Asp.Versioning.Http (8.1)
      Asp.Versioning.Abstractions (>= 8.1)
    Asp.Versioning.Mvc (8.1)
      Asp.Versioning.Http (>= 8.1)
    Asp.Versioning.Mvc.ApiExplorer (8.0)
      Asp.Versioning.Mvc (>= 8.0)
    AutoBogus (2.13.1)
      Bogus (>= 31.0.3)
      System.Data.DataSetExtensions (>= 4.5)
    Autofac (8.0)
      System.Diagnostics.DiagnosticSource (>= 7.0.2)
    Autofac.Extensions.DependencyInjection (9.0)
      Autofac (>= 8.0)
      Microsoft.Extensions.DependencyInjection.Abstractions (>= 8.0)
    AutoFixture (4.18.1)
      Fare (>= 2.1.1 < 3.0)
      System.ComponentModel.Annotations (>= 4.3)
    AWSSDK.Core (3.7.400.11)
    AWSSDK.DynamoDBv2 (3.7.303.10)
      AWSSDK.Core (>= 3.7.304.4 < 4.0)
    AWSSDK.S3 (3.7.402.2)
      AWSSDK.Core (>= 3.7.400.11 < 4.0)
    AWSSDK.SimpleSystemsManagement (3.7.401.9)
      AWSSDK.Core (>= 3.7.400.11 < 4.0)
    AWSSDK.SQS (3.7.301.7)
      AWSSDK.Core (>= 3.7.304.4 < 4.0)
    Azure.Core (1.39)
      Microsoft.Bcl.AsyncInterfaces (>= 1.1.1)
      System.ClientModel (>= 1.0)
      System.Diagnostics.DiagnosticSource (>= 6.0.1)
      System.Memory.Data (>= 1.0.2)
      System.Numerics.Vectors (>= 4.5)
      System.Text.Encodings.Web (>= 4.7.2)
      System.Text.Json (>= 4.7.2)
      System.Threading.Tasks.Extensions (>= 4.5.4)
    Azure.Identity (1.11.3)
      Azure.Core (>= 1.38)
      Microsoft.Identity.Client (>= 4.60.3)
      Microsoft.Identity.Client.Extensions.Msal (>= 4.60.3)
      System.Memory (>= 4.5.4)
      System.Security.Cryptography.ProtectedData (>= 4.7)
      System.Text.Json (>= 4.7.2)
      System.Threading.Tasks.Extensions (>= 4.5.4)
    Be.Vlaanderen.Basisregisters.AggregateSource (9.0.1)
      Be.Vlaanderen.Basisregisters.Utilities.HashCodeCalculator (>= 4.0)
      Be.Vlaanderen.Basisregisters.Utilities.HexByteConvertor (>= 4.0)
      Be.Vlaanderen.Basisregisters.Utilities.ToStringBuilder (>= 4.0)
      Newtonsoft.Json (>= 13.0.3)
      NodaTime (>= 3.1.11)
    Be.Vlaanderen.Basisregisters.AggregateSource.SqlStreamStore (9.0.1)
      Be.Vlaanderen.Basisregisters.AggregateSource (9.0.1)
      Be.Vlaanderen.Basisregisters.EventHandling (>= 5.0)
      SqlStreamStore (>= 1.2)
    Be.Vlaanderen.Basisregisters.Api (23.1)
      Asp.Versioning.Mvc.ApiExplorer (>= 8.0)
      Autofac (>= 8.0)
      Autofac.Extensions.DependencyInjection (>= 9.0)
      Be.Vlaanderen.Basisregisters.AggregateSource (>= 9.0.1)
      Be.Vlaanderen.Basisregisters.AggregateSource.SqlStreamStore (>= 9.0.1)
      Be.Vlaanderen.Basisregisters.AspNetCore.Mvc.Formatters.Json (>= 5.0)
      Be.Vlaanderen.Basisregisters.AspNetCore.Mvc.Logging (>= 4.0.1)
      Be.Vlaanderen.Basisregisters.AspNetCore.Mvc.Middleware.AddCorrelationId (>= 4.0)
      Be.Vlaanderen.Basisregisters.AspNetCore.Mvc.Middleware.AddCorrelationIdToLogContext (>= 4.0)
      Be.Vlaanderen.Basisregisters.AspNetCore.Mvc.Middleware.AddCorrelationIdToResponse (>= 4.0)
      Be.Vlaanderen.Basisregisters.AspNetCore.Mvc.Middleware.AddHttpSecurityHeaders (>= 4.0)
      Be.Vlaanderen.Basisregisters.AspNetCore.Mvc.Middleware.AddRemoteIpAddress (>= 4.0)
      Be.Vlaanderen.Basisregisters.AspNetCore.Mvc.Middleware.AddVersionHeader (>= 4.0)
      Be.Vlaanderen.Basisregisters.AspNetCore.Mvc.Middleware.DefaultResponseCompressionQuality (>= 4.0)
      Be.Vlaanderen.Basisregisters.AspNetCore.Mvc.Middleware.EnableRequestRewind (>= 4.0)
      Be.Vlaanderen.Basisregisters.AspNetCore.Mvc.ModelBinding.GuidHeader (>= 4.0)
      Be.Vlaanderen.Basisregisters.AspNetCore.Swagger (>= 5.0)
      Be.Vlaanderen.Basisregisters.AspNetCore.Swagger.ReDoc (>= 5.0)
      Be.Vlaanderen.Basisregisters.Aws.DistributedMutex (>= 4.0.1)
      Be.Vlaanderen.Basisregisters.EventHandling.Autofac (>= 5.0)
      Be.Vlaanderen.Basisregisters.Generators.Guid.Deterministic (>= 4.0)
      Be.Vlaanderen.Basisregisters.Middleware.AddProblemJsonHeader (>= 3.0)
      Be.Vlaanderen.Basisregisters.ProblemDetails (>= 9.0)
      FluentValidation.AspNetCore (>= 11.3)
      Microsoft.AspNetCore.Diagnostics.EntityFrameworkCore (>= 8.0.2)
      Microsoft.AspNetCore.Mvc.NewtonsoftJson (>= 8.0.2)
      Microsoft.EntityFrameworkCore (>= 8.0.2)
      Microsoft.Extensions.Configuration (>= 8.0)
      Microsoft.Extensions.Configuration.CommandLine (>= 8.0)
      Microsoft.Extensions.Configuration.EnvironmentVariables (>= 8.0)
      Microsoft.Extensions.Configuration.FileExtensions (>= 8.0)
      Microsoft.Extensions.Configuration.Json (>= 8.0)
      Microsoft.Extensions.DependencyInjection (>= 8.0)
      Microsoft.Extensions.Diagnostics.HealthChecks.EntityFrameworkCore (>= 8.0.2)
      Microsoft.Extensions.Localization (>= 8.0.2)
      Microsoft.Extensions.Options.ConfigurationExtensions (>= 8.0)
      Microsoft.SyndicationFeed.ReaderWriter (>= 1.0.2)
      Microsoft.VisualStudio.Web.BrowserLink (>= 2.2)
      Newtonsoft.Json (>= 13.0.3)
      Polly (>= 8.3.1)
      Serilog (>= 3.1.1)
      Serilog.Enrichers.Environment (>= 2.3)
      Serilog.Enrichers.Thread (>= 3.1)
      Serilog.Extensions.Logging (>= 8.0)
      Serilog.Formatting.Compact (>= 2.0)
      Serilog.Settings.Configuration (>= 8.0)
      Serilog.Sinks.Console (>= 5.0.1)
      Serilog.Sinks.File (>= 5.0)
      SqlStreamStore (>= 1.2)
      SqlStreamStore.MsSql (>= 1.2)
      System.Text.Encoding.CodePages (>= 8.0)
    Be.Vlaanderen.Basisregisters.AspNetCore.Mvc.Formatters.Json (5.0)
      Be.Vlaanderen.Basisregisters.Converters.TrimString (>= 4.0)
      Be.Vlaanderen.Basisregisters.Utilities.Rfc3339DateTimeOffset (>= 4.0)
      Newtonsoft.Json (>= 13.0.3)
      NodaTime.Serialization.JsonNet (>= 3.1)
    Be.Vlaanderen.Basisregisters.AspNetCore.Mvc.Logging (4.0.1)
      Newtonsoft.Json (>= 13.0.3)
    Be.Vlaanderen.Basisregisters.AspNetCore.Mvc.Middleware.AddCorrelationId (4.0)
    Be.Vlaanderen.Basisregisters.AspNetCore.Mvc.Middleware.AddCorrelationIdToLogContext (4.0)
      Serilog (>= 3.1.1)
    Be.Vlaanderen.Basisregisters.AspNetCore.Mvc.Middleware.AddCorrelationIdToResponse (4.0)
    Be.Vlaanderen.Basisregisters.AspNetCore.Mvc.Middleware.AddHttpSecurityHeaders (4.0)
    Be.Vlaanderen.Basisregisters.AspNetCore.Mvc.Middleware.AddRemoteIpAddress (4.0)
    Be.Vlaanderen.Basisregisters.AspNetCore.Mvc.Middleware.AddVersionHeader (4.0)
    Be.Vlaanderen.Basisregisters.AspNetCore.Mvc.Middleware.DefaultResponseCompressionQuality (4.0)
    Be.Vlaanderen.Basisregisters.AspNetCore.Mvc.Middleware.EnableRequestRewind (4.0)
    Be.Vlaanderen.Basisregisters.AspNetCore.Mvc.ModelBinding.GuidHeader (4.0)
    Be.Vlaanderen.Basisregisters.AspNetCore.Swagger (5.0)
      Asp.Versioning.Mvc.ApiExplorer (>= 8.0)
      Microsoft.Extensions.FileProviders.Embedded (>= 8.0.2)
      Microsoft.Extensions.Localization.Abstractions (>= 8.0.2)
      Microsoft.OpenApi (>= 1.6.14)
      Newtonsoft.Json (>= 13.0.3)
      NJsonSchema (>= 11.0)
      NJsonSchema.CodeGeneration.CSharp (>= 11.0)
      NJsonSchema.CodeGeneration.TypeScript (>= 11.0)
      NSwag.CodeGeneration.CSharp (>= 14.0.3)
      NSwag.CodeGeneration.TypeScript (>= 14.0.3)
      Swashbuckle.AspNetCore (6.2.3)
      Swashbuckle.AspNetCore.Annotations (6.2.3)
      Swashbuckle.AspNetCore.Filters (8.0.1)
      Swashbuckle.AspNetCore.Newtonsoft (6.2.3)
      Swashbuckle.AspNetCore.Swagger (6.2.3)
      Swashbuckle.AspNetCore.SwaggerGen (6.2.3)
      Swashbuckle.AspNetCore.SwaggerUI (6.2.3)
    Be.Vlaanderen.Basisregisters.AspNetCore.Swagger.ReDoc (5.0)
      Asp.Versioning.Mvc.ApiExplorer (>= 8.0)
      Be.Vlaanderen.Basisregisters.AspNetCore.Swagger (5.0)
      Microsoft.Extensions.FileProviders.Embedded (>= 8.0.2)
      Microsoft.Extensions.Localization.Abstractions (>= 8.0.2)
      Newtonsoft.Json (>= 13.0.3)
      NSwag.CodeGeneration.CSharp (>= 14.0.3)
      NSwag.CodeGeneration.TypeScript (>= 14.0.3)
      Swashbuckle.AspNetCore (6.2.3)
    Be.Vlaanderen.Basisregisters.AssociationRegistry (8.199.1)
      Be.Vlaanderen.Basisregisters.AggregateSource (>= 9.0.1)
      Be.Vlaanderen.Basisregisters.Generators.Guid.Deterministic (>= 4.0)
      CompareNETObjects (>= 4.83)
      Marten (>= 7.23.1)
      NEST (>= 7.17.4)
      Polly (>= 8.4)
      Result.Net (>= 1.4)
      System.Security.Cryptography.Xml (>= 8.0.1)
      WolverineFx (>= 2.9)
      WolverineFx.AmazonSqs (>= 2.9)
      WolverineFx.Marten (>= 2.9)
    Be.Vlaanderen.Basisregisters.Aws.DistributedMutex (4.0.1)
      AWSSDK.DynamoDBv2 (>= 3.7.301.18)
      Microsoft.Extensions.Logging (>= 8.0)
    Be.Vlaanderen.Basisregisters.Build.Pipeline (7.2.6)
    Be.Vlaanderen.Basisregisters.Converters.TrimString (4.0)
      Newtonsoft.Json (>= 13.0.3)
    Be.Vlaanderen.Basisregisters.EventHandling (5.0)
      Be.Vlaanderen.Basisregisters.Converters.TrimString (>= 4.0)
      Newtonsoft.Json (>= 13.0.3)
      NodaTime.Serialization.JsonNet (>= 3.1)
    Be.Vlaanderen.Basisregisters.EventHandling.Autofac (5.0)
      Autofac.Extensions.DependencyInjection (>= 9.0)
      Be.Vlaanderen.Basisregisters.EventHandling (5.0)
    Be.Vlaanderen.Basisregisters.Generators.Guid.Deterministic (4.0)
    Be.Vlaanderen.Basisregisters.GrAr.Contracts (21.15)
    Be.Vlaanderen.Basisregisters.Middleware.AddProblemJsonHeader (3.0)
    Be.Vlaanderen.Basisregisters.ProblemDetails (9.0)
      System.Reflection.Metadata (>= 8.0)
    Be.Vlaanderen.Basisregisters.Utilities.HashCodeCalculator (4.0)
    Be.Vlaanderen.Basisregisters.Utilities.HexByteConvertor (4.0)
    Be.Vlaanderen.Basisregisters.Utilities.Rfc3339DateTimeOffset (4.0)
      Newtonsoft.Json (>= 13.0.3)
    Be.Vlaanderen.Basisregisters.Utilities.ToStringBuilder (4.0)
    Bogus (35.5.1)
    Castle.Core (5.1.1)
      System.Diagnostics.EventLog (>= 6.0)
    CompareNETObjects (4.83)
      System.Configuration.ConfigurationManager (>= 8.0)
      System.Drawing.Common (>= 8.0)
    Confluent.Kafka (2.4)
      librdkafka.redist (>= 2.4)
      System.Memory (>= 4.5)
    CSVHelper (33.0.1)
    Destructurama.JsonNet (3.0)
      Newtonsoft.Json (>= 13.0.3)
      Serilog (>= 3.1.1)
    Elasticsearch.Net (7.17.5)
      Microsoft.CSharp (>= 4.6)
      System.Buffers (>= 4.5.1)
      System.Diagnostics.DiagnosticSource (>= 5.0)
    Fare (2.2.1)
    FastExpressionCompiler (5.0.2)
    FluentAssertions (6.12)
      System.Configuration.ConfigurationManager (>= 4.4)
    FluentAssertions.Json (6.1)
      FluentAssertions (>= 6.0)
      Newtonsoft.Json (>= 10.0.3)
    FluentValidation (11.9.1)
    FluentValidation.AspNetCore (11.3)
      FluentValidation (>= 11.5.1)
      FluentValidation.DependencyInjectionExtensions (>= 11.5.1)
    FluentValidation.DependencyInjectionExtensions (11.9.1)
      FluentValidation (>= 11.9.1)
      Microsoft.Extensions.DependencyInjection.Abstractions (>= 2.1)
    Fluid.Core (2.10)
      Microsoft.Extensions.FileProviders.Abstractions (>= 8.0)
      Parlot (>= 0.0.25)
      TimeZoneConverter (>= 6.1)
    FSharp.Core (9.0.101)
    Google.Protobuf (3.26.1)
    Grpc.Core.Api (2.62)
    Grpc.Net.Client (2.62)
      Grpc.Net.Common (>= 2.62)
      Microsoft.Extensions.Logging.Abstractions (>= 6.0)
    Grpc.Net.Common (2.62)
      Grpc.Core.Api (>= 2.62)
    Humanizer.Core (2.14.1)
    IdentityModel (7.0)
    IdentityModel.AspNetCore.OAuth2Introspection (6.2)
      IdentityModel (>= 6.0)
    JasperFx.CodeGeneration (3.7.2)
      FastExpressionCompiler (>= 4.2.2)
      JasperFx.Core (>= 1.9)
    JasperFx.CodeGeneration.Commands (3.7.2)
      JasperFx.CodeGeneration (>= 3.7.2)
      JasperFx.RuntimeCompiler (>= 3.7.2)
      Oakton (>= 6.3)
    JasperFx.Core (1.12)
      Microsoft.Extensions.DependencyInjection.Abstractions (>= 8.0)
    JasperFx.RuntimeCompiler (3.7.2)
      JasperFx.CodeGeneration (>= 3.7.2)
      Microsoft.CodeAnalysis (>= 4.11)
      Microsoft.CodeAnalysis.CSharp (>= 4.11)
      Microsoft.CodeAnalysis.Scripting (>= 4.11)
      Microsoft.Extensions.Logging.Abstractions (>= 6.0 < 10.0)
    Lamar (13.0.4)
      JasperFx.CodeGeneration (>= 3.4)
      JasperFx.Core (>= 1.5.1)
      Microsoft.Bcl.AsyncInterfaces (>= 8.0)
      Microsoft.Extensions.DependencyInjection.Abstractions (>= 8.0)
      System.Runtime.Loader (>= 4.3)
    Lamar.Microsoft.DependencyInjection (13.0.4)
      Lamar (>= 13.0.4)
      Microsoft.Extensions.Hosting (>= 8.0)
      Microsoft.Extensions.Hosting.Abstractions (>= 8.0)
      Microsoft.Extensions.Logging (>= 8.0)
      Microsoft.Extensions.Options (>= 8.0)
    librdkafka.redist (2.4)
    Marten (7.37.1)
      FSharp.Core (>= 9.0.100)
      JasperFx.CodeGeneration (>= 3.7.2)
      JasperFx.Core (>= 1.12)
      JasperFx.RuntimeCompiler (>= 3.7.2)
      Microsoft.Extensions.DependencyInjection.Abstractions (>= 8.0)
      Microsoft.Extensions.Hosting.Abstractions (>= 8.0)
      Microsoft.Extensions.Logging.Abstractions (>= 8.0)
      Newtonsoft.Json (>= 13.0.3)
      Npgsql.Json.NET (>= 8.0)
      OpenTelemetry.Api (>= 1.8)
      Polly.Core (>= 8.5)
      System.Text.Json (>= 8.0.5)
      System.Threading.Tasks.Dataflow (>= 8.0)
      Weasel.Postgresql (>= 7.13.5)
    Marten.AspNetCore (7.37.1)
      Marten (>= 7.37.1)
      Microsoft.Extensions.Diagnostics.HealthChecks (>= 8.0)
    Marten.CommandLine (7.37.1)
      JasperFx.CodeGeneration.Commands (>= 3.7.1)
      Marten (>= 7.37.1)
      Oakton (>= 6.3)
      Weasel.CommandLine (>= 7.13.2)
    Microsoft.AspNetCore.App.Ref (8.0.6)
    Microsoft.AspNetCore.Authentication.JwtBearer (8.0.7)
      Microsoft.IdentityModel.Protocols.OpenIdConnect (>= 7.1.2)
    Microsoft.AspNetCore.Diagnostics.EntityFrameworkCore (8.0.5)
      Microsoft.EntityFrameworkCore.Relational (>= 8.0.5)
    Microsoft.AspNetCore.Hosting (2.2.7)
      Microsoft.AspNetCore.Hosting.Abstractions (>= 2.2)
      Microsoft.AspNetCore.Http (>= 2.2)
      Microsoft.AspNetCore.Http.Extensions (>= 2.2)
      Microsoft.Extensions.Configuration (>= 2.2)
      Microsoft.Extensions.Configuration.EnvironmentVariables (>= 2.2.4)
      Microsoft.Extensions.Configuration.FileExtensions (>= 2.2)
      Microsoft.Extensions.DependencyInjection (>= 2.2)
      Microsoft.Extensions.FileProviders.Physical (>= 2.2)
      Microsoft.Extensions.Hosting.Abstractions (>= 2.2)
      Microsoft.Extensions.Logging (>= 2.2)
      Microsoft.Extensions.Options (>= 2.2)
      System.Diagnostics.DiagnosticSource (>= 4.5.1)
      System.Reflection.Metadata (>= 1.6)
    Microsoft.AspNetCore.Hosting.Abstractions (2.2)
      Microsoft.AspNetCore.Hosting.Server.Abstractions (>= 2.2)
      Microsoft.AspNetCore.Http.Abstractions (>= 2.2)
      Microsoft.Extensions.Hosting.Abstractions (>= 2.2)
    Microsoft.AspNetCore.Hosting.Server.Abstractions (2.2)
      Microsoft.AspNetCore.Http.Features (>= 2.2)
      Microsoft.Extensions.Configuration.Abstractions (>= 2.2)
    Microsoft.AspNetCore.Http (2.2.2)
      Microsoft.AspNetCore.Http.Abstractions (>= 2.2)
      Microsoft.AspNetCore.WebUtilities (>= 2.2)
      Microsoft.Extensions.ObjectPool (>= 2.2)
      Microsoft.Extensions.Options (>= 2.2)
      Microsoft.Net.Http.Headers (>= 2.2)
    Microsoft.AspNetCore.Http.Abstractions (2.2)
      Microsoft.AspNetCore.Http.Features (>= 2.2)
      System.Text.Encodings.Web (>= 4.5)
    Microsoft.AspNetCore.Http.Extensions (2.2)
      Microsoft.AspNetCore.Http.Abstractions (>= 2.2)
      Microsoft.Extensions.FileProviders.Abstractions (>= 2.2)
      Microsoft.Net.Http.Headers (>= 2.2)
      System.Buffers (>= 4.5)
    Microsoft.AspNetCore.Http.Features (5.0.17)
      Microsoft.Extensions.Primitives (>= 5.0.1)
      System.IO.Pipelines (>= 5.0.2)
    Microsoft.AspNetCore.JsonPatch (8.0.5)
      Microsoft.CSharp (>= 4.7)
      Newtonsoft.Json (>= 13.0.3)
    Microsoft.AspNetCore.Mvc.NewtonsoftJson (8.0.5)
      Microsoft.AspNetCore.JsonPatch (>= 8.0.5)
      Newtonsoft.Json (>= 13.0.3)
      Newtonsoft.Json.Bson (>= 1.0.2)
    Microsoft.AspNetCore.Mvc.Testing (8.0.7)
      Microsoft.AspNetCore.TestHost (>= 8.0.7)
      Microsoft.Extensions.DependencyModel (>= 8.0.1)
      Microsoft.Extensions.Hosting (>= 8.0)
    Microsoft.AspNetCore.TestHost (8.0.7)
      System.IO.Pipelines (>= 8.0)
    Microsoft.AspNetCore.WebUtilities (8.0.5)
      Microsoft.Net.Http.Headers (>= 8.0.5)
      System.IO.Pipelines (>= 8.0)
    Microsoft.Bcl.AsyncInterfaces (8.0)
    Microsoft.CodeAnalysis (4.12)
      Humanizer.Core (>= 2.14.1)
      Microsoft.Bcl.AsyncInterfaces (>= 8.0)
      Microsoft.CodeAnalysis.Analyzers (>= 3.3.4)
      Microsoft.CodeAnalysis.CSharp.Workspaces (4.12)
      Microsoft.CodeAnalysis.VisualBasic.Workspaces (4.12)
      System.Buffers (>= 4.5.1)
      System.Collections.Immutable (>= 8.0)
      System.Composition (>= 8.0)
      System.IO.Pipelines (>= 8.0)
      System.Memory (>= 4.5.5)
      System.Numerics.Vectors (>= 4.5)
      System.Reflection.Metadata (>= 8.0)
      System.Runtime.CompilerServices.Unsafe (>= 6.0)
      System.Text.Encoding.CodePages (>= 7.0)
      System.Threading.Channels (>= 7.0)
      System.Threading.Tasks.Extensions (>= 4.5.4)
    Microsoft.CodeAnalysis.Analyzers (3.3.4)
    Microsoft.CodeAnalysis.Common (4.12)
      Microsoft.CodeAnalysis.Analyzers (>= 3.3.4)
      System.Collections.Immutable (>= 8.0)
      System.Reflection.Metadata (>= 8.0)
    Microsoft.CodeAnalysis.CSharp (4.12)
      Microsoft.CodeAnalysis.Analyzers (>= 3.3.4)
      Microsoft.CodeAnalysis.Common (4.12)
      System.Collections.Immutable (>= 8.0)
      System.Reflection.Metadata (>= 8.0)
    Microsoft.CodeAnalysis.CSharp.Scripting (4.12)
      Microsoft.CodeAnalysis.Analyzers (>= 3.3.4)
      Microsoft.CodeAnalysis.Common (4.12)
      Microsoft.CodeAnalysis.CSharp (4.12)
      Microsoft.CodeAnalysis.Scripting.Common (4.12)
      Microsoft.CSharp (>= 4.7)
      System.Collections.Immutable (>= 8.0)
      System.Reflection.Metadata (>= 8.0)
    Microsoft.CodeAnalysis.CSharp.Workspaces (4.12)
      Humanizer.Core (>= 2.14.1)
      Microsoft.CodeAnalysis.Analyzers (>= 3.3.4)
      Microsoft.CodeAnalysis.Common (4.12)
      Microsoft.CodeAnalysis.CSharp (4.12)
      Microsoft.CodeAnalysis.Workspaces.Common (4.12)
      System.Collections.Immutable (>= 8.0)
      System.Composition (>= 8.0)
      System.IO.Pipelines (>= 8.0)
      System.Reflection.Metadata (>= 8.0)
      System.Threading.Channels (>= 7.0)
    Microsoft.CodeAnalysis.Scripting (4.12)
      Microsoft.CodeAnalysis.Analyzers (>= 3.3.4)
      Microsoft.CodeAnalysis.CSharp.Scripting (4.12)
      Microsoft.CSharp (>= 4.7)
      System.Buffers (>= 4.5.1)
      System.Collections.Immutable (>= 8.0)
      System.Memory (>= 4.5.5)
      System.Numerics.Vectors (>= 4.5)
      System.Reflection.Metadata (>= 8.0)
      System.Runtime.CompilerServices.Unsafe (>= 6.0)
      System.Text.Encoding.CodePages (>= 7.0)
      System.Threading.Tasks.Extensions (>= 4.5.4)
    Microsoft.CodeAnalysis.Scripting.Common (4.12)
      Microsoft.CodeAnalysis.Analyzers (>= 3.3.4)
      Microsoft.CodeAnalysis.Common (4.12)
      System.Collections.Immutable (>= 8.0)
      System.Reflection.Metadata (>= 8.0)
    Microsoft.CodeAnalysis.VisualBasic (4.12)
      Microsoft.CodeAnalysis.Analyzers (>= 3.3.4)
      Microsoft.CodeAnalysis.Common (4.12)
      System.Collections.Immutable (>= 8.0)
      System.Reflection.Metadata (>= 8.0)
    Microsoft.CodeAnalysis.VisualBasic.Workspaces (4.12)
      Humanizer.Core (>= 2.14.1)
      Microsoft.CodeAnalysis.Analyzers (>= 3.3.4)
      Microsoft.CodeAnalysis.Common (4.12)
      Microsoft.CodeAnalysis.VisualBasic (4.12)
      Microsoft.CodeAnalysis.Workspaces.Common (4.12)
      System.Collections.Immutable (>= 8.0)
      System.Composition (>= 8.0)
      System.IO.Pipelines (>= 8.0)
      System.Reflection.Metadata (>= 8.0)
      System.Threading.Channels (>= 7.0)
    Microsoft.CodeAnalysis.Workspaces.Common (4.12)
      Humanizer.Core (>= 2.14.1)
      Microsoft.CodeAnalysis.Analyzers (>= 3.3.4)
      Microsoft.CodeAnalysis.Common (4.12)
      System.Collections.Immutable (>= 8.0)
      System.Composition (>= 8.0)
      System.IO.Pipelines (>= 8.0)
      System.Reflection.Metadata (>= 8.0)
      System.Threading.Channels (>= 7.0)
    Microsoft.CodeCoverage (17.13)
    Microsoft.CSharp (4.7)
    Microsoft.Data.SqlClient (5.2)
      Azure.Identity (>= 1.10.3)
      Microsoft.Data.SqlClient.SNI.runtime (>= 5.2)
      Microsoft.Identity.Client (>= 4.56)
      Microsoft.IdentityModel.JsonWebTokens (>= 6.35)
      Microsoft.IdentityModel.Protocols.OpenIdConnect (>= 6.35)
      Microsoft.SqlServer.Server (>= 1.0)
      System.Configuration.ConfigurationManager (>= 8.0)
      System.Runtime.Caching (>= 8.0)
    Microsoft.Data.SqlClient.SNI.runtime (5.2)
    Microsoft.EntityFrameworkCore (8.0.5)
      Microsoft.EntityFrameworkCore.Abstractions (>= 8.0.5)
      Microsoft.EntityFrameworkCore.Analyzers (>= 8.0.5)
      Microsoft.Extensions.Caching.Memory (>= 8.0)
      Microsoft.Extensions.Logging (>= 8.0)
    Microsoft.EntityFrameworkCore.Abstractions (8.0.5)
    Microsoft.EntityFrameworkCore.Analyzers (8.0.5)
    Microsoft.EntityFrameworkCore.Relational (8.0.5)
      Microsoft.EntityFrameworkCore (>= 8.0.5)
      Microsoft.Extensions.Configuration.Abstractions (>= 8.0)
    Microsoft.Extensions.ApiDescription.Server (8.0.5)
    Microsoft.Extensions.Caching.Abstractions (8.0)
      Microsoft.Extensions.Primitives (>= 8.0)
    Microsoft.Extensions.Caching.Memory (8.0)
      Microsoft.Extensions.Caching.Abstractions (>= 8.0)
      Microsoft.Extensions.DependencyInjection.Abstractions (>= 8.0)
      Microsoft.Extensions.Logging.Abstractions (>= 8.0)
      Microsoft.Extensions.Options (>= 8.0)
      Microsoft.Extensions.Primitives (>= 8.0)
    Microsoft.Extensions.Configuration (8.0)
      Microsoft.Extensions.Configuration.Abstractions (>= 8.0)
      Microsoft.Extensions.Primitives (>= 8.0)
    Microsoft.Extensions.Configuration.Abstractions (8.0)
      Microsoft.Extensions.Primitives (>= 8.0)
    Microsoft.Extensions.Configuration.Binder (8.0.2)
      Microsoft.Extensions.Configuration.Abstractions (>= 8.0)
    Microsoft.Extensions.Configuration.CommandLine (8.0)
      Microsoft.Extensions.Configuration (>= 8.0)
      Microsoft.Extensions.Configuration.Abstractions (>= 8.0)
    Microsoft.Extensions.Configuration.EnvironmentVariables (8.0)
      Microsoft.Extensions.Configuration (>= 8.0)
      Microsoft.Extensions.Configuration.Abstractions (>= 8.0)
    Microsoft.Extensions.Configuration.FileExtensions (8.0)
      Microsoft.Extensions.Configuration (>= 8.0)
      Microsoft.Extensions.Configuration.Abstractions (>= 8.0)
      Microsoft.Extensions.FileProviders.Abstractions (>= 8.0)
      Microsoft.Extensions.FileProviders.Physical (>= 8.0)
      Microsoft.Extensions.Primitives (>= 8.0)
    Microsoft.Extensions.Configuration.Json (8.0)
      Microsoft.Extensions.Configuration (>= 8.0)
      Microsoft.Extensions.Configuration.Abstractions (>= 8.0)
      Microsoft.Extensions.Configuration.FileExtensions (>= 8.0)
      Microsoft.Extensions.FileProviders.Abstractions (>= 8.0)
      System.Text.Json (>= 8.0)
    Microsoft.Extensions.Configuration.UserSecrets (8.0)
      Microsoft.Extensions.Configuration.Abstractions (>= 8.0)
      Microsoft.Extensions.Configuration.Json (>= 8.0)
      Microsoft.Extensions.FileProviders.Abstractions (>= 8.0)
      Microsoft.Extensions.FileProviders.Physical (>= 8.0)
    Microsoft.Extensions.DependencyInjection (8.0)
      Microsoft.Extensions.DependencyInjection.Abstractions (>= 8.0)
    Microsoft.Extensions.DependencyInjection.Abstractions (8.0.1)
    Microsoft.Extensions.DependencyModel (8.0.1)
      System.Text.Encodings.Web (>= 8.0)
      System.Text.Json (>= 8.0.4)
    Microsoft.Extensions.Diagnostics (8.0)
      Microsoft.Extensions.Configuration (>= 8.0)
      Microsoft.Extensions.Diagnostics.Abstractions (>= 8.0)
      Microsoft.Extensions.Options.ConfigurationExtensions (>= 8.0)
    Microsoft.Extensions.Diagnostics.Abstractions (8.0)
      Microsoft.Extensions.DependencyInjection.Abstractions (>= 8.0)
      Microsoft.Extensions.Options (>= 8.0)
      System.Diagnostics.DiagnosticSource (>= 8.0)
    Microsoft.Extensions.Diagnostics.HealthChecks (8.0.5)
      Microsoft.Extensions.Diagnostics.HealthChecks.Abstractions (>= 8.0.5)
      Microsoft.Extensions.Hosting.Abstractions (>= 8.0)
      Microsoft.Extensions.Logging.Abstractions (>= 8.0.1)
      Microsoft.Extensions.Options (>= 8.0.2)
    Microsoft.Extensions.Diagnostics.HealthChecks.Abstractions (8.0.5)
    Microsoft.Extensions.Diagnostics.HealthChecks.EntityFrameworkCore (8.0.5)
      Microsoft.EntityFrameworkCore.Relational (>= 8.0.5)
      Microsoft.Extensions.Diagnostics.HealthChecks (>= 8.0.5)
      Microsoft.Extensions.Diagnostics.HealthChecks.Abstractions (>= 8.0.5)
    Microsoft.Extensions.FileProviders.Abstractions (8.0)
      Microsoft.Extensions.Primitives (>= 8.0)
    Microsoft.Extensions.FileProviders.Embedded (8.0.5)
      Microsoft.Extensions.FileProviders.Abstractions (>= 8.0)
    Microsoft.Extensions.FileProviders.Physical (8.0)
      Microsoft.Extensions.FileProviders.Abstractions (>= 8.0)
      Microsoft.Extensions.FileSystemGlobbing (>= 8.0)
      Microsoft.Extensions.Primitives (>= 8.0)
    Microsoft.Extensions.FileSystemGlobbing (8.0)
    Microsoft.Extensions.Hosting (8.0)
      Microsoft.Extensions.Configuration (>= 8.0)
      Microsoft.Extensions.Configuration.Abstractions (>= 8.0)
      Microsoft.Extensions.Configuration.Binder (>= 8.0)
      Microsoft.Extensions.Configuration.CommandLine (>= 8.0)
      Microsoft.Extensions.Configuration.EnvironmentVariables (>= 8.0)
      Microsoft.Extensions.Configuration.FileExtensions (>= 8.0)
      Microsoft.Extensions.Configuration.Json (>= 8.0)
      Microsoft.Extensions.Configuration.UserSecrets (>= 8.0)
      Microsoft.Extensions.DependencyInjection (>= 8.0)
      Microsoft.Extensions.DependencyInjection.Abstractions (>= 8.0)
      Microsoft.Extensions.Diagnostics (>= 8.0)
      Microsoft.Extensions.FileProviders.Abstractions (>= 8.0)
      Microsoft.Extensions.FileProviders.Physical (>= 8.0)
      Microsoft.Extensions.Hosting.Abstractions (>= 8.0)
      Microsoft.Extensions.Logging (>= 8.0)
      Microsoft.Extensions.Logging.Abstractions (>= 8.0)
      Microsoft.Extensions.Logging.Configuration (>= 8.0)
      Microsoft.Extensions.Logging.Console (>= 8.0)
      Microsoft.Extensions.Logging.Debug (>= 8.0)
      Microsoft.Extensions.Logging.EventLog (>= 8.0)
      Microsoft.Extensions.Logging.EventSource (>= 8.0)
      Microsoft.Extensions.Options (>= 8.0)
    Microsoft.Extensions.Hosting.Abstractions (8.0)
      Microsoft.Extensions.Configuration.Abstractions (>= 8.0)
      Microsoft.Extensions.DependencyInjection.Abstractions (>= 8.0)
      Microsoft.Extensions.Diagnostics.Abstractions (>= 8.0)
      Microsoft.Extensions.FileProviders.Abstractions (>= 8.0)
      Microsoft.Extensions.Logging.Abstractions (>= 8.0)
    Microsoft.Extensions.Http (8.0)
      Microsoft.Extensions.Configuration.Abstractions (>= 8.0)
      Microsoft.Extensions.DependencyInjection.Abstractions (>= 8.0)
      Microsoft.Extensions.Diagnostics (>= 8.0)
      Microsoft.Extensions.Logging (>= 8.0)
      Microsoft.Extensions.Logging.Abstractions (>= 8.0)
      Microsoft.Extensions.Options (>= 8.0)
    Microsoft.Extensions.Localization (8.0.5)
      Microsoft.Extensions.DependencyInjection.Abstractions (>= 8.0.1)
      Microsoft.Extensions.Localization.Abstractions (>= 8.0.5)
      Microsoft.Extensions.Logging.Abstractions (>= 8.0.1)
      Microsoft.Extensions.Options (>= 8.0.2)
    Microsoft.Extensions.Localization.Abstractions (8.0.5)
    Microsoft.Extensions.Logging (8.0)
      Microsoft.Extensions.DependencyInjection (>= 8.0)
      Microsoft.Extensions.Logging.Abstractions (>= 8.0)
      Microsoft.Extensions.Options (>= 8.0)
    Microsoft.Extensions.Logging.Abstractions (8.0.1)
      Microsoft.Extensions.DependencyInjection.Abstractions (>= 8.0.1)
    Microsoft.Extensions.Logging.Configuration (8.0)
      Microsoft.Extensions.Configuration (>= 8.0)
      Microsoft.Extensions.Configuration.Abstractions (>= 8.0)
      Microsoft.Extensions.Configuration.Binder (>= 8.0)
      Microsoft.Extensions.DependencyInjection.Abstractions (>= 8.0)
      Microsoft.Extensions.Logging (>= 8.0)
      Microsoft.Extensions.Logging.Abstractions (>= 8.0)
      Microsoft.Extensions.Options (>= 8.0)
      Microsoft.Extensions.Options.ConfigurationExtensions (>= 8.0)
    Microsoft.Extensions.Logging.Console (8.0)
      Microsoft.Extensions.DependencyInjection.Abstractions (>= 8.0)
      Microsoft.Extensions.Logging (>= 8.0)
      Microsoft.Extensions.Logging.Abstractions (>= 8.0)
      Microsoft.Extensions.Logging.Configuration (>= 8.0)
      Microsoft.Extensions.Options (>= 8.0)
      System.Text.Json (>= 8.0)
    Microsoft.Extensions.Logging.Debug (8.0)
      Microsoft.Extensions.DependencyInjection.Abstractions (>= 8.0)
      Microsoft.Extensions.Logging (>= 8.0)
      Microsoft.Extensions.Logging.Abstractions (>= 8.0)
    Microsoft.Extensions.Logging.EventLog (8.0)
      Microsoft.Extensions.DependencyInjection.Abstractions (>= 8.0)
      Microsoft.Extensions.Logging (>= 8.0)
      Microsoft.Extensions.Logging.Abstractions (>= 8.0)
      Microsoft.Extensions.Options (>= 8.0)
      System.Diagnostics.EventLog (>= 8.0)
    Microsoft.Extensions.Logging.EventSource (8.0)
      Microsoft.Extensions.DependencyInjection.Abstractions (>= 8.0)
      Microsoft.Extensions.Logging (>= 8.0)
      Microsoft.Extensions.Logging.Abstractions (>= 8.0)
      Microsoft.Extensions.Options (>= 8.0)
      Microsoft.Extensions.Primitives (>= 8.0)
      System.Text.Json (>= 8.0)
    Microsoft.Extensions.ObjectPool (8.0.5)
    Microsoft.Extensions.Options (8.0.2)
      Microsoft.Extensions.DependencyInjection.Abstractions (>= 8.0)
      Microsoft.Extensions.Primitives (>= 8.0)
    Microsoft.Extensions.Options.ConfigurationExtensions (8.0)
      Microsoft.Extensions.Configuration.Abstractions (>= 8.0)
      Microsoft.Extensions.Configuration.Binder (>= 8.0)
      Microsoft.Extensions.DependencyInjection.Abstractions (>= 8.0)
      Microsoft.Extensions.Options (>= 8.0)
      Microsoft.Extensions.Primitives (>= 8.0)
    Microsoft.Extensions.Primitives (8.0)
    Microsoft.Identity.Client (4.61.1)
      Microsoft.IdentityModel.Abstractions (>= 6.35)
      System.Diagnostics.DiagnosticSource (>= 6.0.1)
    Microsoft.Identity.Client.Extensions.Msal (4.61.1)
      Microsoft.Identity.Client (>= 4.61.1)
      System.Security.Cryptography.ProtectedData (>= 4.5)
    Microsoft.IdentityModel.Abstractions (7.5.2)
    Microsoft.IdentityModel.JsonWebTokens (7.5.2)
      Microsoft.IdentityModel.Tokens (>= 7.5.2)
    Microsoft.IdentityModel.Logging (7.5.2)
      Microsoft.IdentityModel.Abstractions (>= 7.5.2)
    Microsoft.IdentityModel.Protocols (7.5.2)
      Microsoft.IdentityModel.Tokens (>= 7.5.2)
    Microsoft.IdentityModel.Protocols.OpenIdConnect (7.5.2)
      Microsoft.IdentityModel.Protocols (>= 7.5.2)
      System.IdentityModel.Tokens.Jwt (>= 7.5.2)
    Microsoft.IdentityModel.Tokens (7.5.2)
      Microsoft.IdentityModel.Logging (>= 7.5.2)
    Microsoft.Net.Http.Headers (8.0.5)
      Microsoft.Extensions.Primitives (>= 8.0)
    Microsoft.NET.Test.Sdk (17.13)
      Microsoft.CodeCoverage (>= 17.13)
      Microsoft.TestPlatform.TestHost (>= 17.13)
    Microsoft.NETCore.Platforms (7.0.4)
    Microsoft.NETCore.Targets (5.0)
    Microsoft.OpenApi (1.6.14)
    Microsoft.SqlServer.Server (1.0)
    Microsoft.SyndicationFeed.ReaderWriter (1.0.2)
      System.Globalization (>= 4.3)
      System.Linq (>= 4.3)
      System.Runtime.Extensions (>= 4.3)
      System.Xml.ReaderWriter (>= 4.3)
    Microsoft.Testing.Extensions.TrxReport.Abstractions (1.6.2)
      Microsoft.Testing.Platform (>= 1.6.2)
    Microsoft.Testing.Platform (1.6.2)
    Microsoft.Testing.Platform.MSBuild (1.6.2)
      Microsoft.Testing.Platform (>= 1.6.2)
    Microsoft.TestPlatform.ObjectModel (17.13)
      System.Reflection.Metadata (>= 1.6)
    Microsoft.TestPlatform.TestHost (17.13)
      Microsoft.TestPlatform.ObjectModel (>= 17.13)
      Newtonsoft.Json (>= 13.0.1)
    Microsoft.VisualStudio.Web.BrowserLink (2.2)
      Microsoft.AspNetCore.Hosting.Abstractions (>= 2.2)
      Microsoft.AspNetCore.Http.Abstractions (>= 2.2)
      Microsoft.AspNetCore.Http.Extensions (>= 2.2)
      Microsoft.Extensions.FileProviders.Physical (>= 2.2)
    Microsoft.Win32.SystemEvents (8.0)
    Mono.Cecil (0.11.6)
    Moq (4.20.70)
      Castle.Core (>= 5.1.1)
    Namotion.Reflection (3.1.1)
      Microsoft.CSharp (>= 4.3)
    NEST (7.17.4)
      Elasticsearch.Net (>= 7.17.4)
    NETStandard.Library (2.0.3)
      Microsoft.NETCore.Platforms (>= 1.1)
    NetTopologySuite (2.5)
      System.Memory (>= 4.5.4)
    NetTopologySuite.IO.PostGis (2.1)
      NetTopologySuite (>= 2.0 < 3.0.0-A)
    Newtonsoft.Json (13.0.3)
    Newtonsoft.Json.Bson (1.0.2)
      Newtonsoft.Json (>= 12.0.1)
    NJsonSchema (11.0)
      Namotion.Reflection (>= 3.1.1)
      Newtonsoft.Json (>= 13.0.3)
      NJsonSchema.Annotations (>= 11.0)
    NJsonSchema.Annotations (11.0)
    NJsonSchema.CodeGeneration (11.0)
      Fluid.Core (>= 2.5)
      NJsonSchema (>= 11.0)
    NJsonSchema.CodeGeneration.CSharp (11.0)
      NJsonSchema.CodeGeneration (>= 11.0)
    NJsonSchema.CodeGeneration.TypeScript (11.0)
      NJsonSchema.CodeGeneration (>= 11.0)
    NodaTime (3.1.11)
      System.Runtime.CompilerServices.Unsafe (>= 4.7.1)
    NodaTime.Serialization.JsonNet (3.1)
      Newtonsoft.Json (>= 13.0.3)
      NodaTime (>= 3.0 < 4.0)
    Npgsql (8.0.6)
      Microsoft.Extensions.Logging.Abstractions (>= 8.0)
    Npgsql.Json.NET (8.0.3)
      Newtonsoft.Json (>= 13.0.3)
      Npgsql (>= 8.0.3)
    Npgsql.NetTopologySuite (8.0.6)
      NetTopologySuite (>= 2.5)
      NetTopologySuite.IO.PostGis (>= 2.1)
      Npgsql (>= 8.0.6)
    Npgsql.OpenTelemetry (8.0.3)
      Npgsql (>= 8.0.3)
      OpenTelemetry.Api (>= 1.6)
    NSwag.CodeGeneration (14.0.7)
      NJsonSchema.CodeGeneration (>= 11.0)
      NSwag.Core (>= 14.0.7)
    NSwag.CodeGeneration.CSharp (14.0.7)
      NJsonSchema.CodeGeneration.CSharp (>= 11.0)
      NSwag.CodeGeneration (>= 14.0.7)
    NSwag.CodeGeneration.TypeScript (14.0.7)
      NJsonSchema.CodeGeneration.TypeScript (>= 11.0)
      NSwag.CodeGeneration (>= 14.0.7)
    NSwag.Core (14.0.7)
      NJsonSchema (>= 11.0)
    Oakton (6.3)
      JasperFx.Core (>= 1.9)
      Microsoft.Extensions.Hosting (>= 6.0 < 10.0)
      Spectre.Console (>= 0.47)
    OpenTelemetry (1.9)
      Microsoft.Extensions.Diagnostics.Abstractions (>= 8.0)
      Microsoft.Extensions.Logging.Configuration (>= 8.0)
      OpenTelemetry.Api.ProviderBuilderExtensions (>= 1.9)
    OpenTelemetry.Api (1.9)
      System.Diagnostics.DiagnosticSource (>= 8.0)
    OpenTelemetry.Api.ProviderBuilderExtensions (1.9)
      Microsoft.Extensions.DependencyInjection.Abstractions (>= 8.0)
      OpenTelemetry.Api (>= 1.9)
    OpenTelemetry.Contrib.Extensions.AWSXRay (1.2)
      Newtonsoft.Json (>= 11.0.1)
      OpenTelemetry (>= 1.1)
      System.Net.Http (>= 4.3.4)
    OpenTelemetry.Contrib.Instrumentation.AWS (1.0.2)
      AWSSDK.Core (>= 3.5.1.24)
      OpenTelemetry.Contrib.Extensions.AWSXRay (>= 1.0.1)
    OpenTelemetry.Exporter.Console (1.8.1)
      OpenTelemetry (>= 1.8.1)
      System.Text.Encodings.Web (>= 4.7.2)
      System.Text.Json (>= 4.7.2)
    OpenTelemetry.Exporter.OpenTelemetryProtocol (1.9)
      Google.Protobuf (>= 3.22.5 < 4.0)
      Grpc.Net.Client (>= 2.52 < 3.0)
      Microsoft.Extensions.Configuration.Binder (>= 8.0.1)
      OpenTelemetry (>= 1.9)
    OpenTelemetry.Exporter.OpenTelemetryProtocol.Logs (1.5.0-rc.1)
      OpenTelemetry (>= 1.5.0-rc.1)
      OpenTelemetry.Exporter.OpenTelemetryProtocol (>= 1.5.0-rc.1)
    OpenTelemetry.Extensions.Hosting (1.8.1)
      Microsoft.Extensions.Hosting.Abstractions (>= 8.0)
      OpenTelemetry (>= 1.8.1)
    OpenTelemetry.Instrumentation.AspNetCore (1.8.1)
      OpenTelemetry.Api.ProviderBuilderExtensions (>= 1.8)
    OpenTelemetry.Instrumentation.Http (1.8.1)
      Microsoft.Extensions.Configuration (>= 8.0)
      Microsoft.Extensions.Options (>= 8.0)
      OpenTelemetry.Api.ProviderBuilderExtensions (>= 1.8)
    OpenTelemetry.Instrumentation.Runtime (1.8.1)
      OpenTelemetry.Api (>= 1.8.1 < 2.0)
    Parlot (0.0.27)
    Polly (8.4)
      Polly.Core (>= 8.4)
    Polly.Core (8.5.2)
    Result.Net (1.4)
    runtime.debian.8-x64.runtime.native.System.Security.Cryptography.OpenSsl (4.3.3)
    runtime.debian.9-x64.runtime.native.System.Security.Cryptography.OpenSsl (4.3.3)
    runtime.fedora.23-x64.runtime.native.System.Security.Cryptography.OpenSsl (4.3.3)
    runtime.fedora.24-x64.runtime.native.System.Security.Cryptography.OpenSsl (4.3.3)
    runtime.fedora.27-x64.runtime.native.System.Security.Cryptography.OpenSsl (4.3.3)
    runtime.fedora.28-x64.runtime.native.System.Security.Cryptography.OpenSsl (4.3.3)
    runtime.native.System (4.3.1)
      Microsoft.NETCore.Platforms (>= 1.1.1)
      Microsoft.NETCore.Targets (>= 1.1.3)
    runtime.native.System.Net.Http (4.3.1)
      Microsoft.NETCore.Platforms (>= 1.1.1)
      Microsoft.NETCore.Targets (>= 1.1.3)
    runtime.native.System.Security.Cryptography.Apple (4.3.1)
      runtime.osx.10.10-x64.runtime.native.System.Security.Cryptography.Apple (>= 4.3.1)
    runtime.native.System.Security.Cryptography.OpenSsl (4.3.3)
      runtime.debian.8-x64.runtime.native.System.Security.Cryptography.OpenSsl (>= 4.3.3)
      runtime.debian.9-x64.runtime.native.System.Security.Cryptography.OpenSsl (>= 4.3.3)
      runtime.fedora.23-x64.runtime.native.System.Security.Cryptography.OpenSsl (>= 4.3.3)
      runtime.fedora.24-x64.runtime.native.System.Security.Cryptography.OpenSsl (>= 4.3.3)
      runtime.fedora.27-x64.runtime.native.System.Security.Cryptography.OpenSsl (>= 4.3.3)
      runtime.fedora.28-x64.runtime.native.System.Security.Cryptography.OpenSsl (>= 4.3.3)
      runtime.opensuse.13.2-x64.runtime.native.System.Security.Cryptography.OpenSsl (>= 4.3.3)
      runtime.opensuse.42.1-x64.runtime.native.System.Security.Cryptography.OpenSsl (>= 4.3.3)
      runtime.opensuse.42.3-x64.runtime.native.System.Security.Cryptography.OpenSsl (>= 4.3.3)
      runtime.osx.10.10-x64.runtime.native.System.Security.Cryptography.OpenSsl (>= 4.3.3)
      runtime.rhel.7-x64.runtime.native.System.Security.Cryptography.OpenSsl (>= 4.3.3)
      runtime.ubuntu.14.04-x64.runtime.native.System.Security.Cryptography.OpenSsl (>= 4.3.3)
      runtime.ubuntu.16.04-x64.runtime.native.System.Security.Cryptography.OpenSsl (>= 4.3.3)
      runtime.ubuntu.16.10-x64.runtime.native.System.Security.Cryptography.OpenSsl (>= 4.3.3)
      runtime.ubuntu.18.04-x64.runtime.native.System.Security.Cryptography.OpenSsl (>= 4.3.3)
    runtime.opensuse.13.2-x64.runtime.native.System.Security.Cryptography.OpenSsl (4.3.3)
    runtime.opensuse.42.1-x64.runtime.native.System.Security.Cryptography.OpenSsl (4.3.3)
    runtime.opensuse.42.3-x64.runtime.native.System.Security.Cryptography.OpenSsl (4.3.3)
    runtime.osx.10.10-x64.runtime.native.System.Security.Cryptography.Apple (4.3.1)
    runtime.osx.10.10-x64.runtime.native.System.Security.Cryptography.OpenSsl (4.3.3)
    runtime.rhel.7-x64.runtime.native.System.Security.Cryptography.OpenSsl (4.3.3)
    runtime.ubuntu.14.04-x64.runtime.native.System.Security.Cryptography.OpenSsl (4.3.3)
    runtime.ubuntu.16.04-x64.runtime.native.System.Security.Cryptography.OpenSsl (4.3.3)
    runtime.ubuntu.16.10-x64.runtime.native.System.Security.Cryptography.OpenSsl (4.3.3)
    runtime.ubuntu.18.04-x64.runtime.native.System.Security.Cryptography.OpenSsl (4.3.3)
    Scriban (5.10)
    Scrutor (4.2.2)
      Microsoft.Extensions.DependencyInjection.Abstractions (>= 6.0)
      Microsoft.Extensions.DependencyModel (>= 6.0)
    Serilog (3.1.1)
    Serilog.Enrichers.Environment (2.3)
      Serilog (>= 2.3)
    Serilog.Enrichers.Thread (3.1)
      Serilog (>= 2.3)
    Serilog.Extensions.Logging (8.0)
      Microsoft.Extensions.Logging (>= 8.0)
      Serilog (>= 3.1.1)
    Serilog.Formatting.Compact (2.0)
      Serilog (>= 3.1)
    Serilog.Settings.Configuration (8.0)
      Microsoft.Extensions.Configuration.Binder (>= 8.0)
      Microsoft.Extensions.DependencyModel (>= 8.0)
      Serilog (>= 3.1.1)
    Serilog.Sinks.Console (5.0.1)
      Serilog (>= 3.1.1)
    Serilog.Sinks.File (5.0)
      Serilog (>= 2.10)
    Serilog.Sinks.OpenTelemetry (2.0)
      Google.Protobuf (>= 3.25.1)
      Grpc.Net.Client (>= 2.60)
      Serilog (>= 3.1.1)
      Serilog.Sinks.PeriodicBatching (>= 4.0)
    Serilog.Sinks.PeriodicBatching (4.1.1)
      Serilog (>= 3.1.1)
    Slack.Webhooks (1.1.5)
      NETStandard.Library (>= 1.6.1)
      Newtonsoft.Json (>= 10.0.3)
    SnapshotRestore.Registry (1.0.1)
    SourceLink.Copy.PdbFiles (2.8.3) - copy_local: true
    SourceLink.Embed.AllSourceFiles (2.8.3) - copy_local: true
    Spectre.Console (0.49.1)
    SqlStreamStore (1.2)
      Microsoft.CSharp (>= 4.7)
    SqlStreamStore.MsSql (1.2)
      Microsoft.Data.SqlClient (>= 1.1)
      SqlStreamStore (>= 1.2)
    Swashbuckle.AspNetCore (6.2.3)
      Microsoft.Extensions.ApiDescription.Server (>= 3.0)
      Swashbuckle.AspNetCore.Swagger (>= 6.2.3)
      Swashbuckle.AspNetCore.SwaggerGen (>= 6.2.3)
      Swashbuckle.AspNetCore.SwaggerUI (>= 6.2.3)
    Swashbuckle.AspNetCore.Annotations (6.2.3)
      Swashbuckle.AspNetCore.SwaggerGen (>= 6.2.3)
    Swashbuckle.AspNetCore.Filters (8.0.1)
      Microsoft.Extensions.DependencyInjection (>= 2.1)
      Microsoft.OpenApi (>= 1.3.1)
      Scrutor (>= 3.3)
      Swashbuckle.AspNetCore.Filters.Abstractions (>= 8.0.1)
      Swashbuckle.AspNetCore.SwaggerGen (>= 5.0)
    Swashbuckle.AspNetCore.Filters.Abstractions (8.0.2)
    Swashbuckle.AspNetCore.Newtonsoft (6.2.3)
      Microsoft.AspNetCore.Mvc.NewtonsoftJson (>= 6.0.0-rc.1.21452.15)
      Swashbuckle.AspNetCore.SwaggerGen (>= 6.2.3)
    Swashbuckle.AspNetCore.Swagger (6.2.3)
      Microsoft.OpenApi (>= 1.2.3)
    Swashbuckle.AspNetCore.SwaggerGen (6.2.3)
      Swashbuckle.AspNetCore.Swagger (>= 6.2.3)
    Swashbuckle.AspNetCore.SwaggerUI (6.2.3)
    System.Buffers (4.5.1)
    System.ClientModel (1.0)
      System.Memory.Data (>= 1.0.2)
      System.Text.Json (>= 4.7.2)
    System.Collections (4.3)
      Microsoft.NETCore.Platforms (>= 1.1)
      Microsoft.NETCore.Targets (>= 1.1)
      System.Runtime (>= 4.3)
    System.Collections.Concurrent (4.3)
      System.Collections (>= 4.3)
      System.Diagnostics.Debug (>= 4.3)
      System.Diagnostics.Tracing (>= 4.3)
      System.Globalization (>= 4.3)
      System.Reflection (>= 4.3)
      System.Resources.ResourceManager (>= 4.3)
      System.Runtime (>= 4.3)
      System.Runtime.Extensions (>= 4.3)
      System.Threading (>= 4.3)
      System.Threading.Tasks (>= 4.3)
    System.Collections.Immutable (8.0)
    System.ComponentModel (4.3)
      System.Runtime (>= 4.3)
    System.ComponentModel.Annotations (5.0)
    System.Composition (8.0)
      System.Composition.AttributedModel (>= 8.0)
      System.Composition.Convention (>= 8.0)
      System.Composition.Hosting (>= 8.0)
      System.Composition.Runtime (>= 8.0)
      System.Composition.TypedParts (>= 8.0)
    System.Composition.AttributedModel (8.0)
    System.Composition.Convention (8.0)
      System.Composition.AttributedModel (>= 8.0)
    System.Composition.Hosting (8.0)
      System.Composition.Runtime (>= 8.0)
    System.Composition.Runtime (8.0)
    System.Composition.TypedParts (8.0)
      System.Composition.AttributedModel (>= 8.0)
      System.Composition.Hosting (>= 8.0)
      System.Composition.Runtime (>= 8.0)
    System.Configuration.ConfigurationManager (8.0)
      System.Diagnostics.EventLog (>= 8.0)
      System.Security.Cryptography.ProtectedData (>= 8.0)
    System.Data.Common (4.3)
      System.Collections (>= 4.3)
      System.Globalization (>= 4.3)
      System.IO (>= 4.3)
      System.Resources.ResourceManager (>= 4.3)
      System.Runtime (>= 4.3)
      System.Runtime.Extensions (>= 4.3)
      System.Text.RegularExpressions (>= 4.3)
      System.Threading.Tasks (>= 4.3)
    System.Data.DataSetExtensions (4.5)
    System.Diagnostics.Debug (4.3)
      Microsoft.NETCore.Platforms (>= 1.1)
      Microsoft.NETCore.Targets (>= 1.1)
      System.Runtime (>= 4.3)
    System.Diagnostics.DiagnosticSource (8.0.1)
    System.Diagnostics.EventLog (8.0)
    System.Diagnostics.Tracing (4.3)
      Microsoft.NETCore.Platforms (>= 1.1)
      Microsoft.NETCore.Targets (>= 1.1)
      System.Runtime (>= 4.3)
    System.Drawing.Common (8.0.5)
      Microsoft.Win32.SystemEvents (>= 8.0)
    System.Formats.Asn1 (8.0)
    System.Globalization (4.3)
      Microsoft.NETCore.Platforms (>= 1.1)
      Microsoft.NETCore.Targets (>= 1.1)
      System.Runtime (>= 4.3)
    System.Globalization.Calendars (4.3)
      Microsoft.NETCore.Platforms (>= 1.1)
      Microsoft.NETCore.Targets (>= 1.1)
      System.Globalization (>= 4.3)
      System.Runtime (>= 4.3)
    System.Globalization.Extensions (4.3)
      Microsoft.NETCore.Platforms (>= 1.1)
      System.Globalization (>= 4.3)
      System.Resources.ResourceManager (>= 4.3)
      System.Runtime (>= 4.3)
      System.Runtime.Extensions (>= 4.3)
      System.Runtime.InteropServices (>= 4.3)
    System.IdentityModel.Tokens.Jwt (7.5.2)
      Microsoft.IdentityModel.JsonWebTokens (>= 7.5.2)
      Microsoft.IdentityModel.Tokens (>= 7.5.2)
    System.IO (4.3)
      Microsoft.NETCore.Platforms (>= 1.1)
      Microsoft.NETCore.Targets (>= 1.1)
      System.Runtime (>= 4.3)
      System.Text.Encoding (>= 4.3)
      System.Threading.Tasks (>= 4.3)
    System.IO.FileSystem (4.3)
      Microsoft.NETCore.Platforms (>= 1.1)
      Microsoft.NETCore.Targets (>= 1.1)
      System.IO (>= 4.3)
      System.IO.FileSystem.Primitives (>= 4.3)
      System.Runtime (>= 4.3)
      System.Runtime.Handles (>= 4.3)
      System.Text.Encoding (>= 4.3)
      System.Threading.Tasks (>= 4.3)
    System.IO.FileSystem.Primitives (4.3)
      System.Runtime (>= 4.3)
    System.IO.Pipelines (9.0.1)
    System.Linq (4.3)
      System.Collections (>= 4.3)
      System.Diagnostics.Debug (>= 4.3)
      System.Resources.ResourceManager (>= 4.3)
      System.Runtime (>= 4.3)
      System.Runtime.Extensions (>= 4.3)
    System.Memory (4.6)
    System.Memory.Data (8.0)
      System.Text.Json (>= 8.0)
    System.Net.Http (4.3.4)
      Microsoft.NETCore.Platforms (>= 1.1.1)
      runtime.native.System (>= 4.3)
      runtime.native.System.Net.Http (>= 4.3)
      runtime.native.System.Security.Cryptography.OpenSsl (>= 4.3.2)
      System.Collections (>= 4.3)
      System.Diagnostics.Debug (>= 4.3)
      System.Diagnostics.DiagnosticSource (>= 4.3)
      System.Diagnostics.Tracing (>= 4.3)
      System.Globalization (>= 4.3)
      System.Globalization.Extensions (>= 4.3)
      System.IO (>= 4.3)
      System.IO.FileSystem (>= 4.3)
      System.Net.Primitives (>= 4.3)
      System.Resources.ResourceManager (>= 4.3)
      System.Runtime (>= 4.3)
      System.Runtime.Extensions (>= 4.3)
      System.Runtime.Handles (>= 4.3)
      System.Runtime.InteropServices (>= 4.3)
      System.Security.Cryptography.Algorithms (>= 4.3)
      System.Security.Cryptography.Encoding (>= 4.3)
      System.Security.Cryptography.OpenSsl (>= 4.3)
      System.Security.Cryptography.Primitives (>= 4.3)
      System.Security.Cryptography.X509Certificates (>= 4.3)
      System.Text.Encoding (>= 4.3)
      System.Threading (>= 4.3)
      System.Threading.Tasks (>= 4.3)
    System.Net.NameResolution (4.3)
      Microsoft.NETCore.Platforms (>= 1.1)
      runtime.native.System (>= 4.3)
      System.Collections (>= 4.3)
      System.Diagnostics.Tracing (>= 4.3)
      System.Globalization (>= 4.3)
      System.Net.Primitives (>= 4.3)
      System.Resources.ResourceManager (>= 4.3)
      System.Runtime (>= 4.3)
      System.Runtime.Extensions (>= 4.3)
      System.Runtime.Handles (>= 4.3)
      System.Runtime.InteropServices (>= 4.3)
      System.Security.Principal.Windows (>= 4.3)
      System.Threading (>= 4.3)
      System.Threading.Tasks (>= 4.3)
    System.Net.Primitives (4.3.1)
      Microsoft.NETCore.Platforms (>= 1.1.1)
      Microsoft.NETCore.Targets (>= 1.1.3)
      System.Runtime (>= 4.3.1)
      System.Runtime.Handles (>= 4.3)
    System.Numerics.Vectors (4.5)
    System.Reflection (4.3)
      Microsoft.NETCore.Platforms (>= 1.1)
      Microsoft.NETCore.Targets (>= 1.1)
      System.IO (>= 4.3)
      System.Reflection.Primitives (>= 4.3)
      System.Runtime (>= 4.3)
    System.Reflection.Metadata (8.0)
      System.Collections.Immutable (>= 8.0)
    System.Reflection.Primitives (4.3)
      Microsoft.NETCore.Platforms (>= 1.1)
      Microsoft.NETCore.Targets (>= 1.1)
      System.Runtime (>= 4.3)
    System.Resources.ResourceManager (4.3)
      Microsoft.NETCore.Platforms (>= 1.1)
      Microsoft.NETCore.Targets (>= 1.1)
      System.Globalization (>= 4.3)
      System.Reflection (>= 4.3)
      System.Runtime (>= 4.3)
    System.Runtime (4.3.1)
      Microsoft.NETCore.Platforms (>= 1.1.1)
      Microsoft.NETCore.Targets (>= 1.1.3)
    System.Runtime.Caching (8.0)
      System.Configuration.ConfigurationManager (>= 8.0)
    System.Runtime.CompilerServices.Unsafe (6.0)
    System.Runtime.Extensions (4.3.1)
      Microsoft.NETCore.Platforms (>= 1.1.1)
      Microsoft.NETCore.Targets (>= 1.1.3)
      System.Runtime (>= 4.3.1)
    System.Runtime.Handles (4.3)
      Microsoft.NETCore.Platforms (>= 1.1)
      Microsoft.NETCore.Targets (>= 1.1)
      System.Runtime (>= 4.3)
    System.Runtime.InteropServices (4.3)
      Microsoft.NETCore.Platforms (>= 1.1)
      Microsoft.NETCore.Targets (>= 1.1)
      System.Reflection (>= 4.3)
      System.Reflection.Primitives (>= 4.3)
      System.Runtime (>= 4.3)
      System.Runtime.Handles (>= 4.3)
    System.Runtime.Loader (4.3)
      System.IO (>= 4.3)
      System.Reflection (>= 4.3)
      System.Runtime (>= 4.3)
    System.Runtime.Numerics (4.3)
      System.Globalization (>= 4.3)
      System.Resources.ResourceManager (>= 4.3)
      System.Runtime (>= 4.3)
      System.Runtime.Extensions (>= 4.3)
    System.Security.Cryptography.Algorithms (4.3.1)
      Microsoft.NETCore.Platforms (>= 1.1)
      runtime.native.System.Security.Cryptography.Apple (>= 4.3.1)
      runtime.native.System.Security.Cryptography.OpenSsl (>= 4.3.2)
      System.Collections (>= 4.3)
      System.IO (>= 4.3)
      System.Resources.ResourceManager (>= 4.3)
      System.Runtime (>= 4.3)
      System.Runtime.Extensions (>= 4.3)
      System.Runtime.Handles (>= 4.3)
      System.Runtime.InteropServices (>= 4.3)
      System.Runtime.Numerics (>= 4.3)
      System.Security.Cryptography.Encoding (>= 4.3)
      System.Security.Cryptography.Primitives (>= 4.3)
      System.Text.Encoding (>= 4.3)
    System.Security.Cryptography.Cng (5.0)
      System.Formats.Asn1 (>= 5.0)
    System.Security.Cryptography.Csp (4.3)
      Microsoft.NETCore.Platforms (>= 1.1)
      System.IO (>= 4.3)
      System.Reflection (>= 4.3)
      System.Resources.ResourceManager (>= 4.3)
      System.Runtime (>= 4.3)
      System.Runtime.Extensions (>= 4.3)
      System.Runtime.Handles (>= 4.3)
      System.Runtime.InteropServices (>= 4.3)
      System.Security.Cryptography.Algorithms (>= 4.3)
      System.Security.Cryptography.Encoding (>= 4.3)
      System.Security.Cryptography.Primitives (>= 4.3)
      System.Text.Encoding (>= 4.3)
      System.Threading (>= 4.3)
    System.Security.Cryptography.Encoding (4.3)
      Microsoft.NETCore.Platforms (>= 1.1)
      runtime.native.System.Security.Cryptography.OpenSsl (>= 4.3)
      System.Collections (>= 4.3)
      System.Collections.Concurrent (>= 4.3)
      System.Linq (>= 4.3)
      System.Resources.ResourceManager (>= 4.3)
      System.Runtime (>= 4.3)
      System.Runtime.Extensions (>= 4.3)
      System.Runtime.Handles (>= 4.3)
      System.Runtime.InteropServices (>= 4.3)
      System.Security.Cryptography.Primitives (>= 4.3)
      System.Text.Encoding (>= 4.3)
    System.Security.Cryptography.OpenSsl (5.0)
      System.Formats.Asn1 (>= 5.0)
    System.Security.Cryptography.Pkcs (8.0)
      System.Formats.Asn1 (>= 8.0)
    System.Security.Cryptography.Primitives (4.3)
      System.Diagnostics.Debug (>= 4.3)
      System.Globalization (>= 4.3)
      System.IO (>= 4.3)
      System.Resources.ResourceManager (>= 4.3)
      System.Runtime (>= 4.3)
      System.Threading (>= 4.3)
      System.Threading.Tasks (>= 4.3)
    System.Security.Cryptography.ProtectedData (8.0)
    System.Security.Cryptography.X509Certificates (4.3.2)
      Microsoft.NETCore.Platforms (>= 1.1)
      runtime.native.System (>= 4.3)
      runtime.native.System.Net.Http (>= 4.3)
      runtime.native.System.Security.Cryptography.OpenSsl (>= 4.3.2)
      System.Collections (>= 4.3)
      System.Diagnostics.Debug (>= 4.3)
      System.Globalization (>= 4.3)
      System.Globalization.Calendars (>= 4.3)
      System.IO (>= 4.3)
      System.IO.FileSystem (>= 4.3)
      System.IO.FileSystem.Primitives (>= 4.3)
      System.Resources.ResourceManager (>= 4.3)
      System.Runtime (>= 4.3)
      System.Runtime.Extensions (>= 4.3)
      System.Runtime.Handles (>= 4.3)
      System.Runtime.InteropServices (>= 4.3)
      System.Runtime.Numerics (>= 4.3)
      System.Security.Cryptography.Algorithms (>= 4.3)
      System.Security.Cryptography.Cng (>= 4.3)
      System.Security.Cryptography.Csp (>= 4.3)
      System.Security.Cryptography.Encoding (>= 4.3)
      System.Security.Cryptography.OpenSsl (>= 4.3)
      System.Security.Cryptography.Primitives (>= 4.3)
      System.Text.Encoding (>= 4.3)
      System.Threading (>= 4.3)
    System.Security.Cryptography.Xml (8.0.1)
      System.Security.Cryptography.Pkcs (>= 8.0)
    System.Security.Principal.Windows (5.0)
    System.ServiceModel.Duplex (6.0)
      System.ServiceModel.Primitives (>= 6.0)
    System.ServiceModel.Http (6.2)
      System.ServiceModel.Primitives (>= 6.2)
    System.ServiceModel.NetFramingBase (8.0)
      System.ServiceModel.Primitives (>= 8.0)
    System.ServiceModel.NetTcp (6.2)
      System.ServiceModel.NetFramingBase (>= 6.2)
      System.ServiceModel.Primitives (>= 6.2)
    System.ServiceModel.Primitives (8.0)
      Microsoft.Extensions.ObjectPool (>= 6.0.16)
      System.Security.Cryptography.Xml (>= 6.0.1)
    System.ServiceModel.Security (6.0)
      System.ServiceModel.Primitives (>= 6.0)
    System.Text.Encoding (4.3)
      Microsoft.NETCore.Platforms (>= 1.1)
      Microsoft.NETCore.Targets (>= 1.1)
      System.Runtime (>= 4.3)
    System.Text.Encoding.CodePages (8.0)
    System.Text.Encoding.Extensions (4.3)
      Microsoft.NETCore.Platforms (>= 1.1)
      Microsoft.NETCore.Targets (>= 1.1)
      System.Runtime (>= 4.3)
      System.Text.Encoding (>= 4.3)
    System.Text.Encodings.Web (9.0.1)
    System.Text.Json (9.0.1)
      System.IO.Pipelines (>= 9.0.1)
      System.Text.Encodings.Web (>= 9.0.1)
    System.Text.RegularExpressions (4.3.1)
      System.Runtime (>= 4.3.1)
    System.Threading (4.3)
      System.Runtime (>= 4.3)
      System.Threading.Tasks (>= 4.3)
    System.Threading.Channels (8.0)
    System.Threading.Tasks (4.3)
      Microsoft.NETCore.Platforms (>= 1.1)
      Microsoft.NETCore.Targets (>= 1.1)
      System.Runtime (>= 4.3)
    System.Threading.Tasks.Dataflow (8.0)
    System.Threading.Tasks.Extensions (4.5.4)
    System.Xml.ReaderWriter (4.3.1)
      System.Collections (>= 4.3)
      System.Diagnostics.Debug (>= 4.3)
      System.Globalization (>= 4.3)
      System.IO (>= 4.3)
      System.IO.FileSystem (>= 4.3)
      System.IO.FileSystem.Primitives (>= 4.3)
      System.Resources.ResourceManager (>= 4.3)
      System.Runtime (>= 4.3)
      System.Runtime.Extensions (>= 4.3)
      System.Runtime.InteropServices (>= 4.3)
      System.Text.Encoding (>= 4.3)
      System.Text.Encoding.Extensions (>= 4.3)
      System.Text.RegularExpressions (>= 4.3)
      System.Threading.Tasks (>= 4.3)
      System.Threading.Tasks.Extensions (>= 4.3)
    TimeZoneConverter (6.1)
    Weasel.CommandLine (7.13.5)
      Oakton (>= 6.3)
      Weasel.Core (>= 7.13.5)
    Weasel.Core (7.13.5)
      JasperFx.Core (>= 1.9)
    Weasel.Postgresql (7.13.5)
      Npgsql (>= 8.0.6)
      Npgsql.NetTopologySuite (>= 8.0.6)
      Weasel.Core (>= 7.13.5)
    WolverineFx (2.9)
      FastExpressionCompiler (>= 4.1)
      JasperFx.CodeGeneration.Commands (>= 3.5.2)
      JasperFx.Core (>= 1.5.1)
      JasperFx.RuntimeCompiler (>= 3.5.2)
      Lamar.Microsoft.DependencyInjection (>= 13.0.4)
      Microsoft.Extensions.Caching.Memory (>= 8.0 < 9.0)
      Microsoft.Extensions.Configuration (>= 8.0 < 9.0)
      Microsoft.Extensions.Configuration.Abstractions (>= 8.0 < 9.0)
      Microsoft.Extensions.Configuration.Binder (>= 8.0 < 9.0)
      Microsoft.Extensions.Configuration.Json (>= 8.0 < 9.0)
      Microsoft.Extensions.Hosting (>= 8.0 < 9.0)
      Microsoft.Extensions.ObjectPool (>= 8.0 < 9.0)
      Newtonsoft.Json (>= 13.0.3)
      Oakton (>= 6.1)
      System.ComponentModel (>= 4.3)
      System.Diagnostics.DiagnosticSource (>= 8.0 < 9.0)
      System.Net.NameResolution (>= 4.3)
      System.Threading.Tasks.Dataflow (>= 7.0)
    WolverineFx.AmazonSqs (2.9)
      AWSSDK.SQS (>= 3.7.100.16)
      WolverineFx (>= 2.9)
    WolverineFx.Marten (2.9)
      Marten.CommandLine (>= 7.12)
      WolverineFx.Postgresql (>= 2.9)
    WolverineFx.Postgresql (2.9)
      Npgsql (>= 8.0.2)
      Weasel.Postgresql (>= 7.4)
      WolverineFx.RDBMS (>= 2.9)
    WolverineFx.RDBMS (2.9)
      System.Data.Common (>= 4.3)
      Weasel.CommandLine (>= 7.4)
      Weasel.Core (>= 7.4)
      WolverineFx (>= 2.9)
    xunit.abstractions (2.0.3)
    xunit.analyzers (1.20)
    xunit.core (2.9.3)
      xunit.extensibility.core (2.9.3)
      xunit.extensibility.execution (2.9.3)
    xunit.extensibility.core (2.9.3)
      xunit.abstractions (>= 2.0.3)
    xunit.extensibility.execution (2.9.3)
      xunit.extensibility.core (2.9.3)
    Xunit.OpenCategories (1.2.0.5)
      xunit.core (>= 2.9.2)
    xunit.runner.visualstudio (3.0.2)
    xunit.v3 (1.1)
      xunit.analyzers (>= 1.20)
      xunit.v3.assert (1.1)
      xunit.v3.core (1.1)
    xunit.v3.assert (1.1)
      System.Collections.Immutable (>= 8.0)
      System.Memory (>= 4.6)
    xunit.v3.common (1.1)
      Microsoft.Bcl.AsyncInterfaces (>= 6.0)
    xunit.v3.core (1.1)
      Microsoft.Testing.Platform.MSBuild (>= 1.5.3)
      xunit.v3.extensibility.core (1.1)
      xunit.v3.runner.inproc.console (1.1)
    xunit.v3.extensibility.core (1.1)
      xunit.v3.common (1.1)
    xunit.v3.runner.common (1.1)
      xunit.v3.common (1.1)
    xunit.v3.runner.inproc.console (1.1)
      Microsoft.Testing.Extensions.TrxReport.Abstractions (>= 1.5.3)
      Microsoft.Testing.Platform (>= 1.5.3)
      xunit.v3.extensibility.core (1.1)
      xunit.v3.runner.common (1.1)
    xunit.v3.runner.utility (1.1)
      Mono.Cecil (>= 0.11.6)
      xunit.abstractions (>= 2.0.3)
      xunit.v3.runner.common (1.1)
